{
  "bids_meta": {
    "BaseResolution": 256,
    "ConversionSoftware": "dcm2nii",
    "DeviceSerialNumber": "100875",
    "EchoTime": 0.00339,
    "FlipAngle": 7,
    "InstitutionAddress": "19 Xinjiekouwai Avenue, Haidian Beijing, China",
    "InstitutionName": "Beijing Normal University",
    "InstitutionalDepartmentName": "State Key Laboratory of Cognitive Neuroscience and Learning",
    "InversionTime": 1.1,
    "MRAcquisitionType": "2D",
    "MagneticFieldStrength": 3,
    "Manufacturer": "Siemens",
    "Modality": "MR",
    "ReconMatrixPE": 256,
    "RepetitionTime": 2.53,
    "SliceThickness": 1.33,
    "dataset": "ds002731",
    "modality": "T1w",
    "subject_id": "3459"
  },
  "cjv": 0.3137033761374729,
  "cnr": 4.208313492761554,
  "efc": 0.6241934184203733,
  "fber": 6579.748067934657,
  "fwhm_avg": 4.2383377797700765,
  "fwhm_x": 3.69838333931023,
  "fwhm_y": 4.8657,
  "fwhm_z": 4.15093,
  "icvs_csf": 0.2601828873499822,
  "icvs_gm": 0.4179716516803559,
  "icvs_wm": 0.32184546096966193,
  "inu_med": 0.5391804873943329,
  "inu_range": 0.191636760532856,
  "provenance": {
    "md5sum": "0ee81da6a1a1ce0af6575e09a3ece9ef",
    "settings": {
      "testing": false
    },
    "software": "mriqc",
    "version": "22.0.6",
    "warnings": {
      "large_rot_frame": true,
      "small_air_mask": false
    },
    "webapi_port": null,
    "webapi_url": "https://mriqc.nimh.nih.gov/api/v1"
  },
  "qi_1": 0.0,
  "qi_2": 0.004983187387519794,
  "rpve_csf": 12.853830029037871,
  "rpve_gm": 7.71004437489122,
  "rpve_wm": 11.766828271316333,
  "size_x": 144,
  "size_y": 184,
  "size_z": 200,
  "snr_csf": 1.3198338999114152,
  "snr_gm": 8.599494175975943,
  "snr_total": 12.133497731763027,
  "snr_wm": 26.481165119401723,
  "snrd_csf": 12.960048470497025,
  "snrd_gm": 63.17566380438197,
  "snrd_total": 58.01000609866946,
  "snrd_wm": 97.89430602112937,
  "spacing_x": 1.3300000429153442,
  "spacing_y": 1.0,
  "spacing_z": 1.0,
  "summary_bg_k": 6.139558396964562,
  "summary_bg_mad": 0.0,
  "summary_bg_mean": 4.5639794602263715,
  "summary_bg_median": 0.0,
  "summary_bg_n": 987814.0,
  "summary_bg_p05": 0.0,
  "summary_bg_p95": 18.023562356829643,
  "summary_bg_stdv": 6.692135846869848,
  "summary_csf_k": 0.47737572828603003,
  "summary_csf_mad": 91.31025542290041,
  "summary_csf_mean": 157.4847275792636,
  "summary_csf_median": 132.3852635063231,
  "summary_csf_n": 42248.0,
  "summary_csf_p05": 34.398628156632185,
  "summary_csf_p95": 353.27610916402193,
  "summary_csf_stdv": 100.3033008488885,
  "summary_gm_k": -0.04809453081174775,
  "summary_gm_mad": 75.8963543468719,
  "summary_gm_mean": 644.3295023477308,
  "summary_gm_median": 645.331452190876,
  "summary_gm_n": 21361.0,
  "summary_gm_p05": 519.7599744535983,
  "summary_gm_p95": 766.41901929304,
  "summary_gm_stdv": 75.0411981731135,
  "summary_wm_k": 0.6963587359775736,
  "summary_wm_mad": 35.357468641629886,
  "summary_wm_mean": 999.0477473847043,
  "summary_wm_median": 999.9780114926398,
  "summary_wm_n": 125999.0,
  "summary_wm_p05": 935.2250667326152,
  "summary_wm_p95": 1057.5654912181199,
  "summary_wm_stdv": 37.76170870041961,
  "tpm_overlap_csf": 0.16480382369091318,
  "tpm_overlap_gm": 0.4898361447869991,
  "tpm_overlap_wm": 0.5279690605491969,
  "wm2max": 0.8275579809004093
}