{
  "bids_meta": {
    "BaseResolution": 256,
    "ConversionSoftware": "dcm2nii",
    "DeviceSerialNumber": "100875",
    "EchoTime": 0.00339,
    "FlipAngle": 7,
    "InstitutionAddress": "19 Xinjiekouwai Avenue, Haidian Beijing, China",
    "InstitutionName": "Beijing Normal University",
    "InstitutionalDepartmentName": "State Key Laboratory of Cognitive Neuroscience and Learning",
    "InversionTime": 1.1,
    "MRAcquisitionType": "2D",
    "MagneticFieldStrength": 3,
    "Manufacturer": "Siemens",
    "Modality": "MR",
    "ReconMatrixPE": 256,
    "RepetitionTime": 2.53,
    "SliceThickness": 1.33,
    "dataset": "ds002731",
    "modality": "T1w",
    "subject_id": "3256"
  },
  "cjv": 0.3127203010980574,
  "cnr": 4.1714865826780905,
  "efc": 0.639107807012621,
  "fber": 14034.8447265625,
  "fwhm_avg": 4.034007655985724,
  "fwhm_x": 3.556232967957172,
  "fwhm_y": 4.62242,
  "fwhm_z": 3.92337,
  "icvs_csf": 0.2235357864920757,
  "icvs_gm": 0.4424246194956254,
  "icvs_wm": 0.33403959401229893,
  "inu_med": 0.5417328476905823,
  "inu_range": 0.24618009179830547,
  "provenance": {
    "md5sum": "8e916f477dee3811777544da9f4721f2",
    "settings": {
      "testing": false
    },
    "software": "mriqc",
    "version": "22.0.6",
    "warnings": {
      "large_rot_frame": true,
      "small_air_mask": false
    },
    "webapi_port": null,
    "webapi_url": "https://mriqc.nimh.nih.gov/api/v1"
  },
  "qi_1": 3.0316472056190784e-05,
  "qi_2": 0.005152783896305831,
  "rpve_csf": 13.054783848340822,
  "rpve_gm": 6.815512899083014,
  "rpve_wm": 10.61560159656287,
  "size_x": 144,
  "size_y": 192,
  "size_z": 177,
  "snr_csf": 1.5393520909444816,
  "snr_gm": 8.663501216593643,
  "snr_total": 12.314563214462902,
  "snr_wm": 26.74083633585058,
  "snrd_csf": 13.974783540673108,
  "snrd_gm": 56.03036441209989,
  "snrd_total": 52.10336109964285,
  "snrd_wm": 86.30493534615553,
  "spacing_x": 1.3300000429153442,
  "spacing_y": 1.0,
  "spacing_z": 1.0,
  "summary_bg_k": 44.18620398772132,
  "summary_bg_mad": 0.0,
  "summary_bg_mean": 4.489651527098344,
  "summary_bg_median": 0.0,
  "summary_bg_n": 1105807.0,
  "summary_bg_p05": 0.0,
  "summary_bg_p95": 20.34083036892116,
  "summary_bg_stdv": 7.590949254260079,
  "summary_csf_k": 1.338494196536213,
  "summary_csf_mad": 85.32533797433642,
  "summary_csf_mean": 184.34873794150877,
  "summary_csf_median": 161.92333794385195,
  "summary_csf_n": 23651.0,
  "summary_csf_p05": 49.53236055281013,
  "summary_csf_p95": 396.66053692623973,
  "summary_csf_stdv": 105.18705608583637,
  "summary_gm_k": 0.003183594501039,
  "summary_gm_mad": 74.56396683400386,
  "summary_gm_mean": 647.8990021132992,
  "summary_gm_median": 649.2138933967799,
  "summary_gm_n": 26209.0,
  "summary_gm_p05": 520.4441006917507,
  "summary_gm_p95": 768.0054903298616,
  "summary_gm_stdv": 74.9352359657515,
  "summary_wm_k": 0.7213352143578997,
  "summary_wm_mad": 35.133962695315,
  "summary_wm_mean": 1000.6328196005521,
  "summary_wm_median": 999.9999765008688,
  "summary_wm_n": 127339.0,
  "summary_wm_p05": 940.7562321964651,
  "summary_wm_p95": 1062.485630299896,
  "summary_wm_stdv": 37.39584048183862,
  "tpm_overlap_csf": 0.1598507125898754,
  "tpm_overlap_gm": 0.4804042194935626,
  "tpm_overlap_wm": 0.503849437805643,
  "wm2max": 0.7274981018646597
}