{
  "bids_meta": {
    "BaseResolution": 256,
    "ConversionSoftware": "dcm2nii",
    "DeviceSerialNumber": "100875",
    "EchoTime": 0.00309,
    "FlipAngle": 10,
    "InstitutionAddress": "19 Xinjiekouwai Avenue, Haidian Beijing, China",
    "InstitutionName": "Beijing Normal University",
    "InstitutionalDepartmentName": "State Key Laboratory of Cognitive Neuroscience and Learning",
    "InversionTime": 0.8,
    "MRAcquisitionType": "2D",
    "MagneticFieldStrength": 3,
    "Manufacturer": "Siemens",
    "Modality": "MR",
    "ReconMatrixPE": 256,
    "RepetitionTime": 2.53,
    "SliceThickness": 1.33,
    "dataset": "ds002731",
    "modality": "T1w",
    "subject_id": "5014"
  },
  "cjv": 0.3646693965321847,
  "cnr": 3.712742161771498,
  "efc": 0.6382972058452149,
  "fber": 10470.267348429512,
  "fwhm_avg": 3.9826366666666666,
  "fwhm_x": 4.04415,
  "fwhm_y": 4.0387,
  "fwhm_z": 3.86506,
  "icvs_csf": 0.1976413670011273,
  "icvs_gm": 0.42950663627935376,
  "icvs_wm": 0.3728519967195189,
  "inu_med": 0.49124129116535187,
  "inu_range": 0.21362265497446065,
  "provenance": {
    "md5sum": "ccb9f8bfa35d852bba30ba4ac285b90d",
    "settings": {
      "testing": false
    },
    "software": "mriqc",
    "version": "22.0.6",
    "warnings": {
      "large_rot_frame": true,
      "small_air_mask": false
    },
    "webapi_port": null,
    "webapi_url": "https://mriqc.nimh.nih.gov/api/v1"
  },
  "qi_1": 0.0,
  "qi_2": 0.0049608369107378494,
  "rpve_csf": 17.023528748717833,
  "rpve_gm": 8.317686259852767,
  "rpve_wm": 11.075751376037804,
  "size_x": 208,
  "size_y": 194,
  "size_z": 189,
  "snr_csf": 2.0772384590433495,
  "snr_gm": 10.84752748351605,
  "snr_total": 11.923362617957656,
  "snr_wm": 22.84532191131357,
  "snrd_csf": 18.442564407680674,
  "snrd_gm": 46.06894516971935,
  "snrd_total": 43.24495676498815,
  "snrd_wm": 65.22336071756443,
  "spacing_x": 1.0,
  "spacing_y": 1.0,
  "spacing_z": 1.0,
  "summary_bg_k": 5.331003532359343,
  "summary_bg_mad": 0.0,
  "summary_bg_mean": 6.575505717023559,
  "summary_bg_median": 0.0,
  "summary_bg_n": 1302975.0,
  "summary_bg_p05": 0.0,
  "summary_bg_p95": 27.572341918945312,
  "summary_bg_stdv": 10.044505570812458,
  "summary_csf_k": 0.3622468209409515,
  "summary_csf_mad": 137.1143596467949,
  "summary_csf_mean": 291.3378275224783,
  "summary_csf_median": 282.76011061668396,
  "summary_csf_n": 30717.0,
  "summary_csf_p05": 81.66870234012605,
  "summary_csf_p95": 526.8615001678465,
  "summary_csf_stdv": 136.12087080489647,
  "summary_gm_k": -0.010875247114779718,
  "summary_gm_mad": 65.25706713003515,
  "summary_gm_mean": 706.601079877485,
  "summary_gm_median": 706.3258527517319,
  "summary_gm_n": 38742.0,
  "summary_gm_p05": 598.8008995652199,
  "summary_gm_p95": 813.7071999907494,
  "summary_gm_stdv": 65.11315486430382,
  "summary_wm_k": 0.6498191350426143,
  "summary_wm_mad": 41.836912531980126,
  "summary_wm_mean": 1001.367036015219,
  "summary_wm_median": 1000.0000153779984,
  "summary_wm_n": 229101.0,
  "summary_wm_p05": 932.3975155949593,
  "summary_wm_p95": 1074.8905169963837,
  "summary_wm_stdv": 43.77254287832155,
  "tpm_overlap_csf": 0.16281837935327942,
  "tpm_overlap_gm": 0.4639889252415105,
  "tpm_overlap_wm": 0.5052171447209657,
  "wm2max": 0.5166280255958453
}