{
  "bids_meta": {
    "BaseResolution": 256,
    "ConversionSoftware": "dcm2nii",
    "DeviceSerialNumber": "100875",
    "EchoTime": 0.00339,
    "FlipAngle": 7,
    "InstitutionAddress": "19 Xinjiekouwai Avenue, Haidian Beijing, China",
    "InstitutionName": "Beijing Normal University",
    "InstitutionalDepartmentName": "State Key Laboratory of Cognitive Neuroscience and Learning",
    "InversionTime": 1.1,
    "MRAcquisitionType": "2D",
    "MagneticFieldStrength": 3,
    "Manufacturer": "Siemens",
    "Modality": "MR",
    "ReconMatrixPE": 256,
    "RepetitionTime": 2.53,
    "SliceThickness": 1.33,
    "dataset": "ds002731",
    "modality": "T1w",
    "subject_id": "3376"
  },
  "cjv": 0.31745924496475303,
  "cnr": 4.032366271424105,
  "efc": 0.6330411230738184,
  "fber": 13004.490748076052,
  "fwhm_avg": 3.946737129106674,
  "fwhm_x": 3.6086013873200216,
  "fwhm_y": 4.46589,
  "fwhm_z": 3.76572,
  "icvs_csf": 0.2534823736248299,
  "icvs_gm": 0.4179248759220112,
  "icvs_wm": 0.3285927504531589,
  "inu_med": 0.5451323390007019,
  "inu_range": 0.20561931282281876,
  "provenance": {
    "md5sum": "0f97cf5aefbde6549fff1cb59817cd9d",
    "settings": {
      "testing": false
    },
    "software": "mriqc",
    "version": "22.0.6",
    "warnings": {
      "large_rot_frame": true,
      "small_air_mask": false
    },
    "webapi_port": null,
    "webapi_url": "https://mriqc.nimh.nih.gov/api/v1"
  },
  "qi_1": 0.0,
  "qi_2": 0.005983433331271447,
  "rpve_csf": 12.897460039190005,
  "rpve_gm": 7.587917830462469,
  "rpve_wm": 11.597058420186507,
  "size_x": 144,
  "size_y": 178,
  "size_z": 200,
  "snr_csf": 1.4991463158333975,
  "snr_gm": 8.81832995094295,
  "snr_total": 12.85609585451474,
  "snr_wm": 28.250811296767868,
  "snrd_csf": 17.096751905061268,
  "snrd_gm": 66.22060345815473,
  "snrd_total": 61.034826593292166,
  "snrd_wm": 99.78712441666052,
  "spacing_x": 1.3300000429153442,
  "spacing_y": 1.0,
  "spacing_z": 1.0,
  "summary_bg_k": 81.73938388439208,
  "summary_bg_mad": 0.0,
  "summary_bg_mean": 3.562872414829316,
  "summary_bg_median": 0.0,
  "summary_bg_n": 859730.0,
  "summary_bg_p05": 0.0,
  "summary_bg_p95": 17.393747041001916,
  "summary_bg_stdv": 6.565339853023324,
  "summary_csf_k": -0.27770804483468803,
  "summary_csf_mad": 114.51238773005994,
  "summary_csf_mean": 195.6735740058339,
  "summary_csf_median": 171.33223957568407,
  "summary_csf_n": 29880.0,
  "summary_csf_p05": 43.29152943780646,
  "summary_csf_p95": 406.69696642272174,
  "summary_csf_stdv": 114.28462368004676,
  "summary_gm_k": 0.19002947347137367,
  "summary_gm_mad": 73.8423135164077,
  "summary_gm_mean": 662.8765472627754,
  "summary_gm_median": 663.6187013499439,
  "summary_gm_n": 16597.0,
  "summary_gm_p05": 536.2126969594508,
  "summary_gm_p95": 784.894750836119,
  "summary_gm_stdv": 75.25219770776425,
  "summary_wm_k": 0.6833136408744735,
  "summary_wm_mad": 32.94503218424344,
  "summary_wm_mean": 1000.7171670918178,
  "summary_wm_median": 999.9999767243862,
  "summary_wm_n": 122687.0,
  "summary_wm_p05": 944.2429285738617,
  "summary_wm_p95": 1059.9969103503972,
  "summary_wm_stdv": 35.39706845230217,
  "tpm_overlap_csf": 0.1479295763311432,
  "tpm_overlap_gm": 0.44892926134012856,
  "tpm_overlap_wm": 0.4796515668708229,
  "wm2max": 0.73330711168549
}