{
  "bids_meta": {
    "BaseResolution": 256,
    "ConversionSoftware": "dcm2nii",
    "DeviceSerialNumber": "100875",
    "EchoTime": 0.00339,
    "FlipAngle": 7,
    "InstitutionAddress": "19 Xinjiekouwai Avenue, Haidian Beijing, China",
    "InstitutionName": "Beijing Normal University",
    "InstitutionalDepartmentName": "State Key Laboratory of Cognitive Neuroscience and Learning",
    "InversionTime": 1.1,
    "MRAcquisitionType": "2D",
    "MagneticFieldStrength": 3,
    "Manufacturer": "Siemens",
    "Modality": "MR",
    "ReconMatrixPE": 256,
    "RepetitionTime": 2.53,
    "SliceThickness": 1.33,
    "dataset": "ds002731",
    "modality": "T1w",
    "subject_id": "3201"
  },
  "cjv": 0.29423127815374295,
  "cnr": 4.537660911428392,
  "efc": 0.599841085976608,
  "fber": 15066.804793476605,
  "fwhm_avg": 4.063963119961559,
  "fwhm_x": 3.5267893598846767,
  "fwhm_y": 4.75382,
  "fwhm_z": 3.91128,
  "icvs_csf": 0.2223987845322482,
  "icvs_gm": 0.45288143715746143,
  "icvs_wm": 0.32471977831029036,
  "inu_med": 0.5870171785354614,
  "inu_range": 0.23293213099241256,
  "provenance": {
    "md5sum": "14df3d22317a10aaf6ab47041569f2b3",
    "settings": {
      "testing": false
    },
    "software": "mriqc",
    "version": "22.0.6",
    "warnings": {
      "large_rot_frame": true,
      "small_air_mask": false
    },
    "webapi_port": null,
    "webapi_url": "https://mriqc.nimh.nih.gov/api/v1"
  },
  "qi_1": 0.0,
  "qi_2": 0.0064645621575057585,
  "rpve_csf": 16.53561864371457,
  "rpve_gm": 8.561037864916926,
  "rpve_wm": 13.96193803892314,
  "size_x": 144,
  "size_y": 223,
  "size_z": 200,
  "snr_csf": 1.4203060671399301,
  "snr_gm": 9.037071906844293,
  "snr_total": 12.038116432261958,
  "snr_wm": 25.656971322801656,
  "snrd_csf": 13.988681845848479,
  "snrd_gm": 54.54170670462901,
  "snrd_total": 51.51322153271253,
  "snrd_wm": 86.00927604766011,
  "spacing_x": 1.3300000429153442,
  "spacing_y": 1.0,
  "spacing_z": 1.0,
  "summary_bg_k": 7.516535312262928,
  "summary_bg_mad": 0.0,
  "summary_bg_mean": 4.595835078899164,
  "summary_bg_median": 0.0,
  "summary_bg_n": 1413497.0,
  "summary_bg_p05": 0.0,
  "summary_bg_p95": 20.31561830639839,
  "summary_bg_stdv": 7.617043787409935,
  "summary_csf_k": 0.8800117722121326,
  "summary_csf_mad": 103.96003567264327,
  "summary_csf_mean": 189.18603206411672,
  "summary_csf_median": 162.6415539542213,
  "summary_csf_n": 18660.0,
  "summary_csf_p05": 43.81721272347495,
  "summary_csf_p95": 407.2465217911638,
  "summary_csf_stdv": 114.50855532617815,
  "summary_gm_k": -0.03022422896924004,
  "summary_gm_mad": 70.76658747561304,
  "summary_gm_mean": 633.7824091553044,
  "summary_gm_median": 634.1375142782927,
  "summary_gm_n": 29368.0,
  "summary_gm_p05": 518.9293012805283,
  "summary_gm_p95": 749.2939017191529,
  "summary_gm_stdv": 70.16948900266406,
  "summary_wm_k": 0.6072177684192677,
  "summary_wm_mad": 36.88160910781136,
  "summary_wm_mean": 999.7344083290039,
  "summary_wm_median": 1000.000033242628,
  "summary_wm_n": 122143.0,
  "summary_wm_p05": 935.4772148970515,
  "summary_wm_p95": 1062.5016548689455,
  "summary_wm_stdv": 38.97560343698639,
  "tpm_overlap_csf": 0.15488004183864587,
  "tpm_overlap_gm": 0.49177595173428307,
  "tpm_overlap_wm": 0.5039722546436234,
  "wm2max": 0.7678578534760635
}