{
  "bids_meta": {
    "BaseResolution": 256,
    "ConversionSoftware": "dcm2nii",
    "DeviceSerialNumber": "100875",
    "EchoTime": 0.00339,
    "FlipAngle": 7,
    "InstitutionAddress": "19 Xinjiekouwai Avenue, Haidian Beijing, China",
    "InstitutionName": "Beijing Normal University",
    "InstitutionalDepartmentName": "State Key Laboratory of Cognitive Neuroscience and Learning",
    "InversionTime": 1.1,
    "MRAcquisitionType": "2D",
    "MagneticFieldStrength": 3,
    "Manufacturer": "Siemens",
    "Modality": "MR",
    "ReconMatrixPE": 256,
    "RepetitionTime": 2.53,
    "SliceThickness": 1.33,
    "dataset": "ds002731",
    "modality": "T1w",
    "subject_id": "3302"
  },
  "cjv": 0.34508844741078665,
  "cnr": 3.920939928431955,
  "efc": 0.5933984345621834,
  "fber": 8861.271775451103,
  "fwhm_avg": 4.195878683164934,
  "fwhm_x": 3.5924660494947993,
  "fwhm_y": 4.9828,
  "fwhm_z": 4.01237,
  "icvs_csf": 0.2336697097247934,
  "icvs_gm": 0.425181985021864,
  "icvs_wm": 0.3411483052533426,
  "inu_med": 0.6361984014511108,
  "inu_range": 0.2693601012229919,
  "provenance": {
    "md5sum": "87779beddb82a6a1d58922353f42be56",
    "settings": {
      "testing": false
    },
    "software": "mriqc",
    "version": "22.0.6",
    "warnings": {
      "large_rot_frame": true,
      "small_air_mask": false
    },
    "webapi_port": null,
    "webapi_url": "https://mriqc.nimh.nih.gov/api/v1"
  },
  "qi_1": 3.830147198028459e-06,
  "qi_2": 0.003888997350645334,
  "rpve_csf": 17.84624607685357,
  "rpve_gm": 9.726267730287919,
  "rpve_wm": 14.094318498383407,
  "size_x": 144,
  "size_y": 234,
  "size_z": 200,
  "snr_csf": 1.4179259358045349,
  "snr_gm": 8.453418242518401,
  "snr_total": 10.487298245228999,
  "snr_wm": 21.59055055736406,
  "snrd_csf": 7.626205087929204,
  "snrd_gm": 33.72858974917307,
  "snrd_total": 31.184960239122034,
  "snrd_wm": 52.20008588026383,
  "spacing_x": 1.3300000429153442,
  "spacing_y": 1.0,
  "spacing_z": 1.0,
  "summary_bg_k": 35.37180255001666,
  "summary_bg_mad": 0.0,
  "summary_bg_mean": 7.268478532497624,
  "summary_bg_median": 0.0,
  "summary_bg_n": 1657018.0,
  "summary_bg_p05": 0.0,
  "summary_bg_p95": 31.462153486907482,
  "summary_bg_stdv": 12.550485410744171,
  "summary_csf_k": 0.840617881345012,
  "summary_csf_mad": 90.18790523602641,
  "summary_csf_mean": 168.08308939396048,
  "summary_csf_median": 146.09564618207514,
  "summary_csf_n": 31975.0,
  "summary_csf_p05": 38.173282044380905,
  "summary_csf_p95": 377.12714398279786,
  "summary_csf_stdv": 103.03314012805555,
  "summary_gm_k": -0.10423471324621802,
  "summary_gm_mad": 78.03869872930505,
  "summary_gm_mean": 645.8126634484659,
  "summary_gm_median": 646.1405190918595,
  "summary_gm_n": 21125.0,
  "summary_gm_p05": 520.5909750442952,
  "summary_gm_p95": 771.9472632534802,
  "summary_gm_stdv": 76.43360438435556,
  "summary_wm_k": 0.5653788985058492,
  "summary_wm_mad": 44.07412871416433,
  "summary_wm_mean": 999.9895312387054,
  "summary_wm_median": 1000.0000248495489,
  "summary_wm_n": 127678.0,
  "summary_wm_p05": 924.4549680929631,
  "summary_wm_p95": 1075.7888235746882,
  "summary_wm_stdv": 46.31637836577838,
  "tpm_overlap_csf": 0.16725318586410243,
  "tpm_overlap_gm": 0.48088439903195696,
  "tpm_overlap_wm": 0.5214160452130638,
  "wm2max": 0.6693022138596421
}