{
  "bids_meta": {
    "BaseResolution": 256,
    "ConversionSoftware": "dcm2nii",
    "DeviceSerialNumber": "100875",
    "EchoTime": 0.00339,
    "FlipAngle": 7,
    "InstitutionAddress": "19 Xinjiekouwai Avenue, Haidian Beijing, China",
    "InstitutionName": "Beijing Normal University",
    "InstitutionalDepartmentName": "State Key Laboratory of Cognitive Neuroscience and Learning",
    "InversionTime": 1.1,
    "MRAcquisitionType": "2D",
    "MagneticFieldStrength": 3,
    "Manufacturer": "Siemens",
    "Modality": "MR",
    "ReconMatrixPE": 256,
    "RepetitionTime": 2.53,
    "SliceThickness": 1.33,
    "dataset": "ds002731",
    "modality": "T1w",
    "subject_id": "3372"
  },
  "cjv": 0.28177854647307227,
  "cnr": 4.619553042779502,
  "efc": 0.6243864903998233,
  "fber": 12533.284585975596,
  "fwhm_avg": 3.9004568557012225,
  "fwhm_x": 3.3962705671036684,
  "fwhm_y": 4.52902,
  "fwhm_z": 3.77608,
  "icvs_csf": 0.22919552623551115,
  "icvs_gm": 0.4424972734813271,
  "icvs_wm": 0.32830720028316174,
  "inu_med": 0.4962215721607208,
  "inu_range": 0.16796182096004486,
  "provenance": {
    "md5sum": "976616a1ebb6b2d7c068bba730951237",
    "settings": {
      "testing": false
    },
    "software": "mriqc",
    "version": "22.0.6",
    "warnings": {
      "large_rot_frame": true,
      "small_air_mask": false
    },
    "webapi_port": null,
    "webapi_url": "https://mriqc.nimh.nih.gov/api/v1"
  },
  "qi_1": 5.317827561084745e-06,
  "qi_2": 0.005457402299003533,
  "rpve_csf": 15.157987787722327,
  "rpve_gm": 8.050755770728479,
  "rpve_wm": 12.54256528813474,
  "size_x": 144,
  "size_y": 210,
  "size_z": 200,
  "snr_csf": 1.4543317729953882,
  "snr_gm": 8.109609696949496,
  "snr_total": 12.248409752096357,
  "snr_wm": 27.181287786344186,
  "snrd_csf": 16.50183466658577,
  "snrd_gm": 84.76540928397293,
  "snrd_total": 80.06174747855374,
  "snrd_wm": 138.91799848510252,
  "spacing_x": 1.3300000429153442,
  "spacing_y": 1.0,
  "spacing_z": 1.0,
  "summary_bg_k": 442.6117641051753,
  "summary_bg_mad": 4.715894317092889,
  "summary_bg_mean": 5.267788017098455,
  "summary_bg_median": 3.180822379887104,
  "summary_bg_n": 1162679.0,
  "summary_bg_p05": 0.0,
  "summary_bg_p95": 20.622682847082615,
  "summary_bg_stdv": 10.29576613528546,
  "summary_csf_k": 5.1426104519352815,
  "summary_csf_mad": 55.497643718371286,
  "summary_csf_mean": 136.2658091217486,
  "summary_csf_median": 118.78581059724092,
  "summary_csf_n": 38399.0,
  "summary_csf_p05": 41.13793394491076,
  "summary_csf_p95": 305.14829798042774,
  "summary_csf_stdv": 81.67618012772782,
  "summary_gm_k": 0.08252148529573988,
  "summary_gm_mad": 73.14320854722878,
  "summary_gm_mean": 615.2720300319281,
  "summary_gm_median": 610.1702056676149,
  "summary_gm_n": 32032.0,
  "summary_gm_p05": 498.8740731973201,
  "summary_gm_p95": 746.5758763950317,
  "summary_gm_stdv": 75.23921668359921,
  "summary_wm_k": 0.22071802260132278,
  "summary_wm_mad": 36.69652862638506,
  "summary_wm_mean": 998.2986900532902,
  "summary_wm_median": 999.9789350703359,
  "summary_wm_n": 132612.0,
  "summary_wm_p05": 935.47775541991,
  "summary_wm_p95": 1055.2325582653284,
  "summary_wm_stdv": 36.78910184848504,
  "tpm_overlap_csf": 0.16866371160795168,
  "tpm_overlap_gm": 0.47604739705490146,
  "tpm_overlap_wm": 0.486503514728338,
  "wm2max": 0.90048750023249
}