{
  "bids_meta": {
    "BaseResolution": 256,
    "ConversionSoftware": "dcm2nii",
    "DeviceSerialNumber": "100875",
    "EchoTime": 0.00309,
    "FlipAngle": 10,
    "InstitutionAddress": "19 Xinjiekouwai Avenue, Haidian Beijing, China",
    "InstitutionName": "Beijing Normal University",
    "InstitutionalDepartmentName": "State Key Laboratory of Cognitive Neuroscience and Learning",
    "InversionTime": 0.8,
    "MRAcquisitionType": "2D",
    "MagneticFieldStrength": 3,
    "Manufacturer": "Siemens",
    "Modality": "MR",
    "ReconMatrixPE": 256,
    "RepetitionTime": 2.53,
    "SliceThickness": 1.33,
    "dataset": "ds002731",
    "modality": "T1w",
    "subject_id": "5013"
  },
  "cjv": 0.3610325402343953,
  "cnr": 3.7459611576535448,
  "efc": 0.6366177007378664,
  "fber": 10705.573621227886,
  "fwhm_avg": 4.13571,
  "fwhm_x": 4.17163,
  "fwhm_y": 4.22463,
  "fwhm_z": 4.01087,
  "icvs_csf": 0.22549244287653905,
  "icvs_gm": 0.41825266568602637,
  "icvs_wm": 0.35625489143743455,
  "inu_med": 0.5825120806694031,
  "inu_range": 0.2771117568016052,
  "provenance": {
    "md5sum": "03f2bb111e4c2476670147965efef6b4",
    "settings": {
      "testing": false
    },
    "software": "mriqc",
    "version": "22.0.6",
    "warnings": {
      "large_rot_frame": true,
      "small_air_mask": false
    },
    "webapi_port": null,
    "webapi_url": "https://mriqc.nimh.nih.gov/api/v1"
  },
  "qi_1": 0.0,
  "qi_2": 0.004594229840035406,
  "rpve_csf": 13.6738674351585,
  "rpve_gm": 7.285594464604052,
  "rpve_wm": 9.977469502304542,
  "size_x": 208,
  "size_y": 189,
  "size_z": 168,
  "snr_csf": 1.9236893941520912,
  "snr_gm": 10.139054766848503,
  "snr_total": 11.162650874329676,
  "snr_wm": 21.425208461988436,
  "snrd_csf": 13.007069666675545,
  "snrd_gm": 35.593769286227634,
  "snrd_total": 33.447883378922974,
  "snrd_wm": 51.74281118386575,
  "spacing_x": 1.0,
  "spacing_y": 1.0,
  "spacing_z": 1.0,
  "summary_bg_k": 6.73510158749794,
  "summary_bg_mad": 0.0,
  "summary_bg_mean": 8.449422697741284,
  "summary_bg_median": 0.0,
  "summary_bg_n": 1393723.0,
  "summary_bg_p05": 0.0,
  "summary_bg_p95": 34.37665602564812,
  "summary_bg_stdv": 12.661846561546668,
  "summary_csf_k": 4.1370580571799715,
  "summary_csf_mad": 128.8854487125109,
  "summary_csf_mean": 257.67926417473427,
  "summary_csf_median": 251.38813892006874,
  "summary_csf_n": 38683.0,
  "summary_csf_p05": 58.46507209464908,
  "summary_csf_p95": 480.45620827451353,
  "summary_csf_stdv": 130.67852342854115,
  "summary_gm_k": 0.03766207757734241,
  "summary_gm_mad": 67.79857005096689,
  "summary_gm_mean": 685.9893961736398,
  "summary_gm_median": 687.9221567437053,
  "summary_gm_n": 26971.0,
  "summary_gm_p05": 571.7948418669403,
  "summary_gm_p95": 793.5101264603436,
  "summary_gm_stdv": 67.84748869074822,
  "summary_wm_k": 0.4218343349643008,
  "summary_wm_mad": 44.8844361667654,
  "summary_wm_mean": 1000.8747327133826,
  "summary_wm_median": 1000.0353145897388,
  "summary_wm_n": 188916.0,
  "summary_wm_p05": 926.2952653989196,
  "summary_wm_p95": 1078.7267339900136,
  "summary_wm_stdv": 46.67551634739199,
  "tpm_overlap_csf": 0.15279579525094614,
  "tpm_overlap_gm": 0.4642119402094512,
  "tpm_overlap_wm": 0.503166821379885,
  "wm2max": 0.522692727115009
}