{
  "bids_meta": {
    "BaseResolution": 256,
    "ConversionSoftware": "dcm2nii",
    "DeviceSerialNumber": "100875",
    "EchoTime": 0.00309,
    "FlipAngle": 10,
    "InstitutionAddress": "19 Xinjiekouwai Avenue, Haidian Beijing, China",
    "InstitutionName": "Beijing Normal University",
    "InstitutionalDepartmentName": "State Key Laboratory of Cognitive Neuroscience and Learning",
    "InversionTime": 0.8,
    "MRAcquisitionType": "2D",
    "MagneticFieldStrength": 3,
    "Manufacturer": "Siemens",
    "Modality": "MR",
    "ReconMatrixPE": 256,
    "RepetitionTime": 2.53,
    "SliceThickness": 1.33,
    "dataset": "ds002731",
    "modality": "T1w",
    "subject_id": "5036"
  },
  "cjv": 0.34804329429249786,
  "cnr": 3.8857003606314757,
  "efc": 0.6362267187498744,
  "fber": 11151.780302467761,
  "fwhm_avg": 4.042903333333333,
  "fwhm_x": 4.17105,
  "fwhm_y": 4.12672,
  "fwhm_z": 3.83094,
  "icvs_csf": 0.22274563382948542,
  "icvs_gm": 0.4363232032404401,
  "icvs_wm": 0.34093116293007447,
  "inu_med": 0.5452623963356018,
  "inu_range": 0.23229565769433974,
  "provenance": {
    "md5sum": "37e4d87642835da1ef6ac3c265a08965",
    "settings": {
      "testing": false
    },
    "software": "mriqc",
    "version": "22.0.6",
    "warnings": {
      "large_rot_frame": true,
      "small_air_mask": false
    },
    "webapi_port": null,
    "webapi_url": "https://mriqc.nimh.nih.gov/api/v1"
  },
  "qi_1": 0.0,
  "qi_2": 0.004730355820415748,
  "rpve_csf": 18.03653205567993,
  "rpve_gm": 9.492058385099122,
  "rpve_wm": 13.881762276225713,
  "size_x": 208,
  "size_y": 202,
  "size_z": 192,
  "snr_csf": 2.03525792392153,
  "snr_gm": 10.653668786357011,
  "snr_total": 11.862537574686359,
  "snr_wm": 22.898686013780537,
  "snrd_csf": 16.362440629867784,
  "snrd_gm": 44.9631861232915,
  "snrd_total": 42.06799876236665,
  "snrd_wm": 64.87836953394066,
  "spacing_x": 1.0,
  "spacing_y": 1.0,
  "spacing_z": 1.0,
  "summary_bg_k": 5.532465129444569,
  "summary_bg_mad": 0.0,
  "summary_bg_mean": 6.849604771464447,
  "summary_bg_median": 0.0,
  "summary_bg_n": 1288198.0,
  "summary_bg_p05": 0.0,
  "summary_bg_p95": 27.65045900642872,
  "summary_bg_stdv": 10.098219343748388,
  "summary_csf_k": 5.584227687935259,
  "summary_csf_mad": 121.9179463392771,
  "summary_csf_mean": 255.0931180145375,
  "summary_csf_median": 252.20933301746845,
  "summary_csf_n": 32337.0,
  "summary_csf_p05": 68.92543454170227,
  "summary_csf_p95": 466.1394065350293,
  "summary_csf_stdv": 123.91816797316748,
  "summary_gm_k": 0.08844713659595449,
  "summary_gm_mad": 64.93407560948019,
  "summary_gm_mean": 691.8677327114389,
  "summary_gm_median": 693.0589047819376,
  "summary_gm_n": 31080.0,
  "summary_gm_p05": 582.696726039052,
  "summary_gm_p95": 796.324232237041,
  "summary_gm_stdv": 65.05249684348001,
  "summary_wm_k": 0.42260939808019904,
  "summary_wm_mad": 41.90513018983896,
  "summary_wm_mean": 1000.5335495754524,
  "summary_wm_median": 1000.0299269258976,
  "summary_wm_n": 172136.0,
  "summary_wm_p05": 930.1398718208075,
  "summary_wm_p95": 1072.7359551042318,
  "summary_wm_stdv": 43.67180813575544,
  "tpm_overlap_csf": 0.14674589037182834,
  "tpm_overlap_gm": 0.4580971666679184,
  "tpm_overlap_wm": 0.4946396940140758,
  "wm2max": 0.6446517196763416
}