{
  "bids_meta": {
    "BaseResolution": 256,
    "ConversionSoftware": "dcm2nii",
    "DeviceSerialNumber": "100875",
    "EchoTime": 0.00339,
    "FlipAngle": 7,
    "InstitutionAddress": "19 Xinjiekouwai Avenue, Haidian Beijing, China",
    "InstitutionName": "Beijing Normal University",
    "InstitutionalDepartmentName": "State Key Laboratory of Cognitive Neuroscience and Learning",
    "InversionTime": 1.1,
    "MRAcquisitionType": "2D",
    "MagneticFieldStrength": 3,
    "Manufacturer": "Siemens",
    "Modality": "MR",
    "ReconMatrixPE": 256,
    "RepetitionTime": 2.53,
    "SliceThickness": 1.33,
    "dataset": "ds002731",
    "modality": "T1w",
    "subject_id": "3413"
  },
  "cjv": 0.2877009073070736,
  "cnr": 4.54485478657707,
  "efc": 0.6451731958216276,
  "fber": 6173.985467036596,
  "fwhm_avg": 4.015587055382453,
  "fwhm_x": 3.472511166147359,
  "fwhm_y": 4.64874,
  "fwhm_z": 3.92551,
  "icvs_csf": 0.21805485896981996,
  "icvs_gm": 0.45232108366097434,
  "icvs_wm": 0.3296240573692057,
  "inu_med": 0.553058922290802,
  "inu_range": 0.2452339351177215,
  "provenance": {
    "md5sum": "9c5afcfaf00428188dffd685c1183048",
    "settings": {
      "testing": false
    },
    "software": "mriqc",
    "version": "22.0.6",
    "warnings": {
      "large_rot_frame": true,
      "small_air_mask": false
    },
    "webapi_port": null,
    "webapi_url": "https://mriqc.nimh.nih.gov/api/v1"
  },
  "qi_1": 0.0010512551879398714,
  "qi_2": 0.003308898108363834,
  "rpve_csf": 15.343026253316983,
  "rpve_gm": 7.724309148274334,
  "rpve_wm": 12.133072589442289,
  "size_x": 144,
  "size_y": 185,
  "size_z": 200,
  "snr_csf": 1.5578932439499644,
  "snr_gm": 9.494374188466036,
  "snr_total": 12.223979323242668,
  "snr_wm": 25.619670537312004,
  "snrd_csf": 19.711438037751364,
  "snrd_gm": 68.00662732233427,
  "snrd_total": 64.62848636631622,
  "snrd_wm": 106.16739373886303,
  "spacing_x": 1.3300000429153442,
  "spacing_y": 1.0,
  "spacing_z": 1.0,
  "summary_bg_k": 745.038368000941,
  "summary_bg_mad": 6.170787162268959,
  "summary_bg_mean": 6.454103823346844,
  "summary_bg_median": 4.162132691591978,
  "summary_bg_n": 976208.0,
  "summary_bg_p05": 0.0,
  "summary_bg_p95": 22.660500209778547,
  "summary_bg_stdv": 13.40087662549117,
  "summary_csf_k": 0.03165045195089178,
  "summary_csf_mad": 115.9946658737616,
  "summary_csf_mean": 212.75007875953787,
  "summary_csf_median": 185.6637622229755,
  "summary_csf_n": 20903.0,
  "summary_csf_p05": 53.99891106411815,
  "summary_csf_p95": 431.40913400575494,
  "summary_csf_stdv": 119.17332706303057,
  "summary_gm_k": 0.08093383051517744,
  "summary_gm_mad": 67.15268382469161,
  "summary_gm_mean": 640.8869881885313,
  "summary_gm_median": 640.5603822804987,
  "summary_gm_n": 26022.0,
  "summary_gm_p05": 529.8150085061789,
  "summary_gm_p95": 751.7124481054022,
  "summary_gm_stdv": 67.46606583991799,
  "summary_wm_k": 0.949150549027781,
  "summary_wm_mad": 36.258416071109764,
  "summary_wm_mean": 999.7527134459991,
  "summary_wm_median": 999.9999852478504,
  "summary_wm_n": 115314.0,
  "summary_wm_p05": 935.5549372322857,
  "summary_wm_p95": 1062.2687547318637,
  "summary_wm_stdv": 39.032338366536834,
  "tpm_overlap_csf": 0.16645106705608945,
  "tpm_overlap_gm": 0.49643183231616045,
  "tpm_overlap_wm": 0.5163756900705551,
  "wm2max": 0.6937157888873758
}