{
  "bids_meta": {
    "BaseResolution": 256,
    "ConversionSoftware": "dcm2nii",
    "DeviceSerialNumber": "100875",
    "EchoTime": 0.00309,
    "FlipAngle": 10,
    "InstitutionAddress": "19 Xinjiekouwai Avenue, Haidian Beijing, China",
    "InstitutionName": "Beijing Normal University",
    "InstitutionalDepartmentName": "State Key Laboratory of Cognitive Neuroscience and Learning",
    "InversionTime": 0.8,
    "MRAcquisitionType": "2D",
    "MagneticFieldStrength": 3,
    "Manufacturer": "Siemens",
    "Modality": "MR",
    "ReconMatrixPE": 256,
    "RepetitionTime": 2.53,
    "SliceThickness": 1.33,
    "dataset": "ds002731",
    "modality": "T1w",
    "subject_id": "5004"
  },
  "cjv": 0.32996939619179555,
  "cnr": 4.05083530605273,
  "efc": 0.6248155265967089,
  "fber": 13377.349832342632,
  "fwhm_avg": 4.155043333333334,
  "fwhm_x": 4.13276,
  "fwhm_y": 4.38457,
  "fwhm_z": 3.9478,
  "icvs_csf": 0.19632014597046066,
  "icvs_gm": 0.453665828355721,
  "icvs_wm": 0.3500140256738184,
  "inu_med": 0.515663743019104,
  "inu_range": 0.25195613503456116,
  "provenance": {
    "md5sum": "61bda4fd0d9e133127fe379820f8cc8a",
    "settings": {
      "testing": false
    },
    "software": "mriqc",
    "version": "22.0.6",
    "warnings": {
      "large_rot_frame": true,
      "small_air_mask": false
    },
    "webapi_port": null,
    "webapi_url": "https://mriqc.nimh.nih.gov/api/v1"
  },
  "qi_1": 0.0,
  "qi_2": 0.004937602848121563,
  "rpve_csf": 16.450504214294487,
  "rpve_gm": 7.62154903072359,
  "rpve_wm": 11.142994641197586,
  "size_x": 208,
  "size_y": 208,
  "size_z": 169,
  "snr_csf": 2.115835165247033,
  "snr_gm": 11.356757752794087,
  "snr_total": 12.130010292277104,
  "snr_wm": 22.917437958790188,
  "snrd_csf": 17.439808491742163,
  "snrd_gm": 43.07395634149193,
  "snrd_total": 40.88671182944733,
  "snrd_wm": 62.14637065510787,
  "spacing_x": 1.0,
  "spacing_y": 1.0,
  "spacing_z": 1.0,
  "summary_bg_k": 6.029279056538215,
  "summary_bg_mad": 0.0,
  "summary_bg_mean": 6.903095884993482,
  "summary_bg_median": 0.0,
  "summary_bg_n": 1596777.0,
  "summary_bg_p05": 0.0,
  "summary_bg_p95": 28.466548692435026,
  "summary_bg_stdv": 10.54220802703792,
  "summary_csf_k": 0.8421554876316959,
  "summary_csf_mad": 132.00265718981686,
  "summary_csf_mean": 283.49308151464766,
  "summary_csf_median": 280.63482516258955,
  "summary_csf_n": 23844.0,
  "summary_csf_p05": 77.59563712161035,
  "summary_csf_p95": 510.11443459968996,
  "summary_csf_stdv": 132.63270452261295,
  "summary_gm_k": 0.10821992688229898,
  "summary_gm_mad": 59.972104559965295,
  "summary_gm_mean": 692.135476570991,
  "summary_gm_median": 693.1298708170652,
  "summary_gm_n": 42333.0,
  "summary_gm_p05": 589.8657560028136,
  "summary_gm_p95": 790.6574902310967,
  "summary_gm_stdv": 61.03165174589122,
  "summary_wm_k": 0.5642283416854519,
  "summary_wm_mad": 41.29751684111489,
  "summary_wm_mean": 1001.2267216613567,
  "summary_wm_median": 1000.035973533988,
  "summary_wm_n": 194838.0,
  "summary_wm_p05": 931.9105921499431,
  "summary_wm_p95": 1074.5312400236726,
  "summary_wm_stdv": 43.636352763433315,
  "tpm_overlap_csf": 0.15653623108392975,
  "tpm_overlap_gm": 0.48069392850751136,
  "tpm_overlap_wm": 0.5153435311685532,
  "wm2max": 0.5209482333939117
}