{
  "bids_meta": {
    "BaseResolution": 256,
    "ConversionSoftware": "dcm2nii",
    "DeviceSerialNumber": "100875",
    "EchoTime": 0.00339,
    "FlipAngle": 7,
    "InstitutionAddress": "19 Xinjiekouwai Avenue, Haidian Beijing, China",
    "InstitutionName": "Beijing Normal University",
    "InstitutionalDepartmentName": "State Key Laboratory of Cognitive Neuroscience and Learning",
    "InversionTime": 1.1,
    "MRAcquisitionType": "2D",
    "MagneticFieldStrength": 3,
    "Manufacturer": "Siemens",
    "Modality": "MR",
    "ReconMatrixPE": 256,
    "RepetitionTime": 2.53,
    "SliceThickness": 1.33,
    "dataset": "ds002731",
    "modality": "T1w",
    "subject_id": "3656"
  },
  "cjv": 0.3073592484848256,
  "cnr": 4.358409293257064,
  "efc": 0.6766785172280603,
  "fber": 6693.117508734211,
  "fwhm_avg": 4.299906877149632,
  "fwhm_x": 3.7323006314488976,
  "fwhm_y": 4.90243,
  "fwhm_z": 4.26499,
  "icvs_csf": 0.2178246891641886,
  "icvs_gm": 0.43211482785063104,
  "icvs_wm": 0.35006048298518033,
  "inu_med": 0.622668981552124,
  "inu_range": 0.3349958956241607,
  "provenance": {
    "md5sum": "30d8f2d452e97d55450661541db03750",
    "settings": {
      "testing": false
    },
    "software": "mriqc",
    "version": "22.0.6",
    "warnings": {
      "large_rot_frame": true,
      "small_air_mask": false
    },
    "webapi_port": null,
    "webapi_url": "https://mriqc.nimh.nih.gov/api/v1"
  },
  "qi_1": 0.0,
  "qi_2": 0.005927755580397775,
  "rpve_csf": 13.661281382574277,
  "rpve_gm": 7.0573174539453145,
  "rpve_wm": 10.27401727496731,
  "size_x": 144,
  "size_y": 203,
  "size_z": 200,
  "snr_csf": 1.6488344061496265,
  "snr_gm": 9.596194462837918,
  "snr_total": 11.12097157698816,
  "snr_wm": 22.11788586197693,
  "snrd_csf": 15.469866544379498,
  "snrd_gm": 59.2493374945259,
  "snrd_total": 55.56257093017081,
  "snrd_wm": 91.96850875160702,
  "spacing_x": 1.3300000429153442,
  "spacing_y": 1.0,
  "spacing_z": 1.0,
  "summary_bg_k": 7.0068466615760965,
  "summary_bg_mad": 7.123588579080512,
  "summary_bg_mean": 7.501217762855836,
  "summary_bg_median": 4.804787481203675,
  "summary_bg_n": 1169625.0,
  "summary_bg_p05": 0.0,
  "summary_bg_p95": 28.943809617310762,
  "summary_bg_stdv": 10.585616192896431,
  "summary_csf_k": 0.9403144010997138,
  "summary_csf_mad": 92.45735476141923,
  "summary_csf_mean": 185.0513398426967,
  "summary_csf_median": 168.2107186159119,
  "summary_csf_n": 28008.0,
  "summary_csf_p05": 46.6956292334944,
  "summary_csf_p95": 383.98020194098353,
  "summary_csf_stdv": 102.01613640332025,
  "summary_gm_k": 0.08000941973096731,
  "summary_gm_mad": 66.33042060161794,
  "summary_gm_mean": 645.6880233741848,
  "summary_gm_median": 644.244319036603,
  "summary_gm_n": 21098.0,
  "summary_gm_p05": 536.9767192391679,
  "summary_gm_p95": 758.3062335866501,
  "summary_gm_stdv": 67.13380532775385,
  "summary_wm_k": 0.5951154418406448,
  "summary_wm_mad": 43.01879689821974,
  "summary_wm_mean": 1001.4823601634712,
  "summary_wm_median": 1000.0143765145913,
  "summary_wm_n": 154482.0,
  "summary_wm_p05": 930.2874156720936,
  "summary_wm_p95": 1077.9123531933874,
  "summary_wm_stdv": 45.21278146022598,
  "tpm_overlap_csf": 0.1710607847057842,
  "tpm_overlap_gm": 0.47860231027761757,
  "tpm_overlap_wm": 0.5038164049341128,
  "wm2max": 0.7125796994485105
}