{
  "bids_meta": {
    "BaseResolution": 256,
    "ConversionSoftware": "dcm2nii",
    "DeviceSerialNumber": "100875",
    "EchoTime": 0.00309,
    "FlipAngle": 10,
    "InstitutionAddress": "19 Xinjiekouwai Avenue, Haidian Beijing, China",
    "InstitutionName": "Beijing Normal University",
    "InstitutionalDepartmentName": "State Key Laboratory of Cognitive Neuroscience and Learning",
    "InversionTime": 0.8,
    "MRAcquisitionType": "2D",
    "MagneticFieldStrength": 3,
    "Manufacturer": "Siemens",
    "Modality": "MR",
    "ReconMatrixPE": 256,
    "RepetitionTime": 2.53,
    "SliceThickness": 1.33,
    "dataset": "ds002731",
    "modality": "T1w",
    "subject_id": "5039"
  },
  "cjv": 0.34635384105459754,
  "cnr": 3.8748707161672504,
  "efc": 0.6015676818451945,
  "fber": 10968.581136076058,
  "fwhm_avg": 3.98389,
  "fwhm_x": 4.07493,
  "fwhm_y": 3.99972,
  "fwhm_z": 3.87702,
  "icvs_csf": 0.24724011497635268,
  "icvs_gm": 0.41480853662951334,
  "icvs_wm": 0.337951348394134,
  "inu_med": 0.6321506202220917,
  "inu_range": 0.28245739638805395,
  "provenance": {
    "md5sum": "47dae4213104302e5b5737de79380acf",
    "settings": {
      "testing": false
    },
    "software": "mriqc",
    "version": "22.0.6",
    "warnings": {
      "large_rot_frame": true,
      "small_air_mask": false
    },
    "webapi_port": null,
    "webapi_url": "https://mriqc.nimh.nih.gov/api/v1"
  },
  "qi_1": 0.0,
  "qi_2": 0.0043509433059468255,
  "rpve_csf": 17.388691978336688,
  "rpve_gm": 10.33201578930051,
  "rpve_wm": 14.700190682025001,
  "size_x": 208,
  "size_y": 238,
  "size_z": 200,
  "snr_csf": 2.1461735432232603,
  "snr_gm": 9.661278672296485,
  "snr_total": 11.180603717423855,
  "snr_wm": 21.73435893675182,
  "snrd_csf": 11.833593093893727,
  "snrd_gm": 31.56668351766184,
  "snrd_total": 30.118500314225304,
  "snrd_wm": 46.95522433112035,
  "spacing_x": 1.0,
  "spacing_y": 1.0,
  "spacing_z": 1.0,
  "summary_bg_k": 8.07470719803657,
  "summary_bg_mad": 0.0,
  "summary_bg_mean": 8.220197912573985,
  "summary_bg_median": 0.0,
  "summary_bg_n": 2287923.0,
  "summary_bg_p05": 0.0,
  "summary_bg_p95": 37.33609735965729,
  "summary_bg_stdv": 13.952363790624231,
  "summary_csf_k": 0.46709794673861804,
  "summary_csf_mad": 114.2786533674359,
  "summary_csf_mean": 257.87052664562003,
  "summary_csf_median": 252.0186571776867,
  "summary_csf_n": 51331.0,
  "summary_csf_p05": 76.30194500088692,
  "summary_csf_p95": 462.53424184396863,
  "summary_csf_stdv": 117.42582659390759,
  "summary_gm_k": 0.09205748692916327,
  "summary_gm_mad": 68.69898864135622,
  "summary_gm_mean": 671.593747820644,
  "summary_gm_median": 672.271991148591,
  "summary_gm_n": 34073.0,
  "summary_gm_p05": 556.1745074540377,
  "summary_gm_p95": 784.8136560469865,
  "summary_gm_stdv": 69.58314201537297,
  "summary_wm_k": 0.3729517610643329,
  "summary_wm_mad": 44.810851104193986,
  "summary_wm_mean": 999.9675641169594,
  "summary_wm_median": 999.9999568611383,
  "summary_wm_n": 209213.0,
  "summary_wm_p05": 924.5499267801642,
  "summary_wm_p95": 1074.968469813466,
  "summary_wm_stdv": 46.00998676149522,
  "tpm_overlap_csf": 0.15708727633549247,
  "tpm_overlap_gm": 0.4602868674583668,
  "tpm_overlap_wm": 0.5004908560650553,
  "wm2max": 0.5299752659887715
}