{
  "bids_meta": {
    "BaseResolution": 256,
    "ConversionSoftware": "dcm2nii",
    "DeviceSerialNumber": "100875",
    "EchoTime": 0.00309,
    "FlipAngle": 10,
    "InstitutionAddress": "19 Xinjiekouwai Avenue, Haidian Beijing, China",
    "InstitutionName": "Beijing Normal University",
    "InstitutionalDepartmentName": "State Key Laboratory of Cognitive Neuroscience and Learning",
    "InversionTime": 0.8,
    "MRAcquisitionType": "2D",
    "MagneticFieldStrength": 3,
    "Manufacturer": "Siemens",
    "Modality": "MR",
    "ReconMatrixPE": 256,
    "RepetitionTime": 2.53,
    "SliceThickness": 1.33,
    "dataset": "ds002731",
    "modality": "T1w",
    "subject_id": "5017"
  },
  "cjv": 0.3382806006031665,
  "cnr": 3.9383621016953025,
  "efc": 0.6546961591302738,
  "fber": 11597.456880941603,
  "fwhm_avg": 4.0431333333333335,
  "fwhm_x": 4.09287,
  "fwhm_y": 4.18912,
  "fwhm_z": 3.84741,
  "icvs_csf": 0.21922819523358544,
  "icvs_gm": 0.43257514719337453,
  "icvs_wm": 0.34819665757304,
  "inu_med": 0.5267741978168488,
  "inu_range": 0.24498970806598663,
  "provenance": {
    "md5sum": "ce5e257cbff30a824813690aa2c4d7b4",
    "settings": {
      "testing": false
    },
    "software": "mriqc",
    "version": "22.0.6",
    "warnings": {
      "large_rot_frame": true,
      "small_air_mask": false
    },
    "webapi_port": null,
    "webapi_url": "https://mriqc.nimh.nih.gov/api/v1"
  },
  "qi_1": 0.0,
  "qi_2": 0.005190096994950811,
  "rpve_csf": 14.999472975450175,
  "rpve_gm": 7.976785477673248,
  "rpve_wm": 11.469872222700655,
  "size_x": 208,
  "size_y": 209,
  "size_z": 198,
  "snr_csf": 2.2376136204271466,
  "snr_gm": 10.06533105063681,
  "snr_total": 11.782062309026664,
  "snr_wm": 23.043242256016033,
  "snrd_csf": 16.226215138000388,
  "snrd_gm": 43.49644055463237,
  "snrd_total": 41.20103453375142,
  "snrd_wm": 63.88044790862149,
  "spacing_x": 1.0,
  "spacing_y": 1.0,
  "spacing_z": 1.0,
  "summary_bg_k": 6.192909859213078,
  "summary_bg_mad": 0.0,
  "summary_bg_mean": 6.554501740868745,
  "summary_bg_median": 0.0,
  "summary_bg_n": 1523011.0,
  "summary_bg_p05": 0.0,
  "summary_bg_p95": 27.836182672530413,
  "summary_bg_stdv": 10.25566339216276,
  "summary_csf_k": 1.2101194499246137,
  "summary_csf_mad": 97.70797180219127,
  "summary_csf_mean": 260.37205820395525,
  "summary_csf_median": 254.0090896859765,
  "summary_csf_n": 46619.0,
  "summary_csf_p05": 73.81138855218887,
  "summary_csf_p95": 460.2667300432919,
  "summary_csf_stdv": 113.51663354383366,
  "summary_gm_k": 0.16948761462149164,
  "summary_gm_mad": 65.79003434680878,
  "summary_gm_mean": 680.3705900001981,
  "summary_gm_median": 680.903782915324,
  "summary_gm_n": 47619.0,
  "summary_gm_p05": 566.4804394628852,
  "summary_gm_p95": 789.7379221580923,
  "summary_gm_stdv": 67.64771371706047,
  "summary_wm_k": 0.2637871146296815,
  "summary_wm_mad": 42.15401069180252,
  "summary_wm_mean": 1001.0686007776384,
  "summary_wm_median": 999.9999558739364,
  "summary_wm_n": 243721.0,
  "summary_wm_p05": 931.8373980782926,
  "summary_wm_p95": 1074.5017570741475,
  "summary_wm_stdv": 43.396579927232985,
  "tpm_overlap_csf": 0.15651318898077113,
  "tpm_overlap_gm": 0.46342825250969893,
  "tpm_overlap_wm": 0.49847033393707324,
  "wm2max": 0.6426692120656516
}