{
  "bids_meta": {
    "BaseResolution": 256,
    "ConversionSoftware": "dcm2nii",
    "DeviceSerialNumber": "100875",
    "EchoTime": 0.00309,
    "FlipAngle": 10,
    "InstitutionAddress": "19 Xinjiekouwai Avenue, Haidian Beijing, China",
    "InstitutionName": "Beijing Normal University",
    "InstitutionalDepartmentName": "State Key Laboratory of Cognitive Neuroscience and Learning",
    "InversionTime": 0.8,
    "MRAcquisitionType": "2D",
    "MagneticFieldStrength": 3,
    "Manufacturer": "Siemens",
    "Modality": "MR",
    "ReconMatrixPE": 256,
    "RepetitionTime": 2.53,
    "SliceThickness": 1.33,
    "dataset": "ds002731",
    "modality": "T1w",
    "subject_id": "5028"
  },
  "cjv": 0.3516765525902797,
  "cnr": 3.8656586425537514,
  "efc": 0.6134943947451678,
  "fber": 7782.858882314267,
  "fwhm_avg": 4.416406666666666,
  "fwhm_x": 4.49535,
  "fwhm_y": 4.54841,
  "fwhm_z": 4.20546,
  "icvs_csf": 0.22568272236207393,
  "icvs_gm": 0.4198606537385642,
  "icvs_wm": 0.35445662389936183,
  "inu_med": 0.5991002917289734,
  "inu_range": 0.2941409945487976,
  "provenance": {
    "md5sum": "0a92b7f32ec814e10db859d4b77394e0",
    "settings": {
      "testing": false
    },
    "software": "mriqc",
    "version": "22.0.6",
    "warnings": {
      "large_rot_frame": true,
      "small_air_mask": false
    },
    "webapi_port": null,
    "webapi_url": "https://mriqc.nimh.nih.gov/api/v1"
  },
  "qi_1": 0.0,
  "qi_2": 0.004308208256252357,
  "rpve_csf": 18.110466565082582,
  "rpve_gm": 9.717599792925393,
  "rpve_wm": 13.141258262137203,
  "size_x": 208,
  "size_y": 215,
  "size_z": 200,
  "snr_csf": 1.8912566141591742,
  "snr_gm": 10.540505208366229,
  "snr_total": 11.209784125300665,
  "snr_wm": 21.197590553376592,
  "snrd_csf": 12.12459203674207,
  "snrd_gm": 36.892085821035536,
  "snrd_total": 34.2705524076859,
  "snrd_wm": 53.79497936528009,
  "spacing_x": 1.0,
  "spacing_y": 1.0,
  "spacing_z": 1.0,
  "summary_bg_k": 7.448542257631944,
  "summary_bg_mad": 0.0,
  "summary_bg_mean": 7.540060846195644,
  "summary_bg_median": 0.0,
  "summary_bg_n": 2034511.0,
  "summary_bg_p05": 0.0,
  "summary_bg_p95": 31.492613967508078,
  "summary_bg_stdv": 12.178392766842451,
  "summary_csf_k": 0.3957777923905237,
  "summary_csf_mad": 123.42720787484178,
  "summary_csf_mean": 232.16281522789316,
  "summary_csf_median": 225.3851930089295,
  "summary_csf_n": 49880.0,
  "summary_csf_p05": 58.207587383687496,
  "summary_csf_p95": 440.65970420110955,
  "summary_csf_stdv": 119.17099564176262,
  "summary_gm_k": 0.11230997771700357,
  "summary_gm_mad": 65.16673242172422,
  "summary_gm_mean": 685.2466500737667,
  "summary_gm_median": 685.7904874719679,
  "summary_gm_n": 39329.0,
  "summary_gm_p05": 577.4176742993295,
  "summary_gm_p95": 790.0624925047159,
  "summary_gm_stdv": 65.06156538265454,
  "summary_wm_k": 0.5514380685640905,
  "summary_wm_mad": 45.33337907598206,
  "summary_wm_mean": 1000.9272093777058,
  "summary_wm_median": 999.9999810643494,
  "summary_wm_n": 208967.0,
  "summary_wm_p05": 925.4687884636223,
  "summary_wm_p95": 1078.9504911750555,
  "summary_wm_stdv": 47.17505915689768,
  "tpm_overlap_csf": 0.1435400784361338,
  "tpm_overlap_gm": 0.4569062359469273,
  "tpm_overlap_wm": 0.49911142523547986,
  "wm2max": 0.4885815437286026
}