{
  "bids_meta": {
    "BaseResolution": 256,
    "ConversionSoftware": "dcm2nii",
    "DeviceSerialNumber": "100875",
    "EchoTime": 0.00339,
    "FlipAngle": 7,
    "InstitutionAddress": "19 Xinjiekouwai Avenue, Haidian Beijing, China",
    "InstitutionName": "Beijing Normal University",
    "InstitutionalDepartmentName": "State Key Laboratory of Cognitive Neuroscience and Learning",
    "InversionTime": 1.1,
    "MRAcquisitionType": "2D",
    "MagneticFieldStrength": 3,
    "Manufacturer": "Siemens",
    "Modality": "MR",
    "ReconMatrixPE": 256,
    "RepetitionTime": 2.53,
    "SliceThickness": 1.33,
    "dataset": "ds002731",
    "modality": "T1w",
    "subject_id": "3798"
  },
  "cjv": 0.32064953835911664,
  "cnr": 3.9528444111552026,
  "efc": 0.6409441372759085,
  "fber": 12071.931190583973,
  "fwhm_avg": 3.8550510909020996,
  "fwhm_x": 3.4323532727062993,
  "fwhm_y": 4.43271,
  "fwhm_z": 3.70009,
  "icvs_csf": 0.2597807072576533,
  "icvs_gm": 0.4119589639498789,
  "icvs_wm": 0.3282603287924678,
  "inu_med": 0.5887976884841919,
  "inu_range": 0.2709462583065033,
  "provenance": {
    "md5sum": "4cadbd43819a96d5e35fd4138510d81c",
    "settings": {
      "testing": false
    },
    "software": "mriqc",
    "version": "22.0.6",
    "warnings": {
      "large_rot_frame": true,
      "small_air_mask": false
    },
    "webapi_port": null,
    "webapi_url": "https://mriqc.nimh.nih.gov/api/v1"
  },
  "qi_1": 0.00010624689821966546,
  "qi_2": 0.005910753746946063,
  "rpve_csf": 11.117159118166555,
  "rpve_gm": 6.754686408978392,
  "rpve_wm": 10.325902712475937,
  "size_x": 144,
  "size_y": 209,
  "size_z": 172,
  "snr_csf": 1.3516617870781322,
  "snr_gm": 7.559725362843399,
  "snr_total": 11.557150940784831,
  "snr_wm": 25.76006567243296,
  "snrd_csf": 10.40519681137057,
  "snrd_gm": 48.203862846953925,
  "snrd_total": 44.90384211388457,
  "snrd_wm": 76.10246668332923,
  "spacing_x": 1.3300000429153442,
  "spacing_y": 1.0,
  "spacing_z": 1.0,
  "summary_bg_k": 108.90210252477812,
  "summary_bg_mad": 0.0,
  "summary_bg_mean": 5.3990135948614135,
  "summary_bg_median": 0.0,
  "summary_bg_n": 1268848.0,
  "summary_bg_p05": 0.0,
  "summary_bg_p95": 22.006865069270134,
  "summary_bg_stdv": 8.608392222741353,
  "summary_csf_k": 1.2476327796113074,
  "summary_csf_mad": 77.99526551308966,
  "summary_csf_mean": 162.61217693833797,
  "summary_csf_median": 136.7226966889575,
  "summary_csf_n": 33898.0,
  "summary_csf_p05": 41.89001718489453,
  "summary_csf_p95": 373.1110025388188,
  "summary_csf_stdv": 101.15006675723593,
  "summary_gm_k": 0.1220139633470092,
  "summary_gm_mad": 80.57702292273379,
  "summary_gm_mean": 633.6342199790389,
  "summary_gm_median": 633.391394582577,
  "summary_gm_n": 19168.0,
  "summary_gm_p05": 494.7254311386496,
  "summary_gm_p95": 775.0012809741311,
  "summary_gm_stdv": 83.78278864147055,
  "summary_wm_k": 0.5431074251104975,
  "summary_wm_mad": 36.9677727641797,
  "summary_wm_mean": 999.9922278878738,
  "summary_wm_median": 999.9747874308378,
  "summary_wm_n": 136878.0,
  "summary_wm_p05": 936.629338664934,
  "summary_wm_p95": 1063.0968867060726,
  "summary_wm_stdv": 38.81865626213861,
  "tpm_overlap_csf": 0.17280729551912355,
  "tpm_overlap_gm": 0.47029864506551766,
  "tpm_overlap_wm": 0.5114181791248608,
  "wm2max": 0.7560523807697921
}