{
  "bids_meta": {
    "BaseResolution": 256,
    "ConversionSoftware": "dcm2nii",
    "DeviceSerialNumber": "100875",
    "EchoTime": 0.00339,
    "FlipAngle": 7,
    "InstitutionAddress": "19 Xinjiekouwai Avenue, Haidian Beijing, China",
    "InstitutionName": "Beijing Normal University",
    "InstitutionalDepartmentName": "State Key Laboratory of Cognitive Neuroscience and Learning",
    "InversionTime": 1.1,
    "MRAcquisitionType": "2D",
    "MagneticFieldStrength": 3,
    "Manufacturer": "Siemens",
    "Modality": "MR",
    "ReconMatrixPE": 256,
    "RepetitionTime": 2.53,
    "SliceThickness": 1.33,
    "dataset": "ds002731",
    "modality": "T1w",
    "subject_id": "3306"
  },
  "cjv": 0.2937690048944719,
  "cnr": 4.524490148279613,
  "efc": 0.6417497077567944,
  "fber": 13057.457100591715,
  "fwhm_avg": 4.126375975454181,
  "fwhm_x": 3.6802179263625416,
  "fwhm_y": 4.70638,
  "fwhm_z": 3.99253,
  "icvs_csf": 0.21696888851101234,
  "icvs_gm": 0.4529971077575376,
  "icvs_wm": 0.33003400373145003,
  "inu_med": 0.5494688153266907,
  "inu_range": 0.23380424082279205,
  "provenance": {
    "md5sum": "0739873fab43f46cd106bf1e917e7c4f",
    "settings": {
      "testing": false
    },
    "software": "mriqc",
    "version": "22.0.6",
    "warnings": {
      "large_rot_frame": true,
      "small_air_mask": false
    },
    "webapi_port": null,
    "webapi_url": "https://mriqc.nimh.nih.gov/api/v1"
  },
  "qi_1": 0.0,
  "qi_2": 0.0067899767342006895,
  "rpve_csf": 14.249481235730157,
  "rpve_gm": 7.178688964170072,
  "rpve_wm": 11.389291418189277,
  "size_x": 144,
  "size_y": 177,
  "size_z": 185,
  "snr_csf": 1.4763373857637747,
  "snr_gm": 9.139168913898173,
  "snr_total": 12.238403786021124,
  "snr_wm": 26.099705058401423,
  "snrd_csf": 14.886350020294225,
  "snrd_gm": 54.76846184002773,
  "snrd_total": 51.831110539933924,
  "snrd_wm": 85.83851975947982,
  "spacing_x": 1.3300000429153442,
  "spacing_y": 1.0,
  "spacing_z": 1.0,
  "summary_bg_k": 59.21180911966078,
  "summary_bg_mad": 0.0,
  "summary_bg_mean": 4.487532014360688,
  "summary_bg_median": 0.0,
  "summary_bg_n": 806684.0,
  "summary_bg_p05": 0.0,
  "summary_bg_p95": 19.221826180815697,
  "summary_bg_stdv": 7.632195959274653,
  "summary_csf_k": 0.2715379631504784,
  "summary_csf_mad": 111.63758047755375,
  "summary_csf_mean": 198.14411543013418,
  "summary_csf_median": 173.42272612731904,
  "summary_csf_n": 15234.0,
  "summary_csf_p05": 42.95587271442637,
  "summary_csf_p95": 419.2114940993488,
  "summary_csf_stdv": 117.46436535661847,
  "summary_gm_k": 0.018583417167452154,
  "summary_gm_mad": 70.70954659858097,
  "summary_gm_mean": 640.223893029802,
  "summary_gm_median": 638.0406174212694,
  "summary_gm_n": 22676.0,
  "summary_gm_p05": 529.2138199345209,
  "summary_gm_p95": 756.9433721802197,
  "summary_gm_stdv": 69.8123160480686,
  "summary_wm_k": 0.6284623750360083,
  "summary_wm_mad": 35.622902674258015,
  "summary_wm_mean": 1000.2909122304895,
  "summary_wm_median": 1000.0000055842102,
  "summary_wm_n": 113373.0,
  "summary_wm_p05": 937.6582494359463,
  "summary_wm_p95": 1063.2976858839393,
  "summary_wm_stdv": 38.31444045500568,
  "tpm_overlap_csf": 0.15439223686463102,
  "tpm_overlap_gm": 0.49719970605387487,
  "tpm_overlap_wm": 0.504544167221511,
  "wm2max": 0.7271949532151479
}