{
  "bids_meta": {
    "BaseResolution": 256,
    "ConversionSoftware": "dcm2nii",
    "DeviceSerialNumber": "100875",
    "EchoTime": 0.00309,
    "FlipAngle": 10,
    "InstitutionAddress": "19 Xinjiekouwai Avenue, Haidian Beijing, China",
    "InstitutionName": "Beijing Normal University",
    "InstitutionalDepartmentName": "State Key Laboratory of Cognitive Neuroscience and Learning",
    "InversionTime": 0.8,
    "MRAcquisitionType": "2D",
    "MagneticFieldStrength": 3,
    "Manufacturer": "Siemens",
    "Modality": "MR",
    "ReconMatrixPE": 256,
    "RepetitionTime": 2.53,
    "SliceThickness": 1.33,
    "dataset": "ds002731",
    "modality": "T1w",
    "subject_id": "5012"
  },
  "cjv": 0.33613494742309546,
  "cnr": 3.9815526579180363,
  "efc": 0.6237444596185816,
  "fber": 14941.984421096218,
  "fwhm_avg": 3.972796666666666,
  "fwhm_x": 3.97108,
  "fwhm_y": 4.12677,
  "fwhm_z": 3.82054,
  "icvs_csf": 0.23014090474827717,
  "icvs_gm": 0.4448005273165428,
  "icvs_wm": 0.32505856793518006,
  "inu_med": 0.6059774458408356,
  "inu_range": 0.311217226088047,
  "provenance": {
    "md5sum": "494f19840971296a114cfed75e92e689",
    "settings": {
      "testing": false
    },
    "software": "mriqc",
    "version": "22.0.6",
    "warnings": {
      "large_rot_frame": true,
      "small_air_mask": false
    },
    "webapi_port": null,
    "webapi_url": "https://mriqc.nimh.nih.gov/api/v1"
  },
  "qi_1": 0.0,
  "qi_2": 0.005377304569005777,
  "rpve_csf": 14.585520152365264,
  "rpve_gm": 7.723913117732678,
  "rpve_wm": 11.826187972560213,
  "size_x": 208,
  "size_y": 199,
  "size_z": 173,
  "snr_csf": 1.8520563986047252,
  "snr_gm": 11.48312163847916,
  "snr_total": 11.698450413150917,
  "snr_wm": 21.76017320236887,
  "snrd_csf": 12.967547729445405,
  "snrd_gm": 37.333988221064594,
  "snrd_total": 34.70213377597554,
  "snrd_wm": 53.80486537741662,
  "spacing_x": 1.0,
  "spacing_y": 1.0,
  "spacing_z": 1.0,
  "summary_bg_k": 5.462308144875228,
  "summary_bg_mad": 0.0,
  "summary_bg_mean": 7.568280632575259,
  "summary_bg_median": 0.0,
  "summary_bg_n": 1600074.0,
  "summary_bg_p05": 0.0,
  "summary_bg_p95": 33.8516343832016,
  "summary_bg_stdv": 12.176154817891204,
  "summary_csf_k": 0.36185577227460985,
  "summary_csf_mad": 136.15734052697675,
  "summary_csf_mean": 246.43849094363534,
  "summary_csf_median": 241.01067924499512,
  "summary_csf_n": 34922.0,
  "summary_csf_p05": 52.31616222858429,
  "summary_csf_p95": 474.1658356785774,
  "summary_csf_stdv": 130.1295299117369,
  "summary_gm_k": 0.28821322723309173,
  "summary_gm_mad": 58.413180040894346,
  "summary_gm_mean": 692.0476335900181,
  "summary_gm_median": 693.8775200843811,
  "summary_gm_n": 33702.0,
  "summary_gm_p05": 588.4778649196029,
  "summary_gm_p95": 787.9413318932056,
  "summary_gm_stdv": 60.42496522680365,
  "summary_wm_k": 0.36052240705970684,
  "summary_wm_mad": 44.48526866423711,
  "summary_wm_mean": 1000.8610460186597,
  "summary_wm_median": 999.9999554157257,
  "summary_wm_n": 176934.0,
  "summary_wm_p05": 927.0589965686202,
  "summary_wm_p95": 1077.259427189827,
  "summary_wm_stdv": 45.95538464696179,
  "tpm_overlap_csf": 0.15432501638307333,
  "tpm_overlap_gm": 0.4762476235963594,
  "tpm_overlap_wm": 0.4966471871874049,
  "wm2max": 0.4723470369791417
}