{
  "bids_meta": {
    "BaseResolution": 256,
    "ConversionSoftware": "dcm2nii",
    "DeviceSerialNumber": "100875",
    "EchoTime": 0.00309,
    "FlipAngle": 10,
    "InstitutionAddress": "19 Xinjiekouwai Avenue, Haidian Beijing, China",
    "InstitutionName": "Beijing Normal University",
    "InstitutionalDepartmentName": "State Key Laboratory of Cognitive Neuroscience and Learning",
    "InversionTime": 0.8,
    "MRAcquisitionType": "2D",
    "MagneticFieldStrength": 3,
    "Manufacturer": "Siemens",
    "Modality": "MR",
    "ReconMatrixPE": 256,
    "RepetitionTime": 2.53,
    "SliceThickness": 1.33,
    "dataset": "ds002731",
    "modality": "T1w",
    "subject_id": "5029"
  },
  "cjv": 0.3568066018426996,
  "cnr": 3.77971452885837,
  "efc": 0.6566347117782306,
  "fber": 15836.705195915698,
  "fwhm_avg": 4.016226666666667,
  "fwhm_x": 4.09914,
  "fwhm_y": 4.03962,
  "fwhm_z": 3.90992,
  "icvs_csf": 0.2089085072604839,
  "icvs_gm": 0.42683674170999625,
  "icvs_wm": 0.3642547510295199,
  "inu_med": 0.5220420360565186,
  "inu_range": 0.255099056661129,
  "provenance": {
    "md5sum": "bb5db34c735898bda36d1ef1ed215d8e",
    "settings": {
      "testing": false
    },
    "software": "mriqc",
    "version": "22.0.6",
    "warnings": {
      "large_rot_frame": true,
      "small_air_mask": false
    },
    "webapi_port": null,
    "webapi_url": "https://mriqc.nimh.nih.gov/api/v1"
  },
  "qi_1": 0.0,
  "qi_2": 0.004465907295784097,
  "rpve_csf": 13.736326609241269,
  "rpve_gm": 6.957244649997555,
  "rpve_wm": 9.497276496468828,
  "size_x": 208,
  "size_y": 197,
  "size_z": 185,
  "snr_csf": 2.3466379868808334,
  "snr_gm": 10.060693238872364,
  "snr_total": 11.692420085562881,
  "snr_wm": 22.669929030935446,
  "snrd_csf": 15.880198571545646,
  "snrd_gm": 38.14912638745295,
  "snrd_total": 36.46864904058207,
  "snrd_wm": 55.37662216274763,
  "spacing_x": 1.0,
  "spacing_y": 1.0,
  "spacing_z": 1.0,
  "summary_bg_k": 5.975902792785721,
  "summary_bg_mad": 0.0,
  "summary_bg_mean": 7.302611214940395,
  "summary_bg_median": 0.0,
  "summary_bg_n": 1624904.0,
  "summary_bg_p05": 0.0,
  "summary_bg_p95": 32.22773618251085,
  "summary_bg_stdv": 11.831003424602361,
  "summary_csf_k": 0.8631149833525384,
  "summary_csf_mad": 110.39230812132512,
  "summary_csf_mean": 294.28308037434704,
  "summary_csf_median": 286.77796514332294,
  "summary_csf_n": 42626.0,
  "summary_csf_p05": 91.98254691064358,
  "summary_csf_p95": 503.23403219878674,
  "summary_csf_stdv": 122.2065793025425,
  "summary_gm_k": 0.02294293594967467,
  "summary_gm_mad": 68.07525667481715,
  "summary_gm_mean": 688.9037131579266,
  "summary_gm_median": 688.928969502449,
  "summary_gm_n": 43501.0,
  "summary_gm_p05": 576.1506955102086,
  "summary_gm_p95": 801.7448487877846,
  "summary_gm_stdv": 68.47649904017997,
  "summary_wm_k": 0.35563046789452013,
  "summary_wm_mad": 42.93034204718199,
  "summary_wm_mean": 1000.8824241427891,
  "summary_wm_median": 1000.0375592783093,
  "summary_wm_n": 250566.0,
  "summary_wm_p05": 930.2045300006866,
  "summary_wm_p95": 1074.19519726187,
  "summary_wm_stdv": 44.11286697697598,
  "tpm_overlap_csf": 0.15147655733072468,
  "tpm_overlap_gm": 0.46066593063494693,
  "tpm_overlap_wm": 0.5018622408959651,
  "wm2max": 0.5598762053139079
}