{
  "bids_meta": {
    "BaseResolution": 256,
    "ConversionSoftware": "dcm2nii",
    "DeviceSerialNumber": "100875",
    "EchoTime": 0.00309,
    "FlipAngle": 10,
    "InstitutionAddress": "19 Xinjiekouwai Avenue, Haidian Beijing, China",
    "InstitutionName": "Beijing Normal University",
    "InstitutionalDepartmentName": "State Key Laboratory of Cognitive Neuroscience and Learning",
    "InversionTime": 0.8,
    "MRAcquisitionType": "2D",
    "MagneticFieldStrength": 3,
    "Manufacturer": "Siemens",
    "Modality": "MR",
    "ReconMatrixPE": 256,
    "RepetitionTime": 2.53,
    "SliceThickness": 1.33,
    "dataset": "ds002731",
    "modality": "T1w",
    "subject_id": "5005"
  },
  "cjv": 0.3433838225236966,
  "cnr": 3.916628377667207,
  "efc": 0.6355960184255135,
  "fber": 10717.009149161051,
  "fwhm_avg": 4.16213,
  "fwhm_x": 4.24036,
  "fwhm_y": 4.2778,
  "fwhm_z": 3.96823,
  "icvs_csf": 0.23313906626915842,
  "icvs_gm": 0.44314560869588593,
  "icvs_wm": 0.32371532503495565,
  "inu_med": 0.5558075904846191,
  "inu_range": 0.2529832363128662,
  "provenance": {
    "md5sum": "f0fe5d6138136b37a524ac7b23368563",
    "settings": {
      "testing": false
    },
    "software": "mriqc",
    "version": "22.0.6",
    "warnings": {
      "large_rot_frame": true,
      "small_air_mask": false
    },
    "webapi_port": null,
    "webapi_url": "https://mriqc.nimh.nih.gov/api/v1"
  },
  "qi_1": 0.0,
  "qi_2": 0.0037258498751687654,
  "rpve_csf": 14.873163102142826,
  "rpve_gm": 7.9350987075683745,
  "rpve_wm": 12.163493242539232,
  "size_x": 208,
  "size_y": 189,
  "size_z": 186,
  "snr_csf": 1.872698910859418,
  "snr_gm": 10.325102428858294,
  "snr_total": 11.608401525822998,
  "snr_wm": 22.62740323775128,
  "snrd_csf": 16.497869885788862,
  "snrd_gm": 46.69360190274747,
  "snrd_total": 43.772561030797846,
  "snrd_wm": 68.12621130385722,
  "spacing_x": 1.0,
  "spacing_y": 1.0,
  "spacing_z": 1.0,
  "summary_bg_k": 6.471517596118467,
  "summary_bg_mad": 0.0,
  "summary_bg_mean": 6.001494318713968,
  "summary_bg_median": 0.0,
  "summary_bg_n": 1294454.0,
  "summary_bg_p05": 0.0,
  "summary_bg_p95": 24.825612537562847,
  "summary_bg_stdv": 9.616854092218018,
  "summary_csf_k": -0.12617863481931524,
  "summary_csf_mad": 142.18767802364997,
  "summary_csf_mean": 247.53113376717045,
  "summary_csf_median": 242.1749234572053,
  "summary_csf_n": 43479.0,
  "summary_csf_p05": 54.01538174599409,
  "summary_csf_p95": 469.61187520623207,
  "summary_csf_stdv": 129.31717804320127,
  "summary_gm_k": 0.139713474709378,
  "summary_gm_mad": 65.49861333801108,
  "summary_gm_mean": 683.345883606804,
  "summary_gm_median": 685.4229997582734,
  "summary_gm_n": 46654.0,
  "summary_gm_p05": 570.5598270520568,
  "summary_gm_p95": 788.9107476994395,
  "summary_gm_stdv": 66.38342414807235,
  "summary_wm_k": 0.3459516005416461,
  "summary_wm_mad": 42.5343221838744,
  "summary_wm_mean": 1000.6161107638108,
  "summary_wm_median": 1000.0357695966959,
  "summary_wm_n": 181232.0,
  "summary_wm_p05": 928.8857071511447,
  "summary_wm_p95": 1074.2067585246632,
  "summary_wm_stdv": 44.19565957666261,
  "tpm_overlap_csf": 0.14868269210316828,
  "tpm_overlap_gm": 0.48974339866838545,
  "tpm_overlap_wm": 0.5210972438425219,
  "wm2max": 0.5096067647180853
}