{
  "bids_meta": {
    "BaseResolution": 256,
    "ConversionSoftware": "dcm2nii",
    "DeviceSerialNumber": "100875",
    "EchoTime": 0.00339,
    "FlipAngle": 7,
    "InstitutionAddress": "19 Xinjiekouwai Avenue, Haidian Beijing, China",
    "InstitutionName": "Beijing Normal University",
    "InstitutionalDepartmentName": "State Key Laboratory of Cognitive Neuroscience and Learning",
    "InversionTime": 1.1,
    "MRAcquisitionType": "2D",
    "MagneticFieldStrength": 3,
    "Manufacturer": "Siemens",
    "Modality": "MR",
    "ReconMatrixPE": 256,
    "RepetitionTime": 2.53,
    "SliceThickness": 1.33,
    "dataset": "ds002731",
    "modality": "T1w",
    "subject_id": "3176"
  },
  "cjv": 0.31422650194177687,
  "cnr": 4.160478550555943,
  "efc": 0.6273364970117554,
  "fber": 9050.23087980953,
  "fwhm_avg": 4.160618005567701,
  "fwhm_x": 3.676654016703103,
  "fwhm_y": 4.80299,
  "fwhm_z": 4.00221,
  "icvs_csf": 0.21540942758311402,
  "icvs_gm": 0.4411646807527407,
  "icvs_wm": 0.3434258916641453,
  "inu_med": 0.5167612433433533,
  "inu_range": 0.20982412695884706,
  "provenance": {
    "md5sum": "5cec4580e7e68f9f8cfe8de23b40435c",
    "settings": {
      "testing": false
    },
    "software": "mriqc",
    "version": "22.0.6",
    "warnings": {
      "large_rot_frame": true,
      "small_air_mask": false
    },
    "webapi_port": null,
    "webapi_url": "https://mriqc.nimh.nih.gov/api/v1"
  },
  "qi_1": 2.7310934205618562e-05,
  "qi_2": 0.005078433727226452,
  "rpve_csf": 16.56062034362171,
  "rpve_gm": 8.353336099739256,
  "rpve_wm": 12.383701879049136,
  "size_x": 144,
  "size_y": 191,
  "size_z": 200,
  "snr_csf": 1.2700460061245997,
  "snr_gm": 8.370209534674334,
  "snr_total": 12.284758181671757,
  "snr_wm": 27.214019004216336,
  "snrd_csf": 11.667150107340092,
  "snrd_gm": 52.29875498059648,
  "snrd_total": 48.40095567589455,
  "snrd_wm": 81.23696193974709,
  "spacing_x": 1.3300000429153442,
  "spacing_y": 1.0,
  "spacing_z": 1.0,
  "summary_bg_k": 91.66411383113912,
  "summary_bg_mad": 0.0,
  "summary_bg_mean": 5.2527120631317334,
  "summary_bg_median": 0.0,
  "summary_bg_n": 1133692.0,
  "summary_bg_p05": 0.0,
  "summary_bg_p95": 20.005385292693973,
  "summary_bg_stdv": 8.064511436322961,
  "summary_csf_k": 0.5737807779097546,
  "summary_csf_mad": 100.87603272567667,
  "summary_csf_mean": 171.41311623030845,
  "summary_csf_median": 143.61874179169536,
  "summary_csf_n": 22063.0,
  "summary_csf_p05": 33.06946731694043,
  "summary_csf_p95": 395.42003751005973,
  "summary_csf_stdv": 113.07896432124103,
  "summary_gm_k": -0.025970602668760723,
  "summary_gm_mad": 77.64300896376776,
  "summary_gm_mean": 645.9694920130663,
  "summary_gm_median": 643.7802992574871,
  "summary_gm_n": 35797.0,
  "summary_gm_p05": 524.1464796982706,
  "summary_gm_p95": 776.5912864644079,
  "summary_gm_stdv": 76.91220923793098,
  "summary_wm_k": 1.0614028797256365,
  "summary_wm_mad": 34.2906656554635,
  "summary_wm_mean": 1000.8575023018933,
  "summary_wm_median": 1000.0000131502748,
  "summary_wm_n": 132179.0,
  "summary_wm_p05": 942.568671522662,
  "summary_wm_p95": 1061.3085761535913,
  "summary_wm_stdv": 36.74562842919261,
  "tpm_overlap_csf": 0.1582360122323102,
  "tpm_overlap_gm": 0.4943825805478065,
  "tpm_overlap_wm": 0.5278258435254438,
  "wm2max": 0.7261706911721576
}