{
  "bids_meta": {
    "BaseResolution": 256,
    "ConversionSoftware": "dcm2nii",
    "DeviceSerialNumber": "100875",
    "EchoTime": 0.00309,
    "FlipAngle": 10,
    "InstitutionAddress": "19 Xinjiekouwai Avenue, Haidian Beijing, China",
    "InstitutionName": "Beijing Normal University",
    "InstitutionalDepartmentName": "State Key Laboratory of Cognitive Neuroscience and Learning",
    "InversionTime": 0.8,
    "MRAcquisitionType": "2D",
    "MagneticFieldStrength": 3,
    "Manufacturer": "Siemens",
    "Modality": "MR",
    "ReconMatrixPE": 256,
    "RepetitionTime": 2.53,
    "SliceThickness": 1.33,
    "dataset": "ds002731",
    "modality": "T1w",
    "subject_id": "5015"
  },
  "cjv": 0.3101871991002852,
  "cnr": 4.313805354056566,
  "efc": 0.6309849324789243,
  "fber": 11022.439173111243,
  "fwhm_avg": 4.020706666666666,
  "fwhm_x": 4.06804,
  "fwhm_y": 4.15955,
  "fwhm_z": 3.83453,
  "icvs_csf": 0.19082683799968034,
  "icvs_gm": 0.46802476425158707,
  "icvs_wm": 0.3411483977487326,
  "inu_med": 0.5808877944946289,
  "inu_range": 0.298893216252327,
  "provenance": {
    "md5sum": "5c7d39f2004d268b2f385d8ac0b2f109",
    "settings": {
      "testing": false
    },
    "software": "mriqc",
    "version": "22.0.6",
    "warnings": {
      "large_rot_frame": true,
      "small_air_mask": false
    },
    "webapi_port": null,
    "webapi_url": "https://mriqc.nimh.nih.gov/api/v1"
  },
  "qi_1": 0.0,
  "qi_2": 0.005671389604609388,
  "rpve_csf": 18.101321329130666,
  "rpve_gm": 7.96672938872419,
  "rpve_wm": 11.9248638607638,
  "size_x": 208,
  "size_y": 203,
  "size_z": 193,
  "snr_csf": 2.1349649412029503,
  "snr_gm": 11.94386204606035,
  "snr_total": 11.905542896472946,
  "snr_wm": 21.63780170215554,
  "snrd_csf": 15.72840892365868,
  "snrd_gm": 37.93348417627887,
  "snrd_total": 36.489759865330306,
  "snrd_wm": 55.807386496053375,
  "spacing_x": 1.0,
  "spacing_y": 1.0,
  "spacing_z": 1.0,
  "summary_bg_k": 5.202446500368948,
  "summary_bg_mad": 0.0,
  "summary_bg_mean": 7.556165468216234,
  "summary_bg_median": 0.0,
  "summary_bg_n": 1553312.0,
  "summary_bg_p05": 0.0,
  "summary_bg_p95": 31.603792794048786,
  "summary_bg_stdv": 11.73924184879614,
  "summary_csf_k": 1.7982969960026987,
  "summary_csf_mad": 125.62113583523373,
  "summary_csf_mean": 287.4103516003061,
  "summary_csf_median": 281.83382308110595,
  "summary_csf_n": 32347.0,
  "summary_csf_p05": 81.72980845347047,
  "summary_csf_p95": 513.6256405849007,
  "summary_csf_stdv": 132.00660169858025,
  "summary_gm_k": 0.16824754027823507,
  "summary_gm_mad": 55.396667077482675,
  "summary_gm_mean": 679.874793801553,
  "summary_gm_median": 679.7215738780797,
  "summary_gm_n": 55489.0,
  "summary_gm_p05": 586.110339526087,
  "summary_gm_p95": 773.572837036103,
  "summary_gm_stdv": 56.90918451649177,
  "summary_wm_k": 0.47797937091662046,
  "summary_wm_mad": 43.94960418031548,
  "summary_wm_mean": 1000.5909053690202,
  "summary_wm_median": 1000.0000107251108,
  "summary_wm_n": 190997.0,
  "summary_wm_p05": 926.0311336666346,
  "summary_wm_p95": 1076.9292430579662,
  "summary_wm_stdv": 46.21529518776725,
  "tpm_overlap_csf": 0.14689383687246288,
  "tpm_overlap_gm": 0.47902098253769215,
  "tpm_overlap_wm": 0.487321905118432,
  "wm2max": 0.48809506038406214
}