{
  "bids_meta": {
    "BaseResolution": 256,
    "ConversionSoftware": "dcm2nii",
    "DeviceSerialNumber": "100875",
    "EchoTime": 0.00339,
    "FlipAngle": 7,
    "InstitutionAddress": "19 Xinjiekouwai Avenue, Haidian Beijing, China",
    "InstitutionName": "Beijing Normal University",
    "InstitutionalDepartmentName": "State Key Laboratory of Cognitive Neuroscience and Learning",
    "InversionTime": 1.1,
    "MRAcquisitionType": "2D",
    "MagneticFieldStrength": 3,
    "Manufacturer": "Siemens",
    "Modality": "MR",
    "ReconMatrixPE": 256,
    "RepetitionTime": 2.53,
    "SliceThickness": 1.33,
    "dataset": "ds002731",
    "modality": "T1w",
    "subject_id": "3382"
  },
  "cjv": 0.33898457761837547,
  "cnr": 3.964361261723162,
  "efc": 0.6473918119433189,
  "fber": 8301.487656250001,
  "fwhm_avg": 4.302929257716344,
  "fwhm_x": 3.768157773149032,
  "fwhm_y": 4.9219,
  "fwhm_z": 4.21873,
  "icvs_csf": 0.19820219137992745,
  "icvs_gm": 0.420109584844744,
  "icvs_wm": 0.3816882237753286,
  "inu_med": 0.6160517334938049,
  "inu_range": 0.28157046735286717,
  "provenance": {
    "md5sum": "1e8b98d0914431bcc6f264b4e6a09f39",
    "settings": {
      "testing": false
    },
    "software": "mriqc",
    "version": "22.0.6",
    "warnings": {
      "large_rot_frame": true,
      "small_air_mask": false
    },
    "webapi_port": null,
    "webapi_url": "https://mriqc.nimh.nih.gov/api/v1"
  },
  "qi_1": 0.0,
  "qi_2": 0.0021292897334241434,
  "rpve_csf": 16.508536344000895,
  "rpve_gm": 7.946055133079848,
  "rpve_wm": 10.19725219150371,
  "size_x": 144,
  "size_y": 202,
  "size_z": 200,
  "snr_csf": 1.6641247468239049,
  "snr_gm": 9.610137571454471,
  "snr_total": 10.14928917866208,
  "snr_wm": 19.173605217707866,
  "snrd_csf": 8.07249261734046,
  "snrd_gm": 27.029435734712965,
  "snrd_total": 25.471765023527933,
  "snrd_wm": 41.31336671853037,
  "spacing_x": 1.3300000429153442,
  "spacing_y": 1.0,
  "spacing_z": 1.0,
  "summary_bg_k": 39.91674140352072,
  "summary_bg_mad": 0.0,
  "summary_bg_mean": 8.770319636819256,
  "summary_bg_median": 0.0,
  "summary_bg_n": 1088671.0,
  "summary_bg_p05": 0.0,
  "summary_bg_p95": 38.71869245544076,
  "summary_bg_stdv": 15.858168591179954,
  "summary_csf_k": 1.3311540897392211,
  "summary_csf_mad": 114.48383133600888,
  "summary_csf_mean": 213.08367783833006,
  "summary_csf_median": 195.40197869762778,
  "summary_csf_n": 28078.0,
  "summary_csf_p05": 50.74395656306297,
  "summary_csf_p95": 431.08866066019976,
  "summary_csf_stdv": 117.41817998426949,
  "summary_gm_k": 0.016252407491591736,
  "summary_gm_mad": 68.17028707658726,
  "summary_gm_mean": 655.236955339646,
  "summary_gm_median": 654.2719177342951,
  "summary_gm_n": 20671.0,
  "summary_gm_p05": 544.9114778265357,
  "summary_gm_p95": 767.4960063584149,
  "summary_gm_stdv": 68.07978416930095,
  "summary_wm_k": 0.6168539167763027,
  "summary_wm_mad": 49.035480632563065,
  "summary_wm_mean": 1002.8037416539685,
  "summary_wm_median": 1000.027375202626,
  "summary_wm_n": 167230.0,
  "summary_wm_p05": 921.603526789695,
  "summary_wm_p95": 1092.45352499187,
  "summary_wm_stdv": 52.15630414141274,
  "tpm_overlap_csf": 0.16147953382911745,
  "tpm_overlap_gm": 0.476732496099567,
  "tpm_overlap_wm": 0.5176395787914508,
  "wm2max": 0.6895997883677866
}