{
  "bids_meta": {
    "BaseResolution": 256,
    "ConversionSoftware": "dcm2nii",
    "DeviceSerialNumber": "100875",
    "EchoTime": 0.00309,
    "FlipAngle": 10,
    "InstitutionAddress": "19 Xinjiekouwai Avenue, Haidian Beijing, China",
    "InstitutionName": "Beijing Normal University",
    "InstitutionalDepartmentName": "State Key Laboratory of Cognitive Neuroscience and Learning",
    "InversionTime": 0.8,
    "MRAcquisitionType": "2D",
    "MagneticFieldStrength": 3,
    "Manufacturer": "Siemens",
    "Modality": "MR",
    "ReconMatrixPE": 256,
    "RepetitionTime": 2.53,
    "SliceThickness": 1.33,
    "dataset": "ds002731",
    "modality": "T1w",
    "subject_id": "5008"
  },
  "cjv": 0.35591187277822256,
  "cnr": 3.7741919640319415,
  "efc": 0.6391771884063391,
  "fber": 13839.65085872934,
  "fwhm_avg": 3.9246933333333334,
  "fwhm_x": 3.94776,
  "fwhm_y": 4.05003,
  "fwhm_z": 3.77629,
  "icvs_csf": 0.225324984297751,
  "icvs_gm": 0.42658459724712644,
  "icvs_wm": 0.34809041845512256,
  "inu_med": 0.5709787011146545,
  "inu_range": 0.2514769971370697,
  "provenance": {
    "md5sum": "8887dc61b99c0ce987901d895eec9b50",
    "settings": {
      "testing": false
    },
    "software": "mriqc",
    "version": "22.0.6",
    "warnings": {
      "large_rot_frame": true,
      "small_air_mask": false
    },
    "webapi_port": null,
    "webapi_url": "https://mriqc.nimh.nih.gov/api/v1"
  },
  "qi_1": 0.0,
  "qi_2": 0.004726299503318633,
  "rpve_csf": 14.792806531420089,
  "rpve_gm": 7.924582229943126,
  "rpve_wm": 11.207724377377046,
  "size_x": 208,
  "size_y": 203,
  "size_z": 179,
  "snr_csf": 2.215119925995594,
  "snr_gm": 10.53581263884816,
  "snr_total": 11.557582817703638,
  "snr_wm": 21.92181588826716,
  "snrd_csf": 14.91708404830947,
  "snrd_gm": 38.615552626316884,
  "snrd_total": 36.38428075084125,
  "snrd_wm": 55.62020557789739,
  "spacing_x": 1.0,
  "spacing_y": 1.0,
  "spacing_z": 1.0,
  "summary_bg_k": 7.522030356466537,
  "summary_bg_mad": 0.0,
  "summary_bg_mean": 7.731043865523744,
  "summary_bg_median": 0.0,
  "summary_bg_n": 1646369.0,
  "summary_bg_p05": 0.0,
  "summary_bg_p95": 31.646993279457092,
  "summary_bg_stdv": 11.778747811492524,
  "summary_csf_k": 0.8348565802999417,
  "summary_csf_mad": 109.90891782122173,
  "summary_csf_mean": 273.8145962873353,
  "summary_csf_median": 268.19540341198444,
  "summary_csf_n": 39964.0,
  "summary_csf_p05": 83.62010419368744,
  "summary_csf_p95": 487.3717368982732,
  "summary_csf_stdv": 121.07337610987128,
  "summary_gm_k": 0.18095856429936186,
  "summary_gm_mad": 64.41950020671175,
  "summary_gm_mean": 692.7736465849965,
  "summary_gm_median": 694.271995857358,
  "summary_gm_n": 28636.0,
  "summary_gm_p05": 580.8059467822313,
  "summary_gm_p95": 798.6443586014211,
  "summary_gm_stdv": 65.89523724332659,
  "summary_wm_k": 0.34316741493635883,
  "summary_wm_mad": 44.39271257768218,
  "summary_wm_mean": 1000.9683398724814,
  "summary_wm_median": 999.9999614208937,
  "summary_wm_n": 206171.0,
  "summary_wm_p05": 928.2153181284666,
  "summary_wm_p95": 1077.2520730644464,
  "summary_wm_stdv": 45.61654661017017,
  "tpm_overlap_csf": 0.15948311573094973,
  "tpm_overlap_gm": 0.4608512341761326,
  "tpm_overlap_wm": 0.499434278587836,
  "wm2max": 0.5877360452148271
}