{
  "bids_meta": {
    "BaseResolution": 256,
    "ConversionSoftware": "dcm2nii",
    "DeviceSerialNumber": "100875",
    "EchoTime": 0.00339,
    "FlipAngle": 7,
    "InstitutionAddress": "19 Xinjiekouwai Avenue, Haidian Beijing, China",
    "InstitutionName": "Beijing Normal University",
    "InstitutionalDepartmentName": "State Key Laboratory of Cognitive Neuroscience and Learning",
    "InversionTime": 1.1,
    "MRAcquisitionType": "2D",
    "MagneticFieldStrength": 3,
    "Manufacturer": "Siemens",
    "Modality": "MR",
    "ReconMatrixPE": 256,
    "RepetitionTime": 2.53,
    "SliceThickness": 1.33,
    "dataset": "ds002731",
    "modality": "T1w",
    "subject_id": "3548"
  },
  "cjv": 0.3255335098291275,
  "cnr": 3.9963382861477617,
  "efc": 0.6588040139884441,
  "fber": 12358.791821660112,
  "fwhm_avg": 3.8881845733940352,
  "fwhm_x": 3.5455337201821053,
  "fwhm_y": 4.51609,
  "fwhm_z": 3.60293,
  "icvs_csf": 0.26058734638914455,
  "icvs_gm": 0.42387276162676113,
  "icvs_wm": 0.3155398919840943,
  "inu_med": 0.5970374941825867,
  "inu_range": 0.23134176433086395,
  "provenance": {
    "md5sum": "46ea8c547904bd25e81289aee5335e15",
    "settings": {
      "testing": false
    },
    "software": "mriqc",
    "version": "22.0.6",
    "warnings": {
      "large_rot_frame": true,
      "small_air_mask": false
    },
    "webapi_port": null,
    "webapi_url": "https://mriqc.nimh.nih.gov/api/v1"
  },
  "qi_1": 0.0,
  "qi_2": 0.004979363033904867,
  "rpve_csf": 10.850271085565204,
  "rpve_gm": 6.491996634535483,
  "rpve_wm": 10.28429295489103,
  "size_x": 144,
  "size_y": 206,
  "size_z": 173,
  "snr_csf": 1.5758377727980606,
  "snr_gm": 7.478712280039358,
  "snr_total": 11.439027633042826,
  "snr_wm": 25.262532846291062,
  "snrd_csf": 10.82819026235692,
  "snrd_gm": 53.02416069483288,
  "snrd_total": 49.437140437592724,
  "snrd_wm": 84.45907035558838,
  "spacing_x": 1.3300000429153442,
  "spacing_y": 1.0,
  "spacing_z": 1.0,
  "summary_bg_k": 7.707109864257523,
  "summary_bg_mad": 0.0,
  "summary_bg_mean": 4.946275966938906,
  "summary_bg_median": 0.0,
  "summary_bg_n": 942665.0,
  "summary_bg_p05": 0.0,
  "summary_bg_p95": 21.098773419857025,
  "summary_bg_stdv": 7.756850478132897,
  "summary_csf_k": 2.5209327313804764,
  "summary_csf_mad": 64.27620879457614,
  "summary_csf_mean": 142.95171372196563,
  "summary_csf_median": 128.20635949075222,
  "summary_csf_n": 45183.0,
  "summary_csf_p05": 39.50239530354738,
  "summary_csf_p95": 307.08349469006066,
  "summary_csf_stdv": 81.35668718596645,
  "summary_gm_k": 0.10426538965526433,
  "summary_gm_mad": 81.9164572081987,
  "summary_gm_mean": 628.976801892463,
  "summary_gm_median": 627.8089360296726,
  "summary_gm_n": 26196.0,
  "summary_gm_p05": 490.7873355895281,
  "summary_gm_p95": 768.1603371836245,
  "summary_gm_stdv": 83.94452540645004,
  "summary_wm_k": 0.09801894248708987,
  "summary_wm_mad": 39.24419636957732,
  "summary_wm_mean": 999.964758110551,
  "summary_wm_median": 999.9999698847532,
  "summary_wm_n": 138714.0,
  "summary_wm_p05": 934.6082234978676,
  "summary_wm_p95": 1064.8136676847935,
  "summary_wm_stdv": 39.58416883310833,
  "tpm_overlap_csf": 0.15533025162690678,
  "tpm_overlap_gm": 0.4483551984567733,
  "tpm_overlap_wm": 0.4706491171934504,
  "wm2max": 0.7881807999696262
}