{
  "bids_meta": {
    "BaseResolution": 256,
    "ConversionSoftware": "dcm2nii",
    "DeviceSerialNumber": "100875",
    "EchoTime": 0.00309,
    "FlipAngle": 10,
    "InstitutionAddress": "19 Xinjiekouwai Avenue, Haidian Beijing, China",
    "InstitutionName": "Beijing Normal University",
    "InstitutionalDepartmentName": "State Key Laboratory of Cognitive Neuroscience and Learning",
    "InversionTime": 0.8,
    "MRAcquisitionType": "2D",
    "MagneticFieldStrength": 3,
    "Manufacturer": "Siemens",
    "Modality": "MR",
    "ReconMatrixPE": 256,
    "RepetitionTime": 2.53,
    "SliceThickness": 1.33,
    "dataset": "ds002731",
    "modality": "T1w",
    "subject_id": "5030"
  },
  "cjv": 0.32333680698325096,
  "cnr": 4.14052546921755,
  "efc": 0.6313830698762597,
  "fber": 13949.72982412886,
  "fwhm_avg": 4.303853333333333,
  "fwhm_x": 4.3919,
  "fwhm_y": 4.36461,
  "fwhm_z": 4.15505,
  "icvs_csf": 0.25282338964799284,
  "icvs_gm": 0.418973319848263,
  "icvs_wm": 0.32820329050374414,
  "inu_med": 0.5872721672058105,
  "inu_range": 0.26454682648181915,
  "provenance": {
    "md5sum": "e8e19aab85839b2649495ed66e0687aa",
    "settings": {
      "testing": false
    },
    "software": "mriqc",
    "version": "22.0.6",
    "warnings": {
      "large_rot_frame": true,
      "small_air_mask": false
    },
    "webapi_port": null,
    "webapi_url": "https://mriqc.nimh.nih.gov/api/v1"
  },
  "qi_1": 0.0,
  "qi_2": 0.003873107779432944,
  "rpve_csf": 12.969061056015196,
  "rpve_gm": 7.587986695828074,
  "rpve_wm": 11.065594994570493,
  "size_x": 208,
  "size_y": 194,
  "size_z": 178,
  "snr_csf": 1.7856858123846633,
  "snr_gm": 10.277943896031836,
  "snr_total": 11.691486495895534,
  "snr_wm": 23.010829779270104,
  "snrd_csf": 11.712556491668094,
  "snrd_gm": 39.668579486254835,
  "snrd_total": 36.81030473539338,
  "snrd_wm": 59.04977822825721,
  "spacing_x": 1.0,
  "spacing_y": 1.0,
  "spacing_z": 1.0,
  "summary_bg_k": 12.28988184325967,
  "summary_bg_mad": 0.0,
  "summary_bg_mean": 6.937229148523268,
  "summary_bg_median": 0.0,
  "summary_bg_n": 1619134.0,
  "summary_bg_p05": 0.0,
  "summary_bg_p95": 30.587743263691664,
  "summary_bg_stdv": 11.094645964566794,
  "summary_csf_k": 0.2541830744805127,
  "summary_csf_mad": 115.56630431046308,
  "summary_csf_mean": 210.03190038872424,
  "summary_csf_median": 198.35055358707905,
  "summary_csf_n": 67608.0,
  "summary_csf_p05": 54.52900306507945,
  "summary_csf_p95": 411.68701347280273,
  "summary_csf_stdv": 111.07725966668177,
  "summary_gm_k": 0.19189701943414939,
  "summary_gm_mad": 63.767835771309095,
  "summary_gm_mean": 671.759853364428,
  "summary_gm_median": 671.7820064909756,
  "summary_gm_n": 37701.0,
  "summary_gm_p05": 562.9327904172242,
  "summary_gm_p95": 777.8821534886956,
  "summary_gm_stdv": 65.36065032928393,
  "summary_wm_k": 0.23606654796407422,
  "summary_wm_mad": 42.35711421379027,
  "summary_wm_mean": 1000.2458181313889,
  "summary_wm_median": 999.9999751634896,
  "summary_wm_n": 190895.0,
  "summary_wm_p05": 929.5681294687092,
  "summary_wm_p95": 1071.823754567653,
  "summary_wm_stdv": 43.45768342609068,
  "tpm_overlap_csf": 0.1594017987148961,
  "tpm_overlap_gm": 0.47345084076788296,
  "tpm_overlap_wm": 0.5027527758420934,
  "wm2max": 0.5437601105306821
}