{
  "bids_meta": {
    "BaseResolution": 256,
    "ConversionSoftware": "dcm2nii",
    "DeviceSerialNumber": "100875",
    "EchoTime": 0.00309,
    "FlipAngle": 10,
    "InstitutionAddress": "19 Xinjiekouwai Avenue, Haidian Beijing, China",
    "InstitutionName": "Beijing Normal University",
    "InstitutionalDepartmentName": "State Key Laboratory of Cognitive Neuroscience and Learning",
    "InversionTime": 0.8,
    "MRAcquisitionType": "2D",
    "MagneticFieldStrength": 3,
    "Manufacturer": "Siemens",
    "Modality": "MR",
    "ReconMatrixPE": 256,
    "RepetitionTime": 2.53,
    "SliceThickness": 1.33,
    "dataset": "ds002731",
    "modality": "T1w",
    "subject_id": "5011"
  },
  "cjv": 0.3485276087708471,
  "cnr": 3.943268831320885,
  "efc": 0.6229057280974925,
  "fber": 4866.828483015543,
  "fwhm_avg": 4.1297,
  "fwhm_x": 4.17086,
  "fwhm_y": 4.29903,
  "fwhm_z": 3.91921,
  "icvs_csf": 0.23756038212681915,
  "icvs_gm": 0.4157871680448986,
  "icvs_wm": 0.3466524498282822,
  "inu_med": 0.5733347833156586,
  "inu_range": 0.2559468299150467,
  "provenance": {
    "md5sum": "4ba7620bf9e0b6433d96de35f9648555",
    "settings": {
      "testing": false
    },
    "software": "mriqc",
    "version": "22.0.6",
    "warnings": {
      "large_rot_frame": true,
      "small_air_mask": false
    },
    "webapi_port": null,
    "webapi_url": "https://mriqc.nimh.nih.gov/api/v1"
  },
  "qi_1": 0.0,
  "qi_2": 0.005694098870072207,
  "rpve_csf": 16.60906404978563,
  "rpve_gm": 9.39044092200507,
  "rpve_wm": 13.114785136179075,
  "size_x": 208,
  "size_y": 222,
  "size_z": 200,
  "snr_csf": 2.240639021480552,
  "snr_gm": 10.38515464295927,
  "snr_total": 11.518271516972959,
  "snr_wm": 21.929020886479055,
  "snrd_csf": 21.004957983494528,
  "snrd_gm": 57.16052416454487,
  "snrd_total": 54.00603839657409,
  "snrd_wm": 83.85263304168285,
  "spacing_x": 1.0,
  "spacing_y": 1.0,
  "spacing_z": 1.0,
  "summary_bg_k": 4.742548551135501,
  "summary_bg_mad": 7.812949438094738,
  "summary_bg_mean": 8.624131378689565,
  "summary_bg_median": 5.2697543147951365,
  "summary_bg_n": 1983107.0,
  "summary_bg_p05": 0.0,
  "summary_bg_p95": 31.419129779562354,
  "summary_bg_stdv": 11.343326548333952,
  "summary_csf_k": 0.4165695333839077,
  "summary_csf_mad": 109.12789917857731,
  "summary_csf_mean": 251.1022823799692,
  "summary_csf_median": 250.49848348274827,
  "summary_csf_n": 54162.0,
  "summary_csf_p05": 74.57414484396577,
  "summary_csf_p95": 441.6880185393615,
  "summary_csf_stdv": 111.79675466583164,
  "summary_gm_k": 0.016701372525823377,
  "summary_gm_mad": 66.17779334861866,
  "summary_gm_mean": 681.0096088294472,
  "summary_gm_median": 681.6783270668238,
  "summary_gm_n": 26171.0,
  "summary_gm_p05": 571.98198184371,
  "summary_gm_p95": 785.8627941282466,
  "summary_gm_stdv": 65.63843552014932,
  "summary_wm_k": 0.31797744693975316,
  "summary_wm_mad": 44.7660886723266,
  "summary_wm_mean": 1000.4256978817593,
  "summary_wm_median": 999.9999728389084,
  "summary_wm_n": 208363.0,
  "summary_wm_p05": 926.3943233825266,
  "summary_wm_p95": 1075.7135240212083,
  "summary_wm_stdv": 45.60156052358826,
  "tpm_overlap_csf": 0.15503544098253708,
  "tpm_overlap_gm": 0.45079912508524267,
  "tpm_overlap_wm": 0.4870457917205907,
  "wm2max": 0.6190508044605257
}