{
  "bids_meta": {
    "BaseResolution": 256,
    "ConversionSoftware": "dcm2nii",
    "DeviceSerialNumber": "100875",
    "EchoTime": 0.00339,
    "FlipAngle": 7,
    "InstitutionAddress": "19 Xinjiekouwai Avenue, Haidian Beijing, China",
    "InstitutionName": "Beijing Normal University",
    "InstitutionalDepartmentName": "State Key Laboratory of Cognitive Neuroscience and Learning",
    "InversionTime": 1.1,
    "MRAcquisitionType": "2D",
    "MagneticFieldStrength": 3,
    "Manufacturer": "Siemens",
    "Modality": "MR",
    "ReconMatrixPE": 256,
    "RepetitionTime": 2.53,
    "SliceThickness": 1.33,
    "dataset": "ds002731",
    "modality": "T1w",
    "subject_id": "3550"
  },
  "cjv": 0.33022609074611087,
  "cnr": 3.9904082586832335,
  "efc": 0.6283515119594045,
  "fber": 7685.444444444443,
  "fwhm_avg": 4.161758708108953,
  "fwhm_x": 3.6034961243268597,
  "fwhm_y": 4.84741,
  "fwhm_z": 4.03437,
  "icvs_csf": 0.21544600204162997,
  "icvs_gm": 0.42029897063971233,
  "icvs_wm": 0.3642550273186577,
  "inu_med": 0.47579631209373474,
  "inu_range": 0.1751229405403137,
  "provenance": {
    "md5sum": "fe100890df68c50c665081435d1ab097",
    "settings": {
      "testing": false
    },
    "software": "mriqc",
    "version": "22.0.6",
    "warnings": {
      "large_rot_frame": true,
      "small_air_mask": false
    },
    "webapi_port": null,
    "webapi_url": "https://mriqc.nimh.nih.gov/api/v1"
  },
  "qi_1": 0.0,
  "qi_2": 0.004591103276479555,
  "rpve_csf": 15.114218389573477,
  "rpve_gm": 8.078106180911467,
  "rpve_wm": 11.533027721556952,
  "size_x": 144,
  "size_y": 211,
  "size_z": 193,
  "snr_csf": 1.613932420141975,
  "snr_gm": 8.304275911465513,
  "snr_total": 12.016904492698368,
  "snr_wm": 26.132505146487613,
  "snrd_csf": 24.3846583413795,
  "snrd_gm": 84.60517167269663,
  "snrd_total": 79.70810357363074,
  "snrd_wm": 130.1344807068161,
  "spacing_x": 1.3300000429153442,
  "spacing_y": 1.0,
  "spacing_z": 1.0,
  "summary_bg_k": 8.075226073817213,
  "summary_bg_mad": 5.034411129889495,
  "summary_bg_mean": 6.41901614464589,
  "summary_bg_median": 3.395658705383539,
  "summary_bg_n": 1066168.0,
  "summary_bg_p05": 0.0,
  "summary_bg_p95": 26.520524319261312,
  "summary_bg_stdv": 9.68826836412463,
  "summary_csf_k": 0.31603910599993323,
  "summary_csf_mad": 113.24238706093207,
  "summary_csf_mean": 207.04315082241934,
  "summary_csf_median": 187.3844826091081,
  "summary_csf_n": 17511.0,
  "summary_csf_p05": 48.78572950139642,
  "summary_csf_p95": 423.6191692519933,
  "summary_csf_stdv": 116.10097778259711,
  "summary_gm_k": -0.013016003274198606,
  "summary_gm_mad": 78.00150915170559,
  "summary_gm_mean": 649.4658734535018,
  "summary_gm_median": 650.1504387715831,
  "summary_gm_n": 20642.0,
  "summary_gm_p05": 519.1521584560163,
  "summary_gm_p95": 777.1083150579594,
  "summary_gm_stdv": 78.28914853862622,
  "summary_wm_k": 0.3137899327155087,
  "summary_wm_mad": 37.53503994310016,
  "summary_wm_mean": 999.537341958132,
  "summary_wm_median": 1000.0214887354523,
  "summary_wm_n": 153951.0,
  "summary_wm_p05": 936.2131931893528,
  "summary_wm_p95": 1060.305176511407,
  "summary_wm_stdv": 38.267216834669334,
  "tpm_overlap_csf": 0.1657524467452746,
  "tpm_overlap_gm": 0.4795589071701277,
  "tpm_overlap_wm": 0.5203489379397832,
  "wm2max": 0.8524824086762086
}