{
  "bids_meta": {
    "BaseResolution": 256,
    "ConversionSoftware": "dcm2nii",
    "DeviceSerialNumber": "100875",
    "EchoTime": 0.00339,
    "FlipAngle": 7,
    "InstitutionAddress": "19 Xinjiekouwai Avenue, Haidian Beijing, China",
    "InstitutionName": "Beijing Normal University",
    "InstitutionalDepartmentName": "State Key Laboratory of Cognitive Neuroscience and Learning",
    "InversionTime": 1.1,
    "MRAcquisitionType": "2D",
    "MagneticFieldStrength": 3,
    "Manufacturer": "Siemens",
    "Modality": "MR",
    "ReconMatrixPE": 256,
    "RepetitionTime": 2.53,
    "SliceThickness": 1.33,
    "dataset": "ds002731",
    "modality": "T1w",
    "subject_id": "3441"
  },
  "cjv": 0.29739329614262916,
  "cnr": 4.4186822267415495,
  "efc": 0.615726320263899,
  "fber": 8245.352172241444,
  "fwhm_avg": 3.9223359525537482,
  "fwhm_x": 3.4791878576612447,
  "fwhm_y": 4.50856,
  "fwhm_z": 3.77926,
  "icvs_csf": 0.2190191353901792,
  "icvs_gm": 0.4431120148213749,
  "icvs_wm": 0.3378688497884459,
  "inu_med": 0.5149119794368744,
  "inu_range": 0.16740805804729458,
  "provenance": {
    "md5sum": "b12ad0a8d80dd8cc9c23e591cba07efb",
    "settings": {
      "testing": false
    },
    "software": "mriqc",
    "version": "22.0.6",
    "warnings": {
      "large_rot_frame": true,
      "small_air_mask": false
    },
    "webapi_port": null,
    "webapi_url": "https://mriqc.nimh.nih.gov/api/v1"
  },
  "qi_1": 0.0,
  "qi_2": 0.007296947759257795,
  "rpve_csf": 15.459196991549161,
  "rpve_gm": 8.02172739119917,
  "rpve_wm": 12.326282537575269,
  "size_x": 144,
  "size_y": 185,
  "size_z": 197,
  "snr_csf": 1.3607960712156897,
  "snr_gm": 8.080880506423007,
  "snr_total": 12.142796150319882,
  "snr_wm": 26.986711873320953,
  "snrd_csf": 15.81820859482954,
  "snrd_gm": 63.25664378710237,
  "snrd_total": 60.277574819396506,
  "snrd_wm": 101.7578720762576,
  "spacing_x": 1.3300000429153442,
  "spacing_y": 1.0,
  "spacing_z": 1.0,
  "summary_bg_k": 5.210162730160684,
  "summary_bg_mad": 0.0,
  "summary_bg_mean": 4.423216320734226,
  "summary_bg_median": 0.0,
  "summary_bg_n": 830667.0,
  "summary_bg_p05": 0.0,
  "summary_bg_p95": 17.774746634066105,
  "summary_bg_stdv": 6.438188695779158,
  "summary_csf_k": 0.21033280872518345,
  "summary_csf_mad": 104.83862650275161,
  "summary_csf_mean": 183.78452935541154,
  "summary_csf_median": 155.4494785554707,
  "summary_csf_n": 19504.0,
  "summary_csf_p05": 36.50755665767938,
  "summary_csf_p95": 399.3067282531407,
  "summary_csf_stdv": 114.23129205458649,
  "summary_gm_k": -0.0006475616856254085,
  "summary_gm_mad": 77.1377743699127,
  "summary_gm_mean": 623.6786970570788,
  "summary_gm_median": 621.6388052366674,
  "summary_gm_n": 26075.0,
  "summary_gm_p05": 498.09522418789567,
  "summary_gm_p95": 751.8263229109347,
  "summary_gm_stdv": 76.92563754916166,
  "summary_wm_k": 0.470216653538877,
  "summary_wm_mad": 35.38430016968473,
  "summary_wm_mean": 999.1070231985329,
  "summary_wm_median": 999.9999720789492,
  "summary_wm_n": 126406.0,
  "summary_wm_p05": 937.2201124839485,
  "summary_wm_p95": 1058.6884577684104,
  "summary_wm_stdv": 37.05512628796363,
  "tpm_overlap_csf": 0.1542024083645672,
  "tpm_overlap_gm": 0.47730776092082317,
  "tpm_overlap_wm": 0.5016228454654018,
  "wm2max": 0.8084052760282305
}