{
  "bids_meta": {
    "BaseResolution": 256,
    "ConversionSoftware": "dcm2nii",
    "DeviceSerialNumber": "100875",
    "EchoTime": 0.00339,
    "FlipAngle": 7,
    "InstitutionAddress": "19 Xinjiekouwai Avenue, Haidian Beijing, China",
    "InstitutionName": "Beijing Normal University",
    "InstitutionalDepartmentName": "State Key Laboratory of Cognitive Neuroscience and Learning",
    "InversionTime": 1.1,
    "MRAcquisitionType": "2D",
    "MagneticFieldStrength": 3,
    "Manufacturer": "Siemens",
    "Modality": "MR",
    "ReconMatrixPE": 256,
    "RepetitionTime": 2.53,
    "SliceThickness": 1.33,
    "dataset": "ds002731",
    "modality": "T1w",
    "subject_id": "3761"
  },
  "cjv": 0.33398143566299715,
  "cnr": 3.9657989033490537,
  "efc": 0.6438483315623363,
  "fber": 14166.921016806515,
  "fwhm_avg": 4.04024986240679,
  "fwhm_x": 3.4718795872203705,
  "fwhm_y": 4.70712,
  "fwhm_z": 3.94175,
  "icvs_csf": 0.23039778180748807,
  "icvs_gm": 0.4233241391061264,
  "icvs_wm": 0.3462780790863855,
  "inu_med": 0.5338189005851746,
  "inu_range": 0.1858950912952423,
  "provenance": {
    "md5sum": "6eef13832bd537ac3a35b9905fce669d",
    "settings": {
      "testing": false
    },
    "software": "mriqc",
    "version": "22.0.6",
    "warnings": {
      "large_rot_frame": true,
      "small_air_mask": false
    },
    "webapi_port": null,
    "webapi_url": "https://mriqc.nimh.nih.gov/api/v1"
  },
  "qi_1": 0.0,
  "qi_2": 0.003592495443448603,
  "rpve_csf": 13.862333189143675,
  "rpve_gm": 7.699713649379573,
  "rpve_wm": 11.423798241797494,
  "size_x": 144,
  "size_y": 211,
  "size_z": 200,
  "snr_csf": 1.5717929679196203,
  "snr_gm": 8.200630430804322,
  "snr_total": 11.169121628094599,
  "snr_wm": 23.73494148555985,
  "snrd_csf": 21.902016388243943,
  "snrd_gm": 81.86358932483108,
  "snrd_total": 76.9498161409857,
  "snrd_wm": 127.0838427098821,
  "spacing_x": 1.3300000429153442,
  "spacing_y": 1.0,
  "spacing_z": 1.0,
  "summary_bg_k": 12.304394785894209,
  "summary_bg_mad": 5.155262259045417,
  "summary_bg_mean": 6.455152748064871,
  "summary_bg_median": 3.477171553298831,
  "summary_bg_n": 1181184.0,
  "summary_bg_p05": 0.0,
  "summary_bg_p95": 27.601399037986994,
  "summary_bg_stdv": 10.264996695030545,
  "summary_csf_k": 0.6137092234870236,
  "summary_csf_mad": 103.16928570586542,
  "summary_csf_mean": 191.8646708424593,
  "summary_csf_median": 172.34676394611597,
  "summary_csf_n": 20457.0,
  "summary_csf_p05": 43.89443145915866,
  "summary_csf_p95": 399.4039066426456,
  "summary_csf_stdv": 109.64710683706443,
  "summary_gm_k": -0.03669567728514522,
  "summary_gm_mad": 78.72181530349786,
  "summary_gm_mean": 642.953092493865,
  "summary_gm_median": 644.1838255915791,
  "summary_gm_n": 25762.0,
  "summary_gm_p05": 512.2251651438885,
  "summary_gm_p95": 771.0033992622048,
  "summary_gm_stdv": 78.55143922267003,
  "summary_wm_k": 0.5332353212184078,
  "summary_wm_mad": 40.12138888561433,
  "summary_wm_mean": 998.4922856290847,
  "summary_wm_median": 1000.0215803254396,
  "summary_wm_n": 155313.0,
  "summary_wm_p05": 927.0441723838449,
  "summary_wm_p95": 1064.1008846648037,
  "summary_wm_stdv": 42.13275021358935,
  "tpm_overlap_csf": 0.17348968835632944,
  "tpm_overlap_gm": 0.4808044025250448,
  "tpm_overlap_wm": 0.5238839375481917,
  "wm2max": 0.8156962917290584
}