{
  "bids_meta": {
    "BaseResolution": 256,
    "ConversionSoftware": "dcm2nii",
    "DeviceSerialNumber": "100875",
    "EchoTime": 0.00339,
    "FlipAngle": 7,
    "InstitutionAddress": "19 Xinjiekouwai Avenue, Haidian Beijing, China",
    "InstitutionName": "Beijing Normal University",
    "InstitutionalDepartmentName": "State Key Laboratory of Cognitive Neuroscience and Learning",
    "InversionTime": 1.1,
    "MRAcquisitionType": "2D",
    "MagneticFieldStrength": 3,
    "Manufacturer": "Siemens",
    "Modality": "MR",
    "ReconMatrixPE": 256,
    "RepetitionTime": 2.53,
    "SliceThickness": 1.33,
    "dataset": "ds002731",
    "modality": "T1w",
    "subject_id": "3272"
  },
  "cjv": 0.29422998368417086,
  "cnr": 4.478636601644722,
  "efc": 0.6004471721754634,
  "fber": 11472.79012345679,
  "fwhm_avg": 4.327738431616608,
  "fwhm_x": 3.678165294849827,
  "fwhm_y": 5.10426,
  "fwhm_z": 4.20079,
  "icvs_csf": 0.2351347566494966,
  "icvs_gm": 0.4200569835328963,
  "icvs_wm": 0.3448082598176071,
  "inu_med": 0.5092859864234924,
  "inu_range": 0.17054373174905774,
  "provenance": {
    "md5sum": "62e2b9b73f00cbbe2ff1a33a22954b47",
    "settings": {
      "testing": false
    },
    "software": "mriqc",
    "version": "22.0.6",
    "warnings": {
      "large_rot_frame": true,
      "small_air_mask": false
    },
    "webapi_port": null,
    "webapi_url": "https://mriqc.nimh.nih.gov/api/v1"
  },
  "qi_1": 0.0,
  "qi_2": 0.0056753944658017455,
  "rpve_csf": 14.641638773039809,
  "rpve_gm": 8.191551105400736,
  "rpve_wm": 12.001475872047003,
  "size_x": 144,
  "size_y": 210,
  "size_z": 200,
  "snr_csf": 1.3587914868354614,
  "snr_gm": 7.6440218224124195,
  "snr_total": 12.18036229298267,
  "snr_wm": 27.53827356970013,
  "snrd_csf": 13.751276028047673,
  "snrd_gm": 67.80226668056244,
  "snrd_total": 64.37564075216322,
  "snrd_wm": 111.57337954787955,
  "spacing_x": 1.3300000429153442,
  "spacing_y": 1.0,
  "spacing_z": 1.0,
  "summary_bg_k": 7.713824341444301,
  "summary_bg_mad": 0.0,
  "summary_bg_mean": 3.7346668158731804,
  "summary_bg_median": 0.0,
  "summary_bg_n": 1162523.0,
  "summary_bg_p05": 0.0,
  "summary_bg_p95": 15.71191319823265,
  "summary_bg_stdv": 5.871676432472705,
  "summary_csf_k": 1.6870764089603068,
  "summary_csf_mad": 74.68400745580877,
  "summary_csf_mean": 141.70530807945238,
  "summary_csf_median": 123.24615663290024,
  "summary_csf_n": 29897.0,
  "summary_csf_p05": 28.995432943105698,
  "summary_csf_p95": 327.83726730346643,
  "summary_csf_stdv": 90.7012566905064,
  "summary_gm_k": -0.03630314454446637,
  "summary_gm_mad": 81.42310825219201,
  "summary_gm_mean": 610.0333303489988,
  "summary_gm_median": 607.6795173287392,
  "summary_gm_n": 25020.0,
  "summary_gm_p05": 485.3673581779003,
  "summary_gm_p95": 743.441240221262,
  "summary_gm_stdv": 79.49576642369809,
  "summary_wm_k": 0.5740034982377566,
  "summary_wm_mad": 34.003225479467936,
  "summary_wm_mean": 997.8995329461296,
  "summary_wm_median": 999.9792152941227,
  "summary_wm_n": 147746.0,
  "summary_wm_p05": 934.8069465458393,
  "summary_wm_p95": 1053.7152037620544,
  "summary_wm_stdv": 36.31221937865478,
  "tpm_overlap_csf": 0.16455765872909234,
  "tpm_overlap_gm": 0.48019688881381567,
  "tpm_overlap_wm": 0.5239007302477433,
  "wm2max": 0.8910321614173956
}