{
  "bids_meta": {
    "BaseResolution": 256,
    "ConversionSoftware": "dcm2nii",
    "DeviceSerialNumber": "100875",
    "EchoTime": 0.00309,
    "FlipAngle": 10,
    "InstitutionAddress": "19 Xinjiekouwai Avenue, Haidian Beijing, China",
    "InstitutionName": "Beijing Normal University",
    "InstitutionalDepartmentName": "State Key Laboratory of Cognitive Neuroscience and Learning",
    "InversionTime": 0.8,
    "MRAcquisitionType": "2D",
    "MagneticFieldStrength": 3,
    "Manufacturer": "Siemens",
    "Modality": "MR",
    "ReconMatrixPE": 256,
    "RepetitionTime": 2.53,
    "SliceThickness": 1.33,
    "dataset": "ds002731",
    "modality": "T1w",
    "subject_id": "5037"
  },
  "cjv": 0.35803198370828554,
  "cnr": 3.7989697000403826,
  "efc": 0.6314945284854792,
  "fber": 12091.76610712345,
  "fwhm_avg": 3.95133,
  "fwhm_x": 3.93618,
  "fwhm_y": 4.14984,
  "fwhm_z": 3.76797,
  "icvs_csf": 0.22093264532197646,
  "icvs_gm": 0.4275052943575927,
  "icvs_wm": 0.35156206032043086,
  "inu_med": 0.577374666929245,
  "inu_range": 0.2681401714682579,
  "provenance": {
    "md5sum": "3c34068cd0f5a42b8f69e5841a33b0f8",
    "settings": {
      "testing": false
    },
    "software": "mriqc",
    "version": "22.0.6",
    "warnings": {
      "large_rot_frame": true,
      "small_air_mask": false
    },
    "webapi_port": null,
    "webapi_url": "https://mriqc.nimh.nih.gov/api/v1"
  },
  "qi_1": 0.0,
  "qi_2": 0.004760107706104534,
  "rpve_csf": 17.36502960380751,
  "rpve_gm": 9.170229071452457,
  "rpve_wm": 12.854014880985284,
  "size_x": 208,
  "size_y": 228,
  "size_z": 198,
  "snr_csf": 2.4269381501330765,
  "snr_gm": 10.852815786017532,
  "snr_total": 11.568143453817969,
  "snr_wm": 21.424676425303304,
  "snrd_csf": 15.63147118567524,
  "snrd_gm": 41.286606255186264,
  "snrd_total": 38.75103735033236,
  "snrd_wm": 59.33503461013559,
  "spacing_x": 1.0,
  "spacing_y": 1.0,
  "spacing_z": 1.0,
  "summary_bg_k": 5.523616882255327,
  "summary_bg_mad": 0.0,
  "summary_bg_mean": 7.367418543242328,
  "summary_bg_median": 0.0,
  "summary_bg_n": 1947805.0,
  "summary_bg_p05": 0.0,
  "summary_bg_p95": 30.34672448039055,
  "summary_bg_stdv": 11.041669386697906,
  "summary_csf_k": 2.4195058873202013,
  "summary_csf_mad": 92.60797267855732,
  "summary_csf_mean": 270.3937188736645,
  "summary_csf_median": 263.45282731950283,
  "summary_csf_n": 44489.0,
  "summary_csf_p05": 97.33236685395241,
  "summary_csf_p95": 460.14286078214633,
  "summary_csf_stdv": 108.55236109432352,
  "summary_gm_k": 0.06326131516532163,
  "summary_gm_mad": 63.5282918558309,
  "summary_gm_mean": 694.8546655720517,
  "summary_gm_median": 695.8444934040308,
  "summary_gm_n": 29046.0,
  "summary_gm_p05": 586.9108949452639,
  "summary_gm_p95": 797.5682869106531,
  "summary_gm_stdv": 64.1153898399955,
  "summary_wm_k": 0.25240133642870477,
  "summary_wm_mad": 45.38082186871592,
  "summary_wm_mean": 1000.7029774953312,
  "summary_wm_median": 1000.0327187031507,
  "summary_wm_n": 217813.0,
  "summary_wm_p05": 925.1818345636129,
  "summary_wm_p95": 1078.4885053187609,
  "summary_wm_stdv": 46.67657066210061,
  "tpm_overlap_csf": 0.16541098271823892,
  "tpm_overlap_gm": 0.45399098151405387,
  "tpm_overlap_wm": 0.4846248487937397,
  "wm2max": 0.5534792751984141
}