{
  "bids_meta": {
    "BaseResolution": 256,
    "ConversionSoftware": "dcm2nii",
    "DeviceSerialNumber": "100875",
    "EchoTime": 0.00309,
    "FlipAngle": 10,
    "InstitutionAddress": "19 Xinjiekouwai Avenue, Haidian Beijing, China",
    "InstitutionName": "Beijing Normal University",
    "InstitutionalDepartmentName": "State Key Laboratory of Cognitive Neuroscience and Learning",
    "InversionTime": 0.8,
    "MRAcquisitionType": "2D",
    "MagneticFieldStrength": 3,
    "Manufacturer": "Siemens",
    "Modality": "MR",
    "ReconMatrixPE": 256,
    "RepetitionTime": 2.53,
    "SliceThickness": 1.33,
    "dataset": "ds002731",
    "modality": "T1w",
    "subject_id": "5040"
  },
  "cjv": 0.3510467481791232,
  "cnr": 3.847327249512158,
  "efc": 0.656164233205341,
  "fber": 10728.097693669304,
  "fwhm_avg": 4.206183333333333,
  "fwhm_x": 4.27365,
  "fwhm_y": 4.34227,
  "fwhm_z": 4.00263,
  "icvs_csf": 0.23529985947649498,
  "icvs_gm": 0.4194560904898338,
  "icvs_wm": 0.3452440500336712,
  "inu_med": 0.5970056056976318,
  "inu_range": 0.30740305185317984,
  "provenance": {
    "md5sum": "21b183ad130c0a56da95f73c777c2ee6",
    "settings": {
      "testing": false
    },
    "software": "mriqc",
    "version": "22.0.6",
    "warnings": {
      "large_rot_frame": true,
      "small_air_mask": false
    },
    "webapi_port": null,
    "webapi_url": "https://mriqc.nimh.nih.gov/api/v1"
  },
  "qi_1": 0.0,
  "qi_2": 0.004933840608163414,
  "rpve_csf": 12.594879194704147,
  "rpve_gm": 7.045071974178336,
  "rpve_wm": 9.955542058694574,
  "size_x": 208,
  "size_y": 196,
  "size_z": 172,
  "snr_csf": 2.203566694894877,
  "snr_gm": 10.442072557924657,
  "snr_total": 11.579001959229098,
  "snr_wm": 22.091366624867756,
  "snrd_csf": 22.710370436228718,
  "snrd_gm": 62.27841888786056,
  "snrd_total": 58.466804101210926,
  "snrd_wm": 90.4116229795435,
  "spacing_x": 1.0,
  "spacing_y": 1.0,
  "spacing_z": 1.0,
  "summary_bg_k": 4.693833019242429,
  "summary_bg_mad": 7.246152263190024,
  "summary_bg_mean": 8.5396704895322,
  "summary_bg_median": 4.887455429881811,
  "summary_bg_n": 1503387.0,
  "summary_bg_p05": 0.0,
  "summary_bg_p95": 32.81577217206359,
  "summary_bg_stdv": 11.868315512023525,
  "summary_csf_k": 0.4628262354632171,
  "summary_csf_mad": 111.40342935244526,
  "summary_csf_mean": 251.66915220371348,
  "summary_csf_median": 251.18861069902778,
  "summary_csf_n": 51045.0,
  "summary_csf_p05": 67.7926640920341,
  "summary_csf_p95": 442.33134040236473,
  "summary_csf_stdv": 113.99071823261436,
  "summary_gm_k": 0.0823910592527719,
  "summary_gm_mad": 65.31395747433184,
  "summary_gm_mean": 688.1381819144177,
  "summary_gm_median": 688.8319836482406,
  "summary_gm_n": 31828.0,
  "summary_gm_p05": 578.483546920307,
  "summary_gm_p95": 794.7152144970372,
  "summary_gm_stdv": 65.96594292739196,
  "summary_wm_k": 0.3105314248917561,
  "summary_wm_mad": 43.92055555443749,
  "summary_wm_mean": 1000.5387954295373,
  "summary_wm_median": 999.9999793507159,
  "summary_wm_n": 206446.0,
  "summary_wm_p05": 927.3531078249216,
  "summary_wm_p95": 1075.6724185235798,
  "summary_wm_stdv": 45.266441609878115,
  "tpm_overlap_csf": 0.1646659270532314,
  "tpm_overlap_gm": 0.45798180080499146,
  "tpm_overlap_wm": 0.5030082680463202,
  "wm2max": 0.6235261234631195
}