{
  "bids_meta": {
    "BaseResolution": 256,
    "ConversionSoftware": "dcm2nii",
    "DeviceSerialNumber": "100875",
    "EchoTime": 0.00309,
    "FlipAngle": 10,
    "InstitutionAddress": "19 Xinjiekouwai Avenue, Haidian Beijing, China",
    "InstitutionName": "Beijing Normal University",
    "InstitutionalDepartmentName": "State Key Laboratory of Cognitive Neuroscience and Learning",
    "InversionTime": 0.8,
    "MRAcquisitionType": "2D",
    "MagneticFieldStrength": 3,
    "Manufacturer": "Siemens",
    "Modality": "MR",
    "ReconMatrixPE": 256,
    "RepetitionTime": 2.53,
    "SliceThickness": 1.33,
    "dataset": "ds002731",
    "modality": "T1w",
    "subject_id": "5034"
  },
  "cjv": 0.321676116234469,
  "cnr": 4.138573422228951,
  "efc": 0.6403282447165437,
  "fber": 12482.44606813919,
  "fwhm_avg": 4.094216666666667,
  "fwhm_x": 4.2367,
  "fwhm_y": 4.10404,
  "fwhm_z": 3.94191,
  "icvs_csf": 0.2283637396571056,
  "icvs_gm": 0.43381393402522495,
  "icvs_wm": 0.33782232631766945,
  "inu_med": 0.5987251400947571,
  "inu_range": 0.29403682500123973,
  "provenance": {
    "md5sum": "bc594ffcdf4c49565c5bfff7a60d5daf",
    "settings": {
      "testing": false
    },
    "software": "mriqc",
    "version": "22.0.6",
    "warnings": {
      "large_rot_frame": true,
      "small_air_mask": false
    },
    "webapi_port": null,
    "webapi_url": "https://mriqc.nimh.nih.gov/api/v1"
  },
  "qi_1": 0.0,
  "qi_2": 0.00499228740330841,
  "rpve_csf": 12.86956335483777,
  "rpve_gm": 6.89256335913305,
  "rpve_wm": 10.075123858745412,
  "size_x": 208,
  "size_y": 201,
  "size_z": 171,
  "snr_csf": 2.1531992904404498,
  "snr_gm": 10.323391022729236,
  "snr_total": 11.219143479253626,
  "snr_wm": 21.180840124591196,
  "snrd_csf": 13.58932080733931,
  "snrd_gm": 39.47113942043294,
  "snrd_total": 37.442121409526095,
  "snrd_wm": 59.26590400080604,
  "spacing_x": 1.0,
  "spacing_y": 1.0,
  "spacing_z": 1.0,
  "summary_bg_k": 5.209324828141369,
  "summary_bg_mad": 0.0,
  "summary_bg_mean": 7.516301233555229,
  "summary_bg_median": 0.0,
  "summary_bg_n": 1673111.0,
  "summary_bg_p05": 0.0,
  "summary_bg_p95": 30.363564059138298,
  "summary_bg_stdv": 11.054187366015219,
  "summary_csf_k": 0.6747228582115037,
  "summary_csf_mad": 105.29806585442246,
  "summary_csf_mean": 230.70445658142327,
  "summary_csf_median": 229.29408041015267,
  "summary_csf_n": 56240.0,
  "summary_csf_p05": 65.73496492337436,
  "summary_csf_p95": 413.4423353113234,
  "summary_csf_stdv": 106.48900122114496,
  "summary_gm_k": 0.2489003837038415,
  "summary_gm_mad": 62.33135183420594,
  "summary_gm_mean": 664.8406022515555,
  "summary_gm_median": 666.000806402415,
  "summary_gm_n": 41037.0,
  "summary_gm_p05": 556.8087587282062,
  "summary_gm_p95": 770.0052330106496,
  "summary_gm_stdv": 64.51297739750062,
  "summary_wm_k": 0.5035724090748634,
  "summary_wm_mad": 45.10821514317535,
  "summary_wm_mean": 1000.2430858544624,
  "summary_wm_median": 1000.0000110529363,
  "summary_wm_n": 205985.0,
  "summary_wm_p05": 923.4457215070724,
  "summary_wm_p95": 1077.6299329288304,
  "summary_wm_stdv": 47.212366355937846,
  "tpm_overlap_csf": 0.16124326203403055,
  "tpm_overlap_gm": 0.4580169480681347,
  "tpm_overlap_wm": 0.49106191522829085,
  "wm2max": 0.5892397957335844
}