{
  "bids_meta": {
    "BaseResolution": 256,
    "ConversionSoftware": "dcm2nii",
    "DeviceSerialNumber": "100875",
    "EchoTime": 0.00309,
    "FlipAngle": 10,
    "InstitutionAddress": "19 Xinjiekouwai Avenue, Haidian Beijing, China",
    "InstitutionName": "Beijing Normal University",
    "InstitutionalDepartmentName": "State Key Laboratory of Cognitive Neuroscience and Learning",
    "InversionTime": 0.8,
    "MRAcquisitionType": "2D",
    "MagneticFieldStrength": 3,
    "Manufacturer": "Siemens",
    "Modality": "MR",
    "ReconMatrixPE": 256,
    "RepetitionTime": 2.53,
    "SliceThickness": 1.33,
    "dataset": "ds002731",
    "modality": "T1w",
    "subject_id": "5009"
  },
  "cjv": 0.34980712490413346,
  "cnr": 3.8582210604988982,
  "efc": 0.6448811555005338,
  "fber": 9158.935121687398,
  "fwhm_avg": 4.254756666666666,
  "fwhm_x": 4.31708,
  "fwhm_y": 4.39695,
  "fwhm_z": 4.05024,
  "icvs_csf": 0.20873237651165163,
  "icvs_gm": 0.43984441903019295,
  "icvs_wm": 0.35142320445815545,
  "inu_med": 0.6023069620132446,
  "inu_range": 0.31083981394767757,
  "provenance": {
    "md5sum": "f10303e27ae70ccc814d944a69de906f",
    "settings": {
      "testing": false
    },
    "software": "mriqc",
    "version": "22.0.6",
    "warnings": {
      "large_rot_frame": true,
      "small_air_mask": false
    },
    "webapi_port": null,
    "webapi_url": "https://mriqc.nimh.nih.gov/api/v1"
  },
  "qi_1": 0.0,
  "qi_2": 0.004643435172306319,
  "rpve_csf": 14.669173678621792,
  "rpve_gm": 7.295289699762874,
  "rpve_wm": 10.429662542062443,
  "size_x": 208,
  "size_y": 219,
  "size_z": 174,
  "snr_csf": 1.9656221618058611,
  "snr_gm": 10.203089990683075,
  "snr_total": 11.137106573472025,
  "snr_wm": 21.242607567927138,
  "snrd_csf": 17.846445267250736,
  "snrd_gm": 53.511239208373105,
  "snrd_total": 49.98043397373311,
  "snrd_wm": 78.58361744557551,
  "spacing_x": 1.0,
  "spacing_y": 1.0,
  "spacing_z": 1.0,
  "summary_bg_k": 4.984363286231181,
  "summary_bg_mad": 8.336805906147944,
  "summary_bg_mean": 9.575243647307508,
  "summary_bg_median": 5.623090133070946,
  "summary_bg_n": 1711301.0,
  "summary_bg_p05": 0.0,
  "summary_bg_p95": 36.7938614487648,
  "summary_bg_stdv": 12.972043467224564,
  "summary_csf_k": 1.503431108146132,
  "summary_csf_mad": 114.1130426922447,
  "summary_csf_mean": 229.96931018400596,
  "summary_csf_median": 227.1013338714838,
  "summary_csf_n": 43491.0,
  "summary_csf_p05": 55.32080581784248,
  "summary_csf_p95": 429.1587894335389,
  "summary_csf_stdv": 115.53528819978757,
  "summary_gm_k": 0.1390861340132874,
  "summary_gm_mad": 65.97160280645397,
  "summary_gm_mean": 680.2296337554561,
  "summary_gm_median": 680.9464640915394,
  "summary_gm_n": 48423.0,
  "summary_gm_p05": 569.8173012882471,
  "summary_gm_p95": 788.5945115581155,
  "summary_gm_stdv": 66.7385501301481,
  "summary_wm_k": 0.3066352845638076,
  "summary_wm_mad": 45.635579150994815,
  "summary_wm_mean": 1001.2723840593304,
  "summary_wm_median": 999.9999481737614,
  "summary_wm_n": 233615.0,
  "summary_wm_p05": 926.3147150427103,
  "summary_wm_p95": 1080.7384215295315,
  "summary_wm_stdv": 47.07509681663979,
  "tpm_overlap_csf": 0.16785629324012705,
  "tpm_overlap_gm": 0.46699579460977053,
  "tpm_overlap_wm": 0.502441636714259,
  "wm2max": 0.5795719990957727
}