{
  "bids_meta": {
    "BaseResolution": 256,
    "ConversionSoftware": "dcm2nii",
    "DeviceSerialNumber": "100875",
    "EchoTime": 0.00339,
    "FlipAngle": 7,
    "InstitutionAddress": "19 Xinjiekouwai Avenue, Haidian Beijing, China",
    "InstitutionName": "Beijing Normal University",
    "InstitutionalDepartmentName": "State Key Laboratory of Cognitive Neuroscience and Learning",
    "InversionTime": 1.1,
    "MRAcquisitionType": "2D",
    "MagneticFieldStrength": 3,
    "Manufacturer": "Siemens",
    "Modality": "MR",
    "ReconMatrixPE": 256,
    "RepetitionTime": 2.53,
    "SliceThickness": 1.33,
    "dataset": "ds002731",
    "modality": "T1w",
    "subject_id": "3584"
  },
  "cjv": 0.32397867270795955,
  "cnr": 4.163450093844664,
  "efc": 0.6317024862035646,
  "fber": 18645.812069646065,
  "fwhm_avg": 4.063975124109265,
  "fwhm_x": 3.6071953723277965,
  "fwhm_y": 4.6609,
  "fwhm_z": 3.92383,
  "icvs_csf": 0.21933310790055632,
  "icvs_gm": 0.4425899772230822,
  "icvs_wm": 0.3380769148763615,
  "inu_med": 0.4875965118408203,
  "inu_range": 0.2186493366956711,
  "provenance": {
    "md5sum": "5baa68264285ed606e2c562e65b16794",
    "settings": {
      "testing": false
    },
    "software": "mriqc",
    "version": "22.0.6",
    "warnings": {
      "large_rot_frame": true,
      "small_air_mask": false
    },
    "webapi_port": null,
    "webapi_url": "https://mriqc.nimh.nih.gov/api/v1"
  },
  "qi_1": 1.0506473300862494e-05,
  "qi_2": 0.00467403076040219,
  "rpve_csf": 12.344931121228317,
  "rpve_gm": 6.341875590315121,
  "rpve_wm": 9.778360705764243,
  "size_x": 144,
  "size_y": 198,
  "size_z": 157,
  "snr_csf": 1.421761543897478,
  "snr_gm": 9.030781189992975,
  "snr_total": 12.183012622972266,
  "snr_wm": 26.096495135026345,
  "snrd_csf": 21.40052824337507,
  "snrd_gm": 86.42068272606062,
  "snrd_total": 79.85824041036486,
  "snrd_wm": 131.75351026165887,
  "spacing_x": 1.3300000429153442,
  "spacing_y": 1.0,
  "spacing_z": 1.0,
  "summary_bg_k": 108.82789498902211,
  "summary_bg_mad": 4.972439799027042,
  "summary_bg_mean": 5.7024664489976225,
  "summary_bg_median": 3.3538596779108047,
  "summary_bg_n": 999406.0,
  "summary_bg_p05": 0.0,
  "summary_bg_p95": 21.82757855951786,
  "summary_bg_stdv": 9.272469838805577,
  "summary_csf_k": 0.6325321399814587,
  "summary_csf_mad": 100.06016152960156,
  "summary_csf_mean": 187.03558335315145,
  "summary_csf_median": 162.42852382734418,
  "summary_csf_n": 21344.0,
  "summary_csf_p05": 38.29860336296261,
  "summary_csf_p95": 413.0388155959546,
  "summary_csf_stdv": 114.24188497988273,
  "summary_gm_k": -0.038250080889316695,
  "summary_gm_mad": 72.9562888545771,
  "summary_gm_mean": 657.0124010841167,
  "summary_gm_median": 655.926982909441,
  "summary_gm_n": 25047.0,
  "summary_gm_p05": 538.11029092893,
  "summary_gm_p95": 778.0349658384916,
  "summary_gm_stdv": 72.63091365589517,
  "summary_wm_k": 0.12535594625889823,
  "summary_wm_mad": 38.516029590824225,
  "summary_wm_mean": 1000.0020791743556,
  "summary_wm_median": 999.9999970793724,
  "summary_wm_n": 135110.0,
  "summary_wm_p05": 937.3487986698747,
  "summary_wm_p95": 1061.8814572021365,
  "summary_wm_stdv": 38.31918007418654,
  "tpm_overlap_csf": 0.16965561470037013,
  "tpm_overlap_gm": 0.4850769978871118,
  "tpm_overlap_wm": 0.5182796744955661,
  "wm2max": 0.7352131453668802
}