{
  "bids_meta": {
    "BaseResolution": 256,
    "ConversionSoftware": "dcm2nii",
    "DeviceSerialNumber": "100875",
    "EchoTime": 0.00339,
    "FlipAngle": 7,
    "InstitutionAddress": "19 Xinjiekouwai Avenue, Haidian Beijing, China",
    "InstitutionName": "Beijing Normal University",
    "InstitutionalDepartmentName": "State Key Laboratory of Cognitive Neuroscience and Learning",
    "InversionTime": 1.1,
    "MRAcquisitionType": "2D",
    "MagneticFieldStrength": 3,
    "Manufacturer": "Siemens",
    "Modality": "MR",
    "ReconMatrixPE": 256,
    "RepetitionTime": 2.53,
    "SliceThickness": 1.33,
    "dataset": "ds002731",
    "modality": "T1w",
    "subject_id": "3715"
  },
  "cjv": 0.30608049018012295,
  "cnr": 4.2815673460040955,
  "efc": 0.6441891728010467,
  "fber": 3974.237183569801,
  "fwhm_avg": 3.861927031180578,
  "fwhm_x": 3.3924810935417336,
  "fwhm_y": 4.55605,
  "fwhm_z": 3.63725,
  "icvs_csf": 0.22497484246841337,
  "icvs_gm": 0.4320182287209531,
  "icvs_wm": 0.34300692881063355,
  "inu_med": 0.5278698205947876,
  "inu_range": 0.22765178978443146,
  "provenance": {
    "md5sum": "fee20e86ea26975fe76d88c35671e58d",
    "settings": {
      "testing": false
    },
    "software": "mriqc",
    "version": "22.0.6",
    "warnings": {
      "large_rot_frame": true,
      "small_air_mask": false
    },
    "webapi_port": null,
    "webapi_url": "https://mriqc.nimh.nih.gov/api/v1"
  },
  "qi_1": 0.0,
  "qi_2": 0.006645584920549465,
  "rpve_csf": 14.450978778584075,
  "rpve_gm": 7.796534749008511,
  "rpve_wm": 12.01331938431541,
  "size_x": 144,
  "size_y": 204,
  "size_z": 200,
  "snr_csf": 1.4770892996716871,
  "snr_gm": 8.74350404348979,
  "snr_total": 12.093925771438899,
  "snr_wm": 26.061183971155227,
  "snrd_csf": 19.57719887107312,
  "snrd_gm": 80.2763681632672,
  "snrd_total": 74.891170507257,
  "snrd_wm": 124.81994448743067,
  "spacing_x": 1.3300000429153442,
  "spacing_y": 1.0,
  "spacing_z": 1.0,
  "summary_bg_k": 5.98762185982226,
  "summary_bg_mad": 5.248777317276935,
  "summary_bg_mean": 5.640170858636164,
  "summary_bg_median": 3.5402465015649796,
  "summary_bg_n": 1068896.0,
  "summary_bg_p05": 0.0,
  "summary_bg_p95": 21.504605438560247,
  "summary_bg_stdv": 8.029553800561295,
  "summary_csf_k": 1.7866951175786179,
  "summary_csf_mad": 82.8101015935246,
  "summary_csf_mean": 180.6177643695869,
  "summary_csf_median": 156.84727237001061,
  "summary_csf_n": 17621.0,
  "summary_csf_p05": 49.53953043743968,
  "summary_csf_p95": 398.15812850371003,
  "summary_csf_stdv": 106.18370992441449,
  "summary_gm_k": 0.28575642140277857,
  "summary_gm_mad": 71.4613938804934,
  "summary_gm_mean": 642.0255505735615,
  "summary_gm_median": 643.1527546457946,
  "summary_gm_n": 17391.0,
  "summary_gm_p05": 518.8733580317348,
  "summary_gm_p95": 759.6818818915635,
  "summary_gm_stdv": 73.55566603683904,
  "summary_wm_k": 0.28523702197715295,
  "summary_wm_mad": 37.769917857432,
  "summary_wm_mean": 998.9153181571552,
  "summary_wm_median": 1000.0239543542266,
  "summary_wm_n": 143319.0,
  "summary_wm_p05": 934.8403616733849,
  "summary_wm_p95": 1059.25132150203,
  "summary_wm_stdv": 38.37202740483464,
  "tpm_overlap_csf": 0.16829229831140724,
  "tpm_overlap_gm": 0.4696800999550849,
  "tpm_overlap_wm": 0.5091372897882301,
  "wm2max": 0.8438700859923366
}