{
  "bids_meta": {
    "BaseResolution": 256,
    "ConversionSoftware": "dcm2nii",
    "DeviceSerialNumber": "100875",
    "EchoTime": 0.00309,
    "FlipAngle": 10,
    "InstitutionAddress": "19 Xinjiekouwai Avenue, Haidian Beijing, China",
    "InstitutionName": "Beijing Normal University",
    "InstitutionalDepartmentName": "State Key Laboratory of Cognitive Neuroscience and Learning",
    "InversionTime": 0.8,
    "MRAcquisitionType": "2D",
    "MagneticFieldStrength": 3,
    "Manufacturer": "Siemens",
    "Modality": "MR",
    "ReconMatrixPE": 256,
    "RepetitionTime": 2.53,
    "SliceThickness": 1.33,
    "dataset": "ds002731",
    "modality": "T1w",
    "subject_id": "5023"
  },
  "cjv": 0.344052375291084,
  "cnr": 3.8727809649980616,
  "efc": 0.6420555744775417,
  "fber": 12424.446225,
  "fwhm_avg": 4.2892166666666665,
  "fwhm_x": 4.34039,
  "fwhm_y": 4.40559,
  "fwhm_z": 4.12167,
  "icvs_csf": 0.22523621094382892,
  "icvs_gm": 0.41381520028726515,
  "icvs_wm": 0.3609485887689059,
  "inu_med": 0.5301975607872009,
  "inu_range": 0.23446769714355464,
  "provenance": {
    "md5sum": "3e6601d8dfaf6306a2cd6fdec5a14c57",
    "settings": {
      "testing": false
    },
    "software": "mriqc",
    "version": "22.0.6",
    "warnings": {
      "large_rot_frame": true,
      "small_air_mask": false
    },
    "webapi_port": null,
    "webapi_url": "https://mriqc.nimh.nih.gov/api/v1"
  },
  "qi_1": 0.0,
  "qi_2": 0.0053231613345310095,
  "rpve_csf": 14.48801783181969,
  "rpve_gm": 7.981607188967567,
  "rpve_wm": 10.91181875284466,
  "size_x": 208,
  "size_y": 210,
  "size_z": 178,
  "snr_csf": 1.5939645562987539,
  "snr_gm": 9.190406396857005,
  "snr_total": 11.411313322813056,
  "snr_wm": 23.449569015283405,
  "snrd_csf": 21.47608106208339,
  "snrd_gm": 70.69546963927881,
  "snrd_total": 65.880006241729,
  "snrd_wm": 105.46846802382481,
  "spacing_x": 1.0,
  "spacing_y": 1.0,
  "spacing_z": 1.0,
  "summary_bg_k": 5.637961658881538,
  "summary_bg_mad": 6.211680237300605,
  "summary_bg_mean": 7.402401142056785,
  "summary_bg_median": 4.189714651554823,
  "summary_bg_n": 1665033.0,
  "summary_bg_p05": 0.0,
  "summary_bg_p95": 28.36957110464573,
  "summary_bg_stdv": 10.47276615877303,
  "summary_csf_k": 7.899681668960403,
  "summary_csf_mad": 131.33846776253242,
  "summary_csf_mean": 213.67921196019685,
  "summary_csf_median": 203.6256088167429,
  "summary_csf_n": 45381.0,
  "summary_csf_p05": 40.445807453244925,
  "summary_csf_p95": 426.3924630023539,
  "summary_csf_stdv": 127.74648249739361,
  "summary_gm_k": 0.08799078098420532,
  "summary_gm_mad": 71.77941607547366,
  "summary_gm_mean": 669.3096012653019,
  "summary_gm_median": 670.2995767369866,
  "summary_gm_n": 40507.0,
  "summary_gm_p05": 548.211839465797,
  "summary_gm_p95": 788.726105845347,
  "summary_gm_stdv": 72.93380443347834,
  "summary_wm_k": 0.222354760466843,
  "summary_wm_mad": 41.65479688542759,
  "summary_wm_mean": 1000.5808535993095,
  "summary_wm_median": 999.9999976828694,
  "summary_wm_n": 234260.0,
  "summary_wm_p05": 931.5953754633665,
  "summary_wm_p95": 1071.7454381212592,
  "summary_wm_stdv": 42.64461588390981,
  "tpm_overlap_csf": 0.16191209295893136,
  "tpm_overlap_gm": 0.46120483164979753,
  "tpm_overlap_wm": 0.5062403141722196,
  "wm2max": 0.6863578649571568
}