{
  "bids_meta": {
    "BaseResolution": 256,
    "ConversionSoftware": "dcm2nii",
    "DeviceSerialNumber": "100875",
    "EchoTime": 0.00339,
    "FlipAngle": 7,
    "InstitutionAddress": "19 Xinjiekouwai Avenue, Haidian Beijing, China",
    "InstitutionName": "Beijing Normal University",
    "InstitutionalDepartmentName": "State Key Laboratory of Cognitive Neuroscience and Learning",
    "InversionTime": 1.1,
    "MRAcquisitionType": "2D",
    "MagneticFieldStrength": 3,
    "Manufacturer": "Siemens",
    "Modality": "MR",
    "ReconMatrixPE": 256,
    "RepetitionTime": 2.53,
    "SliceThickness": 1.33,
    "dataset": "ds002731",
    "modality": "T1w",
    "subject_id": "3404"
  },
  "cjv": 0.312726155536968,
  "cnr": 4.23719218999786,
  "efc": 0.584106085438315,
  "fber": 8408.890000000001,
  "fwhm_avg": 4.261107378514609,
  "fwhm_x": 3.721902135543826,
  "fwhm_y": 4.96193,
  "fwhm_z": 4.09949,
  "icvs_csf": 0.21616174085466636,
  "icvs_gm": 0.42536920284473045,
  "icvs_wm": 0.35846905630060316,
  "inu_med": 0.5353285074234009,
  "inu_range": 0.195249581336975,
  "provenance": {
    "md5sum": "1383e0797f3a5f6ca2979cf588f075d1",
    "settings": {
      "testing": false
    },
    "software": "mriqc",
    "version": "22.0.6",
    "warnings": {
      "large_rot_frame": true,
      "small_air_mask": false
    },
    "webapi_port": null,
    "webapi_url": "https://mriqc.nimh.nih.gov/api/v1"
  },
  "qi_1": 0.0,
  "qi_2": 0.006475114597813067,
  "rpve_csf": 17.767431330332094,
  "rpve_gm": 9.337897619403439,
  "rpve_wm": 13.426614404395067,
  "size_x": 144,
  "size_y": 239,
  "size_z": 200,
  "snr_csf": 1.5465722582772883,
  "snr_gm": 8.208830772310712,
  "snr_total": 12.604540336537104,
  "snr_wm": 28.058217979023315,
  "snrd_csf": 16.333252404507785,
  "snrd_gm": 58.6635982195238,
  "snrd_total": 55.699152360406124,
  "snrd_wm": 92.1006064571868,
  "spacing_x": 1.3300000429153442,
  "spacing_y": 1.0,
  "spacing_z": 1.0,
  "summary_bg_k": 6.419663869196979,
  "summary_bg_mad": 0.0,
  "summary_bg_mean": 5.021737091153402,
  "summary_bg_median": 0.0,
  "summary_bg_n": 1253204.0,
  "summary_bg_p05": 0.0,
  "summary_bg_p95": 19.379546500742435,
  "summary_bg_stdv": 7.113452097329851,
  "summary_csf_k": -0.1282903964506703,
  "summary_csf_mad": 117.8628205039967,
  "summary_csf_mean": 197.36746999483384,
  "summary_csf_median": 177.34598256647587,
  "summary_csf_n": 24745.0,
  "summary_csf_p05": 40.50685051083565,
  "summary_csf_p95": 409.0266618207097,
  "summary_csf_stdv": 114.66803320056641,
  "summary_gm_k": -0.10640597359933812,
  "summary_gm_mad": 79.96609402768739,
  "summary_gm_mean": 637.4477262419144,
  "summary_gm_median": 636.9676540512592,
  "summary_gm_n": 24808.0,
  "summary_gm_p05": 510.9890357540921,
  "summary_gm_p95": 763.8895473571494,
  "summary_gm_stdv": 77.59385394103583,
  "summary_wm_k": 0.6383818038989295,
  "summary_wm_mad": 33.5716601564892,
  "summary_wm_mean": 999.6744163458671,
  "summary_wm_median": 1000.025723144412,
  "summary_wm_n": 151640.0,
  "summary_wm_p05": 940.7561817243695,
  "summary_wm_p95": 1056.9049491472542,
  "summary_wm_stdv": 35.640981423651,
  "tpm_overlap_csf": 0.15265701663140543,
  "tpm_overlap_gm": 0.4841129678150417,
  "tpm_overlap_wm": 0.5107574271230337,
  "wm2max": 0.7319394784927391
}