{
  "bids_meta": {
    "BaseResolution": 256,
    "ConversionSoftware": "dcm2nii",
    "DeviceSerialNumber": "100875",
    "EchoTime": 0.00309,
    "FlipAngle": 10,
    "InstitutionAddress": "19 Xinjiekouwai Avenue, Haidian Beijing, China",
    "InstitutionName": "Beijing Normal University",
    "InstitutionalDepartmentName": "State Key Laboratory of Cognitive Neuroscience and Learning",
    "InversionTime": 0.8,
    "MRAcquisitionType": "2D",
    "MagneticFieldStrength": 3,
    "Manufacturer": "Siemens",
    "Modality": "MR",
    "ReconMatrixPE": 256,
    "RepetitionTime": 2.53,
    "SliceThickness": 1.33,
    "dataset": "ds002731",
    "modality": "T1w",
    "subject_id": "5003"
  },
  "cjv": 0.3400139966978067,
  "cnr": 3.9305302952048797,
  "efc": 0.6320326782235134,
  "fber": 16248.181381188913,
  "fwhm_avg": 4.20694,
  "fwhm_x": 4.30557,
  "fwhm_y": 4.35232,
  "fwhm_z": 3.96293,
  "icvs_csf": 0.20402545100524871,
  "icvs_gm": 0.43753157206877935,
  "icvs_wm": 0.35844297692597193,
  "inu_med": 0.5734190940856934,
  "inu_range": 0.2905436605215072,
  "provenance": {
    "md5sum": "823210ee5a9ff5c235fc3228b87c6b36",
    "settings": {
      "testing": false
    },
    "software": "mriqc",
    "version": "22.0.6",
    "warnings": {
      "large_rot_frame": true,
      "small_air_mask": false
    },
    "webapi_port": null,
    "webapi_url": "https://mriqc.nimh.nih.gov/api/v1"
  },
  "qi_1": 0.0,
  "qi_2": 0.005610576900531955,
  "rpve_csf": 15.110010051104913,
  "rpve_gm": 7.392211262742272,
  "rpve_wm": 10.308399401077784,
  "size_x": 208,
  "size_y": 210,
  "size_z": 173,
  "snr_csf": 1.9250693948411808,
  "snr_gm": 10.312236368114934,
  "snr_total": 11.331004491112374,
  "snr_wm": 21.755707710381007,
  "snrd_csf": 14.719644515015188,
  "snrd_gm": 41.551332750681865,
  "snrd_total": 39.09654730426194,
  "snrd_wm": 61.01866464708878,
  "spacing_x": 1.0,
  "spacing_y": 1.0,
  "spacing_z": 1.0,
  "summary_bg_k": 7.307475878526178,
  "summary_bg_mad": 0.0,
  "summary_bg_mean": 6.399920948424145,
  "summary_bg_median": 0.0,
  "summary_bg_n": 1703428.0,
  "summary_bg_p05": 0.0,
  "summary_bg_p95": 28.797887921333313,
  "summary_bg_stdv": 10.736656374616684,
  "summary_csf_k": 6.031535059017514,
  "summary_csf_mad": 119.20063713419955,
  "summary_csf_mean": 248.52402718699295,
  "summary_csf_median": 241.23184899240732,
  "summary_csf_n": 36898.0,
  "summary_csf_p05": 62.77576290741563,
  "summary_csf_p95": 464.35273269116897,
  "summary_csf_stdv": 125.30903078885787,
  "summary_gm_k": 0.11804317339485726,
  "summary_gm_mad": 64.60679428982391,
  "summary_gm_mean": 680.3151700049749,
  "summary_gm_median": 680.961066506803,
  "summary_gm_n": 48870.0,
  "summary_gm_p05": 570.1783657819033,
  "summary_gm_p95": 787.9970695428549,
  "summary_gm_stdv": 66.03360077260085,
  "summary_wm_k": 0.5448610288067992,
  "summary_wm_mad": 43.870926626511725,
  "summary_wm_mean": 1001.0766167919494,
  "summary_wm_median": 1000.0000530481339,
  "summary_wm_n": 229358.0,
  "summary_wm_p05": 928.071383446455,
  "summary_wm_p95": 1078.1704667061567,
  "summary_wm_stdv": 45.96485144771453,
  "tpm_overlap_csf": 0.1634326395165906,
  "tpm_overlap_gm": 0.4726223002578833,
  "tpm_overlap_wm": 0.5176042425534834,
  "wm2max": 0.5961841008233862
}