{
  "bids_meta": {
    "BaseResolution": 256,
    "ConversionSoftware": "dcm2nii",
    "DeviceSerialNumber": "100875",
    "EchoTime": 0.00339,
    "FlipAngle": 7,
    "InstitutionAddress": "19 Xinjiekouwai Avenue, Haidian Beijing, China",
    "InstitutionName": "Beijing Normal University",
    "InstitutionalDepartmentName": "State Key Laboratory of Cognitive Neuroscience and Learning",
    "InversionTime": 1.1,
    "MRAcquisitionType": "2D",
    "MagneticFieldStrength": 3,
    "Manufacturer": "Siemens",
    "Modality": "MR",
    "ReconMatrixPE": 256,
    "RepetitionTime": 2.53,
    "SliceThickness": 1.33,
    "dataset": "ds002731",
    "modality": "T1w",
    "subject_id": "3363"
  },
  "cjv": 0.26822919199355083,
  "cnr": 4.82412025744445,
  "efc": 0.620675440245996,
  "fber": 7284.407333521643,
  "fwhm_avg": 3.94421903438178,
  "fwhm_x": 3.5608871031453413,
  "fwhm_y": 4.49073,
  "fwhm_z": 3.78104,
  "icvs_csf": 0.22387630900984207,
  "icvs_gm": 0.45864095490543694,
  "icvs_wm": 0.317482736084721,
  "inu_med": 0.5861659348011017,
  "inu_range": 0.2451875418424606,
  "provenance": {
    "md5sum": "9dbe808de5d4b1f95384217f2c9437fd",
    "settings": {
      "testing": false
    },
    "software": "mriqc",
    "version": "22.0.6",
    "warnings": {
      "large_rot_frame": true,
      "small_air_mask": false
    },
    "webapi_port": null,
    "webapi_url": "https://mriqc.nimh.nih.gov/api/v1"
  },
  "qi_1": 0.0004346508613949642,
  "qi_2": 0.005601627562835632,
  "rpve_csf": 16.42088235475192,
  "rpve_gm": 8.294506287606003,
  "rpve_wm": 13.378180573869534,
  "size_x": 144,
  "size_y": 187,
  "size_z": 200,
  "snr_csf": 1.4081527861259893,
  "snr_gm": 9.202380092605939,
  "snr_total": 12.453293262401266,
  "snr_wm": 26.749346908471864,
  "snrd_csf": 12.193278366879168,
  "snrd_gm": 47.71099866195402,
  "snrd_total": 45.44949572218525,
  "snrd_wm": 76.44421013772254,
  "spacing_x": 1.3300000429153442,
  "spacing_y": 1.0,
  "spacing_z": 1.0,
  "summary_bg_k": 182.4510216891094,
  "summary_bg_mad": 0.0,
  "summary_bg_mean": 4.808459990198282,
  "summary_bg_median": 0.0,
  "summary_bg_n": 992473.0,
  "summary_bg_p05": 0.0,
  "summary_bg_p95": 19.766162022948265,
  "summary_bg_stdv": 8.570124711603846,
  "summary_csf_k": 0.4433732800153516,
  "summary_csf_mad": 111.02221281371466,
  "summary_csf_mean": 184.03762333408326,
  "summary_csf_median": 159.50558730587363,
  "summary_csf_n": 25252.0,
  "summary_csf_p05": 36.4533641923219,
  "summary_csf_p95": 395.5971879299729,
  "summary_csf_stdv": 113.2706838134351,
  "summary_gm_k": 0.16578515008081718,
  "summary_gm_mad": 65.45121875662366,
  "summary_gm_mean": 627.2005828206038,
  "summary_gm_median": 624.1283626556396,
  "summary_gm_n": 33389.0,
  "summary_gm_p05": 519.1946844786405,
  "summary_gm_p95": 743.5956750839948,
  "summary_gm_stdv": 67.82147770336545,
  "summary_wm_k": 0.6031143275542745,
  "summary_wm_mad": 35.36853270102585,
  "summary_wm_mean": 999.8208185195057,
  "summary_wm_median": 1000.0000219196081,
  "summary_wm_n": 113828.0,
  "summary_wm_p05": 938.4470399171114,
  "summary_wm_p95": 1060.1898203343153,
  "summary_wm_stdv": 37.383926895083206,
  "tpm_overlap_csf": 0.15606644104429587,
  "tpm_overlap_gm": 0.4954457076607221,
  "tpm_overlap_wm": 0.5115765451985674,
  "wm2max": 0.7615340081052484
}