{
  "bids_meta": {
    "BaseResolution": 256,
    "ConversionSoftware": "dcm2nii",
    "DeviceSerialNumber": "100875",
    "EchoTime": 0.00309,
    "FlipAngle": 10,
    "InstitutionAddress": "19 Xinjiekouwai Avenue, Haidian Beijing, China",
    "InstitutionName": "Beijing Normal University",
    "InstitutionalDepartmentName": "State Key Laboratory of Cognitive Neuroscience and Learning",
    "InversionTime": 0.8,
    "MRAcquisitionType": "2D",
    "MagneticFieldStrength": 3,
    "Manufacturer": "Siemens",
    "Modality": "MR",
    "ReconMatrixPE": 256,
    "RepetitionTime": 2.53,
    "SliceThickness": 1.33,
    "dataset": "ds002731",
    "modality": "T1w",
    "subject_id": "5001"
  },
  "cjv": 0.3292794443726425,
  "cnr": 4.041637617198088,
  "efc": 0.6398997330161572,
  "fber": 18249.383150077163,
  "fwhm_avg": 4.2582699999999996,
  "fwhm_x": 4.34458,
  "fwhm_y": 4.34261,
  "fwhm_z": 4.08762,
  "icvs_csf": 0.1996108765648739,
  "icvs_gm": 0.4321003539816741,
  "icvs_wm": 0.36828876945345196,
  "inu_med": 0.47586745023727417,
  "inu_range": 0.20542471706867216,
  "provenance": {
    "md5sum": "84aea243319e7b5310317478c2ccd060",
    "settings": {
      "testing": false
    },
    "software": "mriqc",
    "version": "22.0.6",
    "warnings": {
      "large_rot_frame": true,
      "small_air_mask": false
    },
    "webapi_port": null,
    "webapi_url": "https://mriqc.nimh.nih.gov/api/v1"
  },
  "qi_1": 0.0,
  "qi_2": 0.004290117505232489,
  "rpve_csf": 16.293425398213625,
  "rpve_gm": 7.817502888845657,
  "rpve_wm": 10.466800425044042,
  "size_x": 208,
  "size_y": 185,
  "size_z": 177,
  "snr_csf": 1.7951681536082975,
  "snr_gm": 10.621075801478138,
  "snr_total": 12.20947796979477,
  "snr_wm": 24.21218995429788,
  "snrd_csf": 17.14607641437731,
  "snrd_gm": 47.7772082510647,
  "snrd_total": 44.80987507982396,
  "snrd_wm": 69.50634057402986,
  "spacing_x": 1.0,
  "spacing_y": 1.0,
  "spacing_z": 1.0,
  "summary_bg_k": 6.890210523309161,
  "summary_bg_mad": 0.0,
  "summary_bg_mean": 5.7158793005231106,
  "summary_bg_median": 0.0,
  "summary_bg_n": 1414456.0,
  "summary_bg_p05": 0.0,
  "summary_bg_p95": 25.479219760745764,
  "summary_bg_stdv": 9.42556314610936,
  "summary_csf_k": -0.13330800300786594,
  "summary_csf_mad": 149.64348140565045,
  "summary_csf_mean": 253.70816888211436,
  "summary_csf_median": 246.6836309991777,
  "summary_csf_n": 29200.0,
  "summary_csf_p05": 53.6386770196259,
  "summary_csf_p95": 498.32230866421014,
  "summary_csf_stdv": 137.41298074634852,
  "summary_gm_k": 0.07442725737589395,
  "summary_gm_mad": 63.75566812828973,
  "summary_gm_mean": 688.6481670622418,
  "summary_gm_median": 687.3791371006519,
  "summary_gm_n": 46286.0,
  "summary_gm_p05": 583.8592046173289,
  "summary_gm_p95": 797.1416480606422,
  "summary_gm_stdv": 64.71771076323607,
  "summary_wm_k": 0.5614216109038352,
  "summary_wm_mad": 39.1839569798325,
  "summary_wm_mean": 1000.9229302671489,
  "summary_wm_median": 1000.000003259629,
  "summary_wm_n": 212497.0,
  "summary_wm_p05": 935.097543336451,
  "summary_wm_p95": 1069.9915217235684,
  "summary_wm_stdv": 41.301412725161185,
  "tpm_overlap_csf": 0.13888989499530732,
  "tpm_overlap_gm": 0.47364816220032757,
  "tpm_overlap_wm": 0.5141083686553191,
  "wm2max": 0.5579266993346964
}