{
  "bids_meta": {
    "BaseResolution": 256,
    "ConversionSoftware": "dcm2nii",
    "DeviceSerialNumber": "100875",
    "EchoTime": 0.00339,
    "FlipAngle": 7,
    "InstitutionAddress": "19 Xinjiekouwai Avenue, Haidian Beijing, China",
    "InstitutionName": "Beijing Normal University",
    "InstitutionalDepartmentName": "State Key Laboratory of Cognitive Neuroscience and Learning",
    "InversionTime": 1.1,
    "MRAcquisitionType": "2D",
    "MagneticFieldStrength": 3,
    "Manufacturer": "Siemens",
    "Modality": "MR",
    "ReconMatrixPE": 256,
    "RepetitionTime": 2.53,
    "SliceThickness": 1.33,
    "dataset": "ds002731",
    "modality": "T1w",
    "subject_id": "3724"
  },
  "cjv": 0.3427231169614648,
  "cnr": 3.916238364845592,
  "efc": 0.654414623168782,
  "fber": 13093.55740017361,
  "fwhm_avg": 3.887754098683239,
  "fwhm_x": 3.407962296049718,
  "fwhm_y": 4.55376,
  "fwhm_z": 3.70154,
  "icvs_csf": 0.22943241931541786,
  "icvs_gm": 0.4291298981431549,
  "icvs_wm": 0.34143768254142726,
  "inu_med": 0.5480781197547913,
  "inu_range": 0.1865176483988762,
  "provenance": {
    "md5sum": "874fd339eafd1a05ce0543cf322f1fae",
    "settings": {
      "testing": false
    },
    "software": "mriqc",
    "version": "22.0.6",
    "warnings": {
      "large_rot_frame": true,
      "small_air_mask": false
    },
    "webapi_port": null,
    "webapi_url": "https://mriqc.nimh.nih.gov/api/v1"
  },
  "qi_1": 0.0,
  "qi_2": 0.0045431916004888325,
  "rpve_csf": 14.526006609595116,
  "rpve_gm": 7.976310182440462,
  "rpve_wm": 12.14834488232479,
  "size_x": 144,
  "size_y": 219,
  "size_z": 200,
  "snr_csf": 1.5348517553835521,
  "snr_gm": 8.398221997040672,
  "snr_total": 11.31817859584253,
  "snr_wm": 24.02146203510336,
  "snrd_csf": 20.818832055651907,
  "snrd_gm": 77.96434460174747,
  "snrd_total": 72.74844968184006,
  "snrd_wm": 119.4621723881208,
  "spacing_x": 1.3300000429153442,
  "spacing_y": 1.0,
  "spacing_z": 1.0,
  "summary_bg_k": 7.623182651774789,
  "summary_bg_mad": 5.484177199933483,
  "summary_bg_mean": 6.6489076300375505,
  "summary_bg_median": 3.6990213096141815,
  "summary_bg_n": 1278237.0,
  "summary_bg_p05": 0.0,
  "summary_bg_p95": 25.91656069457531,
  "summary_bg_stdv": 9.809165919587945,
  "summary_csf_k": 0.6368122576992179,
  "summary_csf_mad": 101.3184382696572,
  "summary_csf_mean": 197.9334116684356,
  "summary_csf_median": 174.27540904283524,
  "summary_csf_n": 21987.0,
  "summary_csf_p05": 47.61904647946358,
  "summary_csf_p95": 418.84861103743316,
  "summary_csf_stdv": 113.54285209623511,
  "summary_gm_k": 0.0014289605860211552,
  "summary_gm_mad": 78.3057200193034,
  "summary_gm_mean": 650.7175644755039,
  "summary_gm_median": 652.6431458741426,
  "summary_gm_n": 18553.0,
  "summary_gm_p05": 520.8362473100424,
  "summary_gm_p95": 775.7784147351978,
  "summary_gm_stdv": 77.70996733024715,
  "summary_wm_k": 0.28307908727947506,
  "summary_wm_mad": 40.749519194442456,
  "summary_wm_mean": 999.9267342967913,
  "summary_wm_median": 1000.0233875960112,
  "summary_wm_n": 148806.0,
  "summary_wm_p05": 931.5212587863207,
  "summary_wm_p95": 1067.495409205556,
  "summary_wm_stdv": 41.63027321030055,
  "tpm_overlap_csf": 0.17858329164809802,
  "tpm_overlap_gm": 0.48364232305749066,
  "tpm_overlap_wm": 0.52442526314799,
  "wm2max": 0.8024007213435023
}