{
  "bids_meta": {
    "BaseResolution": 256,
    "ConversionSoftware": "dcm2nii",
    "DeviceSerialNumber": "100875",
    "EchoTime": 0.00339,
    "FlipAngle": 7,
    "InstitutionAddress": "19 Xinjiekouwai Avenue, Haidian Beijing, China",
    "InstitutionName": "Beijing Normal University",
    "InstitutionalDepartmentName": "State Key Laboratory of Cognitive Neuroscience and Learning",
    "InversionTime": 1.1,
    "MRAcquisitionType": "2D",
    "MagneticFieldStrength": 3,
    "Manufacturer": "Siemens",
    "Modality": "MR",
    "ReconMatrixPE": 256,
    "RepetitionTime": 2.53,
    "SliceThickness": 1.33,
    "dataset": "ds002731",
    "modality": "T1w",
    "subject_id": "3733"
  },
  "cjv": 0.27426203120867976,
  "cnr": 4.779510126843553,
  "efc": 0.6377923280017493,
  "fber": 8139.240959937566,
  "fwhm_avg": 3.9476300626365624,
  "fwhm_x": 3.4971201879096863,
  "fwhm_y": 4.55951,
  "fwhm_z": 3.78626,
  "icvs_csf": 0.1858319677875827,
  "icvs_gm": 0.47290291716479016,
  "icvs_wm": 0.3412651150476272,
  "inu_med": 0.5298798084259033,
  "inu_range": 0.23042673766612998,
  "provenance": {
    "md5sum": "d23cc32417eae5e9955f45d6ae6ccf06",
    "settings": {
      "testing": false
    },
    "software": "mriqc",
    "version": "22.0.6",
    "warnings": {
      "large_rot_frame": true,
      "small_air_mask": false
    },
    "webapi_port": null,
    "webapi_url": "https://mriqc.nimh.nih.gov/api/v1"
  },
  "qi_1": 0.0,
  "qi_2": 0.0067693334619248965,
  "rpve_csf": 16.898423935601166,
  "rpve_gm": 7.409545861288848,
  "rpve_wm": 11.700107362304307,
  "size_x": 144,
  "size_y": 203,
  "size_z": 200,
  "snr_csf": 1.3319989476733836,
  "snr_gm": 8.971765366635708,
  "snr_total": 12.088683817268896,
  "snr_wm": 25.962287137497597,
  "snrd_csf": 19.20512086595401,
  "snrd_gm": 73.2966080755676,
  "snrd_total": 70.24351498125182,
  "snrd_wm": 118.22881600223386,
  "spacing_x": 1.3300000429153442,
  "spacing_y": 1.0,
  "spacing_z": 1.0,
  "summary_bg_k": 5.859928165286323,
  "summary_bg_mad": 5.541258340537047,
  "summary_bg_mean": 5.5745395134544165,
  "summary_bg_median": 3.737521953880787,
  "summary_bg_n": 953904.0,
  "summary_bg_p05": 0.0,
  "summary_bg_p95": 22.28320050984621,
  "summary_bg_stdv": 8.020341656844632,
  "summary_csf_k": 8.272854639771603,
  "summary_csf_mad": 103.565416959531,
  "summary_csf_mean": 188.5715309837068,
  "summary_csf_median": 162.44027378037572,
  "summary_csf_n": 14970.0,
  "summary_csf_p05": 42.12754966877401,
  "summary_csf_p95": 416.88272563181806,
  "summary_csf_stdv": 121.94818054972662,
  "summary_gm_k": 0.04280402958983931,
  "summary_gm_mad": 68.28373410775716,
  "summary_gm_mean": 622.2811489939058,
  "summary_gm_median": 619.9555402994156,
  "summary_gm_n": 38388.0,
  "summary_gm_p05": 511.5839622784406,
  "summary_gm_p95": 739.721829239279,
  "summary_gm_stdv": 69.09983041811773,
  "summary_wm_k": 0.773305852536859,
  "summary_wm_mad": 35.94803670285109,
  "summary_wm_mean": 998.9415256271699,
  "summary_wm_median": 1000.0000194832683,
  "summary_wm_n": 143118.0,
  "summary_wm_p05": 934.4277988746762,
  "summary_wm_p95": 1059.6347843296826,
  "summary_wm_stdv": 38.51727394279311,
  "tpm_overlap_csf": 0.15490915093636867,
  "tpm_overlap_gm": 0.48748440773333807,
  "tpm_overlap_wm": 0.5081054047740248,
  "wm2max": 0.7752742566610601
}