{
  "bids_meta": {
    "BaseResolution": 256,
    "ConversionSoftware": "dcm2nii",
    "DeviceSerialNumber": "100875",
    "EchoTime": 0.00339,
    "FlipAngle": 7,
    "InstitutionAddress": "19 Xinjiekouwai Avenue, Haidian Beijing, China",
    "InstitutionName": "Beijing Normal University",
    "InstitutionalDepartmentName": "State Key Laboratory of Cognitive Neuroscience and Learning",
    "InversionTime": 1.1,
    "MRAcquisitionType": "2D",
    "MagneticFieldStrength": 3,
    "Manufacturer": "Siemens",
    "Modality": "MR",
    "ReconMatrixPE": 256,
    "RepetitionTime": 2.53,
    "SliceThickness": 1.33,
    "dataset": "ds002731",
    "modality": "T1w",
    "subject_id": "3701"
  },
  "cjv": 0.31007775777828006,
  "cnr": 4.249803840400086,
  "efc": 0.6364520671547792,
  "fber": 10992.715976331361,
  "fwhm_avg": 4.07890723022722,
  "fwhm_x": 3.527721690681661,
  "fwhm_y": 4.7162,
  "fwhm_z": 3.9928,
  "icvs_csf": 0.2422517049229595,
  "icvs_gm": 0.41751656551731814,
  "icvs_wm": 0.34023172955972236,
  "inu_med": 0.5431763529777527,
  "inu_range": 0.22742761671543116,
  "provenance": {
    "md5sum": "0f080e27ebbc20ab737d5a8f19a6395e",
    "settings": {
      "testing": false
    },
    "software": "mriqc",
    "version": "22.0.6",
    "warnings": {
      "large_rot_frame": true,
      "small_air_mask": false
    },
    "webapi_port": null,
    "webapi_url": "https://mriqc.nimh.nih.gov/api/v1"
  },
  "qi_1": 7.022139584869427e-05,
  "qi_2": 0.004839403861775184,
  "rpve_csf": 12.825208399863453,
  "rpve_gm": 7.422144040961029,
  "rpve_wm": 11.047303467011496,
  "size_x": 144,
  "size_y": 205,
  "size_z": 200,
  "snr_csf": 1.4346037417730382,
  "snr_gm": 8.647146731197077,
  "snr_total": 12.386898382602766,
  "snr_wm": 27.078944674838183,
  "snrd_csf": 8.088682398725615,
  "snrd_gm": 34.76510633032244,
  "snrd_total": 32.29865123972386,
  "snrd_wm": 54.04216499012352,
  "spacing_x": 1.3300000429153442,
  "spacing_y": 1.0,
  "spacing_z": 1.0,
  "summary_bg_k": 535.6785781509753,
  "summary_bg_mad": 0.0,
  "summary_bg_mean": 5.390983642955203,
  "summary_bg_median": 0.0,
  "summary_bg_n": 1156388.0,
  "summary_bg_p05": 0.0,
  "summary_bg_p95": 20.11074721813202,
  "summary_bg_stdv": 12.122689977903866,
  "summary_csf_k": 1.1910994806259456,
  "summary_csf_mad": 80.70806460304384,
  "summary_csf_mean": 177.59560750994683,
  "summary_csf_median": 149.67354744672775,
  "summary_csf_n": 36263.0,
  "summary_csf_p05": 50.500014692544944,
  "summary_csf_p95": 389.0988803207875,
  "summary_csf_stdv": 104.32949486447745,
  "summary_gm_k": 0.05812658025738893,
  "summary_gm_mad": 75.11241437499879,
  "summary_gm_mean": 643.315158592126,
  "summary_gm_median": 643.295970261097,
  "summary_gm_n": 25181.0,
  "summary_gm_p05": 521.6948220133781,
  "summary_gm_p95": 765.7511365413666,
  "summary_gm_stdv": 74.392538566941,
  "summary_wm_k": 0.4636744524063894,
  "summary_wm_mad": 35.493576993949944,
  "summary_wm_mean": 1000.1508449750161,
  "summary_wm_median": 1000.0000181794167,
  "summary_wm_n": 157509.0,
  "summary_wm_p05": 940.136108994484,
  "summary_wm_p95": 1060.4424557089806,
  "summary_wm_stdv": 36.92894445335385,
  "tpm_overlap_csf": 0.18336759489245688,
  "tpm_overlap_gm": 0.4854545511919303,
  "tpm_overlap_wm": 0.5173325830128336,
  "wm2max": 0.7460027051460929
}