{
  "bids_meta": {
    "BaseResolution": 256,
    "ConversionSoftware": "dcm2nii",
    "DeviceSerialNumber": "100875",
    "EchoTime": 0.00309,
    "FlipAngle": 10,
    "InstitutionAddress": "19 Xinjiekouwai Avenue, Haidian Beijing, China",
    "InstitutionName": "Beijing Normal University",
    "InstitutionalDepartmentName": "State Key Laboratory of Cognitive Neuroscience and Learning",
    "InversionTime": 0.8,
    "MRAcquisitionType": "2D",
    "MagneticFieldStrength": 3,
    "Manufacturer": "Siemens",
    "Modality": "MR",
    "ReconMatrixPE": 256,
    "RepetitionTime": 2.53,
    "SliceThickness": 1.33,
    "dataset": "ds002731",
    "modality": "T1w",
    "subject_id": "5025"
  },
  "cjv": 0.35804386411210315,
  "cnr": 3.7710349159506578,
  "efc": 0.6441398208401802,
  "fber": 15137.155795000152,
  "fwhm_avg": 4.13044,
  "fwhm_x": 4.13865,
  "fwhm_y": 4.25391,
  "fwhm_z": 3.99876,
  "icvs_csf": 0.22090014441233857,
  "icvs_gm": 0.41249548717249396,
  "icvs_wm": 0.36660436841516747,
  "inu_med": 0.5383000671863556,
  "inu_range": 0.22924843877553946,
  "provenance": {
    "md5sum": "b9340d4400273be36886a36f3513ddbe",
    "settings": {
      "testing": false
    },
    "software": "mriqc",
    "version": "22.0.6",
    "warnings": {
      "large_rot_frame": true,
      "small_air_mask": false
    },
    "webapi_port": null,
    "webapi_url": "https://mriqc.nimh.nih.gov/api/v1"
  },
  "qi_1": 0.0,
  "qi_2": 0.004743705891249889,
  "rpve_csf": 14.359653095421404,
  "rpve_gm": 7.706271536729891,
  "rpve_wm": 10.27856773439093,
  "size_x": 208,
  "size_y": 208,
  "size_z": 178,
  "snr_csf": 2.184263411388524,
  "snr_gm": 9.736967791470438,
  "snr_total": 11.357877387109646,
  "snr_wm": 22.152400958469975,
  "snrd_csf": 15.569890237739758,
  "snrd_gm": 42.290221487024496,
  "snrd_total": 39.927922834638935,
  "snrd_wm": 61.92365677915255,
  "spacing_x": 1.0,
  "spacing_y": 1.0,
  "spacing_z": 1.0,
  "summary_bg_k": 74.73223233957438,
  "summary_bg_mad": 0.0,
  "summary_bg_mean": 6.722203579618296,
  "summary_bg_median": 0.0,
  "summary_bg_n": 1632955.0,
  "summary_bg_p05": 0.0,
  "summary_bg_p95": 29.063221776857972,
  "summary_bg_stdv": 10.57974328335428,
  "summary_csf_k": 0.46784292766808067,
  "summary_csf_mad": 117.84741669160748,
  "summary_csf_mean": 252.1140879259852,
  "summary_csf_median": 251.4368636291474,
  "summary_csf_n": 48393.0,
  "summary_csf_p05": 74.06529504805803,
  "summary_csf_p95": 444.3562189467252,
  "summary_csf_stdv": 115.1116959798848,
  "summary_gm_k": 0.01922869491572099,
  "summary_gm_mad": 69.99249291765804,
  "summary_gm_mean": 683.176858482746,
  "summary_gm_median": 682.9412725791335,
  "summary_gm_n": 26898.0,
  "summary_gm_p05": 566.6543154359795,
  "summary_gm_p95": 796.8877663987688,
  "summary_gm_stdv": 70.13770529669584,
  "summary_wm_k": 0.3981647444126484,
  "summary_wm_mad": 43.52843456630004,
  "summary_wm_mean": 1000.9787727494949,
  "summary_wm_median": 999.9999876208603,
  "summary_wm_n": 229970.0,
  "summary_wm_p05": 928.7491737846285,
  "summary_wm_p95": 1076.4946243464947,
  "summary_wm_stdv": 45.14173498830338,
  "tpm_overlap_csf": 0.1498185599997683,
  "tpm_overlap_gm": 0.4459804912526376,
  "tpm_overlap_wm": 0.4933496387440912,
  "wm2max": 0.6415646620542842
}