{
  "bids_meta": {
    "BaseResolution": 256,
    "ConversionSoftware": "dcm2nii",
    "DeviceSerialNumber": "100875",
    "EchoTime": 0.00339,
    "FlipAngle": 7,
    "InstitutionAddress": "19 Xinjiekouwai Avenue, Haidian Beijing, China",
    "InstitutionName": "Beijing Normal University",
    "InstitutionalDepartmentName": "State Key Laboratory of Cognitive Neuroscience and Learning",
    "InversionTime": 1.1,
    "MRAcquisitionType": "2D",
    "MagneticFieldStrength": 3,
    "Manufacturer": "Siemens",
    "Modality": "MR",
    "ReconMatrixPE": 256,
    "RepetitionTime": 2.53,
    "SliceThickness": 1.33,
    "dataset": "ds002731",
    "modality": "T1w",
    "subject_id": "3257"
  },
  "cjv": 0.31432712821165787,
  "cnr": 4.162635120551956,
  "efc": 0.6271452404427575,
  "fber": 14132.204127423822,
  "fwhm_avg": 4.083640336009746,
  "fwhm_x": 3.7124510080292388,
  "fwhm_y": 4.63346,
  "fwhm_z": 3.90501,
  "icvs_csf": 0.2423513398908862,
  "icvs_gm": 0.42559921030161607,
  "icvs_wm": 0.33204944980749773,
  "inu_med": 0.5400491058826447,
  "inu_range": 0.20086832493543627,
  "provenance": {
    "md5sum": "086dd596f3a2b735429771fa9a954319",
    "settings": {
      "testing": false
    },
    "software": "mriqc",
    "version": "22.0.6",
    "warnings": {
      "large_rot_frame": true,
      "small_air_mask": false
    },
    "webapi_port": null,
    "webapi_url": "https://mriqc.nimh.nih.gov/api/v1"
  },
  "qi_1": 0.0,
  "qi_2": 0.004103928034355329,
  "rpve_csf": 13.488968149079927,
  "rpve_gm": 7.587769515102799,
  "rpve_wm": 11.468635683779937,
  "size_x": 144,
  "size_y": 191,
  "size_z": 187,
  "snr_csf": 1.4233300686574466,
  "snr_gm": 8.470119570146931,
  "snr_total": 12.81252865942742,
  "snr_wm": 28.54413633947788,
  "snrd_csf": 12.728724833357065,
  "snrd_gm": 53.02888127550724,
  "snrd_total": 49.19272040689365,
  "snrd_wm": 81.82055511181666,
  "spacing_x": 1.3300000429153442,
  "spacing_y": 1.0,
  "spacing_z": 1.0,
  "summary_bg_k": 280.3720749605544,
  "summary_bg_mad": 0.0,
  "summary_bg_mean": 4.537892908736218,
  "summary_bg_median": 0.0,
  "summary_bg_n": 1085663.0,
  "summary_bg_p05": 0.0,
  "summary_bg_p95": 18.319991940632463,
  "summary_bg_stdv": 8.006799466350047,
  "summary_csf_k": 0.29699312041980974,
  "summary_csf_mad": 97.51916876027146,
  "summary_csf_mean": 180.368492666424,
  "summary_csf_median": 155.56508110836148,
  "summary_csf_n": 30913.0,
  "summary_csf_p05": 36.54469133540988,
  "summary_csf_p95": 391.733362128213,
  "summary_csf_stdv": 109.29479278057374,
  "summary_gm_k": 0.01284217819174227,
  "summary_gm_mad": 77.01577235848313,
  "summary_gm_mean": 648.2457317832069,
  "summary_gm_median": 648.0965159283951,
  "summary_gm_n": 27364.0,
  "summary_gm_p05": 523.1798998806626,
  "summary_gm_p95": 774.1804656628519,
  "summary_gm_stdv": 76.51422961803468,
  "summary_wm_k": 0.44630035474114216,
  "summary_wm_mad": 33.58954345926047,
  "summary_wm_mean": 999.9324958141615,
  "summary_wm_median": 999.9761530663818,
  "summary_wm_n": 131149.0,
  "summary_wm_p05": 942.7529792804271,
  "summary_wm_p95": 1057.3184425346553,
  "summary_wm_stdv": 35.03249594941973,
  "tpm_overlap_csf": 0.15828084733962636,
  "tpm_overlap_gm": 0.4738882084557872,
  "tpm_overlap_wm": 0.5012658759257262,
  "wm2max": 0.7815554769396913
}