{
  "bids_meta": {
    "BaseResolution": 256,
    "ConversionSoftware": "dcm2nii",
    "DeviceSerialNumber": "100875",
    "EchoTime": 0.00309,
    "FlipAngle": 10,
    "InstitutionAddress": "19 Xinjiekouwai Avenue, Haidian Beijing, China",
    "InstitutionName": "Beijing Normal University",
    "InstitutionalDepartmentName": "State Key Laboratory of Cognitive Neuroscience and Learning",
    "InversionTime": 0.8,
    "MRAcquisitionType": "2D",
    "MagneticFieldStrength": 3,
    "Manufacturer": "Siemens",
    "Modality": "MR",
    "ReconMatrixPE": 256,
    "RepetitionTime": 2.53,
    "SliceThickness": 1.33,
    "dataset": "ds002731",
    "modality": "T1w",
    "subject_id": "5024"
  },
  "cjv": 0.3381551635358667,
  "cnr": 3.989264219952422,
  "efc": 0.6290355053703744,
  "fber": 12463.00683710738,
  "fwhm_avg": 3.97391,
  "fwhm_x": 4.07178,
  "fwhm_y": 4.06419,
  "fwhm_z": 3.78576,
  "icvs_csf": 0.2463329204727143,
  "icvs_gm": 0.41767053355051836,
  "icvs_wm": 0.3359965459767673,
  "inu_med": 0.5703141987323761,
  "inu_range": 0.2421867549419403,
  "provenance": {
    "md5sum": "e58c60de230a76a8ddd9bc2263d23ba4",
    "settings": {
      "testing": false
    },
    "software": "mriqc",
    "version": "22.0.6",
    "warnings": {
      "large_rot_frame": true,
      "small_air_mask": false
    },
    "webapi_port": null,
    "webapi_url": "https://mriqc.nimh.nih.gov/api/v1"
  },
  "qi_1": 0.0,
  "qi_2": 0.005713116645641739,
  "rpve_csf": 13.438238241691206,
  "rpve_gm": 7.872307988280788,
  "rpve_wm": 11.425749457406402,
  "size_x": 208,
  "size_y": 207,
  "size_z": 174,
  "snr_csf": 2.3373696395773282,
  "snr_gm": 10.130705826319891,
  "snr_total": 11.647305474704403,
  "snr_wm": 22.47384095821599,
  "snrd_csf": 26.432011581762616,
  "snrd_gm": 72.29000002664046,
  "snrd_total": 68.49520510199996,
  "snrd_wm": 106.76360369759679,
  "spacing_x": 1.0,
  "spacing_y": 1.0,
  "spacing_z": 1.0,
  "summary_bg_k": 5.238863298869116,
  "summary_bg_mad": 6.136521018208303,
  "summary_bg_mean": 7.144502851850306,
  "summary_bg_median": 4.139020528644323,
  "summary_bg_n": 1700577.0,
  "summary_bg_p05": 0.0,
  "summary_bg_p95": 27.993680827319622,
  "summary_bg_stdv": 10.22842412926295,
  "summary_csf_k": 0.6859420275170631,
  "summary_csf_mad": 99.0275223854378,
  "summary_csf_mean": 248.21317354619507,
  "summary_csf_median": 247.58293788135052,
  "summary_csf_n": 57182.0,
  "summary_csf_p05": 77.56714044138789,
  "summary_csf_p95": 428.24644462019205,
  "summary_csf_stdv": 105.92281546400345,
  "summary_gm_k": 0.12093859222287051,
  "summary_gm_mad": 66.37748307481806,
  "summary_gm_mean": 675.9308987843733,
  "summary_gm_median": 677.1248011402786,
  "summary_gm_n": 28729.0,
  "summary_gm_p05": 563.2606623530388,
  "summary_gm_p95": 782.3064754903316,
  "summary_gm_stdv": 66.83769403185302,
  "summary_wm_k": 0.4648310965721518,
  "summary_wm_mad": 42.81511611177396,
  "summary_wm_mean": 1000.1201710308209,
  "summary_wm_median": 1000.0315935276449,
  "summary_wm_n": 192813.0,
  "summary_wm_p05": 927.3491292215884,
  "summary_wm_p95": 1072.8278019092977,
  "summary_wm_stdv": 44.49746717152146,
  "tpm_overlap_csf": 0.1627058082885672,
  "tpm_overlap_gm": 0.4518692049289529,
  "tpm_overlap_wm": 0.4965859532515183,
  "wm2max": 0.6063511194444492
}