{
  "bids_meta": {
    "BaseResolution": 256,
    "ConversionSoftware": "dcm2nii",
    "DeviceSerialNumber": "100875",
    "EchoTime": 0.00309,
    "FlipAngle": 10,
    "InstitutionAddress": "19 Xinjiekouwai Avenue, Haidian Beijing, China",
    "InstitutionName": "Beijing Normal University",
    "InstitutionalDepartmentName": "State Key Laboratory of Cognitive Neuroscience and Learning",
    "InversionTime": 0.8,
    "MRAcquisitionType": "2D",
    "MagneticFieldStrength": 3,
    "Manufacturer": "Siemens",
    "Modality": "MR",
    "ReconMatrixPE": 256,
    "RepetitionTime": 2.53,
    "SliceThickness": 1.33,
    "dataset": "ds002731",
    "modality": "T1w",
    "subject_id": "5027"
  },
  "cjv": 0.3535150726600978,
  "cnr": 3.798994188648918,
  "efc": 0.6513620797313698,
  "fber": 9281.130539458582,
  "fwhm_avg": 4.1859399999999996,
  "fwhm_x": 4.19691,
  "fwhm_y": 4.3912,
  "fwhm_z": 3.96971,
  "icvs_csf": 0.22583220689565797,
  "icvs_gm": 0.4074963459204782,
  "icvs_wm": 0.36667144718386385,
  "inu_med": 0.5587016046047211,
  "inu_range": 0.26785436123609546,
  "provenance": {
    "md5sum": "a9b8bb1deaf3037e2d0b05eea376a744",
    "settings": {
      "testing": false
    },
    "software": "mriqc",
    "version": "22.0.6",
    "warnings": {
      "large_rot_frame": true,
      "small_air_mask": false
    },
    "webapi_port": null,
    "webapi_url": "https://mriqc.nimh.nih.gov/api/v1"
  },
  "qi_1": 0.0,
  "qi_2": 0.004089519639597899,
  "rpve_csf": 14.269488161183965,
  "rpve_gm": 7.928580156117817,
  "rpve_wm": 10.499231107205624,
  "size_x": 208,
  "size_y": 209,
  "size_z": 200,
  "snr_csf": 2.1830882241399023,
  "snr_gm": 9.278653382505913,
  "snr_total": 11.271207006538658,
  "snr_wm": 22.351879412970156,
  "snrd_csf": 14.169205577301108,
  "snrd_gm": 38.722075945815384,
  "snrd_total": 36.80137049657458,
  "snrd_wm": 57.512829966607235,
  "spacing_x": 1.0,
  "spacing_y": 1.0,
  "spacing_z": 1.0,
  "summary_bg_k": 5.038767433822077,
  "summary_bg_mad": 0.0,
  "summary_bg_mean": 7.608540844230864,
  "summary_bg_median": 0.0,
  "summary_bg_n": 1810618.0,
  "summary_bg_p05": 0.0,
  "summary_bg_p95": 30.209332145750523,
  "summary_bg_stdv": 11.391134532499695,
  "summary_csf_k": 0.4949089951279819,
  "summary_csf_mad": 106.06952378222336,
  "summary_csf_mean": 250.45680353554133,
  "summary_csf_median": 246.36598874628544,
  "summary_csf_n": 53274.0,
  "summary_csf_p05": 68.02430791407824,
  "summary_csf_p95": 446.79069137703624,
  "summary_csf_stdv": 112.8509941823221,
  "summary_gm_k": 0.03356588831347995,
  "summary_gm_mad": 72.08301467167489,
  "summary_gm_mean": 673.3641660643092,
  "summary_gm_median": 673.2771625518799,
  "summary_gm_n": 37561.0,
  "summary_gm_p05": 554.5722574144602,
  "summary_gm_p95": 793.3681429289281,
  "summary_gm_stdv": 72.56098188899901,
  "summary_wm_k": 0.2970945019220377,
  "summary_wm_mad": 43.418424042003004,
  "summary_wm_mean": 1000.5149669475471,
  "summary_wm_median": 999.9999748058617,
  "summary_wm_n": 266353.0,
  "summary_wm_p05": 928.030683517456,
  "summary_wm_p95": 1074.7769569642842,
  "summary_wm_stdv": 44.73888209220612,
  "tpm_overlap_csf": 0.1604324559652288,
  "tpm_overlap_gm": 0.4492574405628338,
  "tpm_overlap_wm": 0.5045217519034739,
  "wm2max": 0.5316993896332131
}