{
  "bids_meta": {
    "BaseResolution": 256,
    "ConversionSoftware": "dcm2nii",
    "DeviceSerialNumber": "100875",
    "EchoTime": 0.00339,
    "FlipAngle": 7,
    "InstitutionAddress": "19 Xinjiekouwai Avenue, Haidian Beijing, China",
    "InstitutionName": "Beijing Normal University",
    "InstitutionalDepartmentName": "State Key Laboratory of Cognitive Neuroscience and Learning",
    "InversionTime": 1.1,
    "MRAcquisitionType": "2D",
    "MagneticFieldStrength": 3,
    "Manufacturer": "Siemens",
    "Modality": "MR",
    "ReconMatrixPE": 256,
    "RepetitionTime": 2.53,
    "SliceThickness": 1.33,
    "dataset": "ds002731",
    "modality": "T1w",
    "subject_id": "3335"
  },
  "cjv": 0.3362904440397322,
  "cnr": 4.029244636984658,
  "efc": 0.6163843403490555,
  "fber": 8921.889126008302,
  "fwhm_avg": 4.194793620498344,
  "fwhm_x": 3.5933908614950334,
  "fwhm_y": 4.93468,
  "fwhm_z": 4.05631,
  "icvs_csf": 0.22236218865693233,
  "icvs_gm": 0.41925238769477313,
  "icvs_wm": 0.3583854236482945,
  "inu_med": 0.5395733118057251,
  "inu_range": 0.21081915795803063,
  "provenance": {
    "md5sum": "189ccc0b0ead9173bc92d0dbc25ed997",
    "settings": {
      "testing": false
    },
    "software": "mriqc",
    "version": "22.0.6",
    "warnings": {
      "large_rot_frame": true,
      "small_air_mask": false
    },
    "webapi_port": null,
    "webapi_url": "https://mriqc.nimh.nih.gov/api/v1"
  },
  "qi_1": 0.0,
  "qi_2": 0.0032657293798476154,
  "rpve_csf": 14.729811618024678,
  "rpve_gm": 7.909864155307452,
  "rpve_wm": 11.078924763398266,
  "size_x": 144,
  "size_y": 205,
  "size_z": 200,
  "snr_csf": 1.5304551492517124,
  "snr_gm": 8.226208510671212,
  "snr_total": 11.750868256043018,
  "snr_wm": 25.49594110820613,
  "snrd_csf": 19.766514723302357,
  "snrd_gm": 72.56165685340424,
  "snrd_total": 68.28167962773121,
  "snrd_wm": 112.51686730648701,
  "spacing_x": 1.3300000429153442,
  "spacing_y": 1.0,
  "spacing_z": 1.0,
  "summary_bg_k": 16.662632059035115,
  "summary_bg_mad": 5.822707462788714,
  "summary_bg_mean": 5.968145701096855,
  "summary_bg_median": 3.9273565020412207,
  "summary_bg_n": 1080779.0,
  "summary_bg_p05": 0.0,
  "summary_bg_p95": 22.563538629561663,
  "summary_bg_stdv": 9.126893571683782,
  "summary_csf_k": -0.004948358626780003,
  "summary_csf_mad": 114.97065690856697,
  "summary_csf_mean": 198.86288923493458,
  "summary_csf_median": 175.68041219003499,
  "summary_csf_n": 31564.0,
  "summary_csf_p05": 45.70242247916758,
  "summary_csf_p95": 408.7127368146553,
  "summary_csf_stdv": 114.78783244978469,
  "summary_gm_k": -0.1880290985133155,
  "summary_gm_mad": 82.1483887266051,
  "summary_gm_mean": 645.755567079936,
  "summary_gm_median": 644.9119616504759,
  "summary_gm_n": 22983.0,
  "summary_gm_p05": 519.5367336999625,
  "summary_gm_p95": 774.8874498603865,
  "summary_gm_stdv": 78.39552455616517,
  "summary_wm_k": 0.5107341664818779,
  "summary_wm_mad": 37.27274522358381,
  "summary_wm_mean": 1000.9910735500974,
  "summary_wm_median": 1000.0250374656171,
  "summary_wm_n": 161850.0,
  "summary_wm_p05": 938.1379037965089,
  "summary_wm_p95": 1066.5149328950793,
  "summary_wm_stdv": 39.22279016331083,
  "tpm_overlap_csf": 0.1593446062410829,
  "tpm_overlap_gm": 0.4760517579737491,
  "tpm_overlap_wm": 0.5096061724691321,
  "wm2max": 0.7328505957836847
}