{
  "bids_meta": {
    "BaseResolution": 256,
    "ConversionSoftware": "dcm2nii",
    "DeviceSerialNumber": "100875",
    "EchoTime": 0.00309,
    "FlipAngle": 10,
    "InstitutionAddress": "19 Xinjiekouwai Avenue, Haidian Beijing, China",
    "InstitutionName": "Beijing Normal University",
    "InstitutionalDepartmentName": "State Key Laboratory of Cognitive Neuroscience and Learning",
    "InversionTime": 0.8,
    "MRAcquisitionType": "2D",
    "MagneticFieldStrength": 3,
    "Manufacturer": "Siemens",
    "Modality": "MR",
    "ReconMatrixPE": 256,
    "RepetitionTime": 2.53,
    "SliceThickness": 1.33,
    "dataset": "ds002731",
    "modality": "T1w",
    "subject_id": "5026"
  },
  "cjv": 0.3384334484315527,
  "cnr": 3.958760747186892,
  "efc": 0.6392524289793056,
  "fber": 14209.263274808834,
  "fwhm_avg": 3.9602766666666667,
  "fwhm_x": 3.97197,
  "fwhm_y": 4.07132,
  "fwhm_z": 3.83754,
  "icvs_csf": 0.21436255200428025,
  "icvs_gm": 0.43419913863606735,
  "icvs_wm": 0.3514383093596524,
  "inu_med": 0.5193598866462708,
  "inu_range": 0.23223164677619934,
  "provenance": {
    "md5sum": "6253cbbb22627a7128f086f1cf0ae83f",
    "settings": {
      "testing": false
    },
    "software": "mriqc",
    "version": "22.0.6",
    "warnings": {
      "large_rot_frame": true,
      "small_air_mask": false
    },
    "webapi_port": null,
    "webapi_url": "https://mriqc.nimh.nih.gov/api/v1"
  },
  "qi_1": 0.0,
  "qi_2": 0.005195726128870475,
  "rpve_csf": 14.982673150515676,
  "rpve_gm": 7.624513996567765,
  "rpve_wm": 10.760002341801307,
  "size_x": 208,
  "size_y": 194,
  "size_z": 175,
  "snr_csf": 2.1874055496504146,
  "snr_gm": 10.995701470642848,
  "snr_total": 11.873447327288767,
  "snr_wm": 22.437234961573044,
  "snrd_csf": 16.586908652733868,
  "snrd_gm": 43.40829285715459,
  "snrd_total": 40.909638615508996,
  "snrd_wm": 62.73371433663852,
  "spacing_x": 1.0,
  "spacing_y": 1.0,
  "spacing_z": 1.0,
  "summary_bg_k": 5.876166985429901,
  "summary_bg_mad": 0.0,
  "summary_bg_mean": 6.493210550863362,
  "summary_bg_median": 0.0,
  "summary_bg_n": 1290095.0,
  "summary_bg_p05": 0.0,
  "summary_bg_p95": 27.835615284740925,
  "summary_bg_stdv": 10.443130616068135,
  "summary_csf_k": 0.22455118682858943,
  "summary_csf_mad": 111.9466176673892,
  "summary_csf_mean": 272.6500196151976,
  "summary_csf_median": 264.4018155261874,
  "summary_csf_n": 38159.0,
  "summary_csf_p05": 75.31323888786139,
  "summary_csf_p95": 482.4876512367278,
  "summary_csf_stdv": 120.87303658463401,
  "summary_gm_k": 0.25996095312759016,
  "summary_gm_mad": 61.145491701249355,
  "summary_gm_mean": 690.4971373014913,
  "summary_gm_median": 691.9451768025756,
  "summary_gm_n": 32777.0,
  "summary_gm_p05": 584.401802264154,
  "summary_gm_p95": 790.7287343524396,
  "summary_gm_stdv": 62.927738009535965,
  "summary_wm_k": 0.33697321944334524,
  "summary_wm_mad": 43.11055039344064,
  "summary_wm_mean": 1000.9544301890094,
  "summary_wm_median": 999.9999585561454,
  "summary_wm_n": 193779.0,
  "summary_wm_p05": 929.5670847628265,
  "summary_wm_p95": 1075.214567311108,
  "summary_wm_stdv": 44.568654738723666,
  "tpm_overlap_csf": 0.16386961694250496,
  "tpm_overlap_gm": 0.4797950689514165,
  "tpm_overlap_wm": 0.5167844313121902,
  "wm2max": 0.5292186651392405
}