{
  "bids_meta": {
    "BaseResolution": 256,
    "ConversionSoftware": "dcm2nii",
    "DeviceSerialNumber": "100875",
    "EchoTime": 0.00309,
    "FlipAngle": 10,
    "InstitutionAddress": "19 Xinjiekouwai Avenue, Haidian Beijing, China",
    "InstitutionName": "Beijing Normal University",
    "InstitutionalDepartmentName": "State Key Laboratory of Cognitive Neuroscience and Learning",
    "InversionTime": 0.8,
    "MRAcquisitionType": "2D",
    "MagneticFieldStrength": 3,
    "Manufacturer": "Siemens",
    "Modality": "MR",
    "ReconMatrixPE": 256,
    "RepetitionTime": 2.53,
    "SliceThickness": 1.33,
    "dataset": "ds002731",
    "modality": "T1w",
    "subject_id": "5019"
  },
  "cjv": 0.318934980305856,
  "cnr": 4.130454709378201,
  "efc": 0.6302491801995362,
  "fber": 8381.203479442343,
  "fwhm_avg": 4.0739399999999995,
  "fwhm_x": 4.16835,
  "fwhm_y": 4.20921,
  "fwhm_z": 3.84426,
  "icvs_csf": 0.22078136223945943,
  "icvs_gm": 0.4359688023096665,
  "icvs_wm": 0.343249835450874,
  "inu_med": 0.5608941912651062,
  "inu_range": 0.25314263254404074,
  "provenance": {
    "md5sum": "3f7df6e382a163cb86ae670c5ab81a3f",
    "settings": {
      "testing": false
    },
    "software": "mriqc",
    "version": "22.0.6",
    "warnings": {
      "large_rot_frame": true,
      "small_air_mask": false
    },
    "webapi_port": null,
    "webapi_url": "https://mriqc.nimh.nih.gov/api/v1"
  },
  "qi_1": 0.0,
  "qi_2": 0.0068226643839660135,
  "rpve_csf": 16.69399620905089,
  "rpve_gm": 8.80588751312251,
  "rpve_wm": 12.802985780631845,
  "size_x": 208,
  "size_y": 195,
  "size_z": 200,
  "snr_csf": 2.1339220254502025,
  "snr_gm": 10.32045013924851,
  "snr_total": 11.854841984213481,
  "snr_wm": 23.11015378794173,
  "snrd_csf": 15.925395328931412,
  "snrd_gm": 41.845584360322526,
  "snrd_total": 39.96374322521777,
  "snrd_wm": 62.12024998639937,
  "spacing_x": 1.0,
  "spacing_y": 1.0,
  "spacing_z": 1.0,
  "summary_bg_k": 4.83306194316968,
  "summary_bg_mad": 0.0,
  "summary_bg_mean": 7.023763400113249,
  "summary_bg_median": 0.0,
  "summary_bg_n": 1433141.0,
  "summary_bg_p05": 0.0,
  "summary_bg_p95": 28.906494691967964,
  "summary_bg_stdv": 10.54584768114936,
  "summary_csf_k": 0.3312908103380643,
  "summary_csf_mad": 120.19684415298897,
  "summary_csf_mean": 254.33327781119445,
  "summary_csf_median": 256.35393393039703,
  "summary_csf_n": 36275.0,
  "summary_csf_p05": 64.40225818753242,
  "summary_csf_p95": 458.20127943009123,
  "summary_csf_stdv": 120.131100091398,
  "summary_gm_k": 0.23530981739820156,
  "summary_gm_mad": 62.860565326260804,
  "summary_gm_mean": 674.014941859034,
  "summary_gm_median": 673.5958478152752,
  "summary_gm_n": 40851.0,
  "summary_gm_p05": 567.0889464095235,
  "summary_gm_p95": 782.4952813461423,
  "summary_gm_stdv": 65.26726975384359,
  "summary_wm_k": 0.6074839029652388,
  "summary_wm_mad": 41.22862240177513,
  "summary_wm_mean": 1000.4506784571153,
  "summary_wm_median": 999.960762783885,
  "summary_wm_n": 205932.0,
  "summary_wm_p05": 930.8518840223551,
  "summary_wm_p95": 1071.8936138898134,
  "summary_wm_stdv": 43.26922027719347,
  "tpm_overlap_csf": 0.16505210547265717,
  "tpm_overlap_gm": 0.4748078622827049,
  "tpm_overlap_wm": 0.5176700297075618,
  "wm2max": 0.4912331359226087
}