{
  "bids_meta": {
    "BaseResolution": 256,
    "ConversionSoftware": "dcm2nii",
    "DeviceSerialNumber": "100875",
    "EchoTime": 0.00309,
    "FlipAngle": 10,
    "InstitutionAddress": "19 Xinjiekouwai Avenue, Haidian Beijing, China",
    "InstitutionName": "Beijing Normal University",
    "InstitutionalDepartmentName": "State Key Laboratory of Cognitive Neuroscience and Learning",
    "InversionTime": 0.8,
    "MRAcquisitionType": "2D",
    "MagneticFieldStrength": 3,
    "Manufacturer": "Siemens",
    "Modality": "MR",
    "ReconMatrixPE": 256,
    "RepetitionTime": 2.53,
    "SliceThickness": 1.33,
    "dataset": "ds002731",
    "modality": "T1w",
    "subject_id": "5002"
  },
  "cjv": 0.32614859440131294,
  "cnr": 4.118835772571638,
  "efc": 0.6257359248875392,
  "fber": 10264.8891966759,
  "fwhm_avg": 4.15582,
  "fwhm_x": 4.19953,
  "fwhm_y": 4.29837,
  "fwhm_z": 3.96956,
  "icvs_csf": 0.21173653496109524,
  "icvs_gm": 0.439095991917883,
  "icvs_wm": 0.34916747312102175,
  "inu_med": 0.5706926584243774,
  "inu_range": 0.27135096043348317,
  "provenance": {
    "md5sum": "a12abefa5fed12bb52ebf4d34bf66e34",
    "settings": {
      "testing": false
    },
    "software": "mriqc",
    "version": "22.0.6",
    "warnings": {
      "large_rot_frame": true,
      "small_air_mask": false
    },
    "webapi_port": null,
    "webapi_url": "https://mriqc.nimh.nih.gov/api/v1"
  },
  "qi_1": 0.0,
  "qi_2": 0.003963038191249578,
  "rpve_csf": 15.298068772719123,
  "rpve_gm": 7.515829725844345,
  "rpve_wm": 10.70100412523241,
  "size_x": 208,
  "size_y": 205,
  "size_z": 178,
  "snr_csf": 2.15199310607029,
  "snr_gm": 10.203440518070199,
  "snr_total": 11.587584132012823,
  "snr_wm": 22.407318771897984,
  "snrd_csf": 15.64129889934498,
  "snrd_gm": 37.74658005055094,
  "snrd_total": 36.585776892243736,
  "snrd_wm": 56.36945172683529,
  "spacing_x": 1.0,
  "spacing_y": 1.0,
  "spacing_z": 1.0,
  "summary_bg_k": 6.981378496783789,
  "summary_bg_mad": 0.0,
  "summary_bg_mean": 7.4368157279715525,
  "summary_bg_median": 0.0,
  "summary_bg_n": 1586692.0,
  "summary_bg_p05": 0.0,
  "summary_bg_p95": 30.915140509605408,
  "summary_bg_stdv": 11.622575028647336,
  "summary_csf_k": 0.024958880498616942,
  "summary_csf_mad": 132.4721077554358,
  "summary_csf_mean": 279.4210185362979,
  "summary_csf_median": 277.48751252889633,
  "summary_csf_n": 41136.0,
  "summary_csf_p05": 65.39101302623749,
  "summary_csf_p95": 490.92344626784325,
  "summary_csf_stdv": 128.94285716783543,
  "summary_gm_k": 0.09219825937223414,
  "summary_gm_mad": 65.17529025881962,
  "summary_gm_mean": 670.7810063902488,
  "summary_gm_median": 669.6505624055862,
  "summary_gm_n": 41781.0,
  "summary_gm_p05": 563.4608817100525,
  "summary_gm_p95": 778.4359169006348,
  "summary_gm_stdv": 65.62909318233082,
  "summary_wm_k": 0.5007398907094962,
  "summary_wm_mad": 42.57855828414937,
  "summary_wm_mean": 1000.7126200168176,
  "summary_wm_median": 1000.0332480669022,
  "summary_wm_n": 196236.0,
  "summary_wm_p05": 928.8851636648178,
  "summary_wm_p95": 1074.7087866067886,
  "summary_wm_stdv": 44.62964579593784,
  "tpm_overlap_csf": 0.13829213430235585,
  "tpm_overlap_gm": 0.47577662819636624,
  "tpm_overlap_wm": 0.4928910308901727,
  "wm2max": 0.5751598800346344
}