{
  "bids_meta": {
    "BaseResolution": 256,
    "ConversionSoftware": "dcm2nii",
    "DeviceSerialNumber": "100875",
    "EchoTime": 0.00309,
    "FlipAngle": 10,
    "InstitutionAddress": "19 Xinjiekouwai Avenue, Haidian Beijing, China",
    "InstitutionName": "Beijing Normal University",
    "InstitutionalDepartmentName": "State Key Laboratory of Cognitive Neuroscience and Learning",
    "InversionTime": 0.8,
    "MRAcquisitionType": "2D",
    "MagneticFieldStrength": 3,
    "Manufacturer": "Siemens",
    "Modality": "MR",
    "ReconMatrixPE": 256,
    "RepetitionTime": 2.53,
    "SliceThickness": 1.33,
    "dataset": "ds002731",
    "modality": "T1w",
    "subject_id": "5022"
  },
  "cjv": 0.33710167935995516,
  "cnr": 3.994388220564031,
  "efc": 0.6320752359904698,
  "fber": 12188.424432571983,
  "fwhm_avg": 4.096839999999999,
  "fwhm_x": 4.21474,
  "fwhm_y": 4.14874,
  "fwhm_z": 3.92704,
  "icvs_csf": 0.2671033890118544,
  "icvs_gm": 0.401583844693171,
  "icvs_wm": 0.33131276629497464,
  "inu_med": 0.5930041670799255,
  "inu_range": 0.25960852950811386,
  "provenance": {
    "md5sum": "417681293a1f5c1271314124e3ab7f22",
    "settings": {
      "testing": false
    },
    "software": "mriqc",
    "version": "22.0.6",
    "warnings": {
      "large_rot_frame": true,
      "small_air_mask": false
    },
    "webapi_port": null,
    "webapi_url": "https://mriqc.nimh.nih.gov/api/v1"
  },
  "qi_1": 0.0,
  "qi_2": 0.00433151793535978,
  "rpve_csf": 11.28168417102973,
  "rpve_gm": 7.1069266835281555,
  "rpve_wm": 9.99782883661957,
  "size_x": 208,
  "size_y": 186,
  "size_z": 170,
  "snr_csf": 2.188147122893678,
  "snr_gm": 9.92930474279152,
  "snr_total": 11.540879880289518,
  "snr_wm": 22.505187775183355,
  "snrd_csf": 14.106167195702465,
  "snrd_gm": 40.421318132193704,
  "snrd_total": 38.18837517569799,
  "snrd_wm": 60.0376401991978,
  "spacing_x": 1.0,
  "spacing_y": 1.0,
  "spacing_z": 1.0,
  "summary_bg_k": 5.3415274151136,
  "summary_bg_mad": 0.0,
  "summary_bg_mean": 6.941811059385465,
  "summary_bg_median": 0.0,
  "summary_bg_n": 1507159.0,
  "summary_bg_p05": 0.0,
  "summary_bg_p95": 29.324992932379246,
  "summary_bg_stdv": 10.912094789291777,
  "summary_csf_k": 0.4676663852086933,
  "summary_csf_mad": 97.70534959981694,
  "summary_csf_mean": 236.83827861252763,
  "summary_csf_median": 234.95539791882038,
  "summary_csf_n": 73792.0,
  "summary_csf_p05": 58.68553131073713,
  "summary_csf_p95": 420.111626021564,
  "summary_csf_stdv": 107.37568943325942,
  "summary_gm_k": 0.1866859155542926,
  "summary_gm_mad": 66.87599171637956,
  "summary_gm_mean": 670.9800824776163,
  "summary_gm_median": 673.2662922814488,
  "summary_gm_n": 27260.0,
  "summary_gm_p05": 555.0403616841883,
  "summary_gm_p95": 775.5323176342994,
  "summary_gm_stdv": 67.80474168433082,
  "summary_wm_k": 0.2664591122365887,
  "summary_wm_mad": 43.266500550943746,
  "summary_wm_mean": 1001.0338309823326,
  "summary_wm_median": 1000.0000317171216,
  "summary_wm_n": 186411.0,
  "summary_wm_p05": 930.0821394771338,
  "summary_wm_p95": 1075.6407407596707,
  "summary_wm_stdv": 44.43408157522674,
  "tpm_overlap_csf": 0.15489962633816315,
  "tpm_overlap_gm": 0.44352600038819306,
  "tpm_overlap_wm": 0.46473097905999106,
  "wm2max": 0.5207307592640581
}