{
  "bids_meta": {
    "BaseResolution": 256,
    "ConversionSoftware": "dcm2nii",
    "DeviceSerialNumber": "100875",
    "EchoTime": 0.00339,
    "FlipAngle": 7,
    "InstitutionAddress": "19 Xinjiekouwai Avenue, Haidian Beijing, China",
    "InstitutionName": "Beijing Normal University",
    "InstitutionalDepartmentName": "State Key Laboratory of Cognitive Neuroscience and Learning",
    "InversionTime": 1.1,
    "MRAcquisitionType": "2D",
    "MagneticFieldStrength": 3,
    "Manufacturer": "Siemens",
    "Modality": "MR",
    "ReconMatrixPE": 256,
    "RepetitionTime": 2.53,
    "SliceThickness": 1.33,
    "dataset": "ds002731",
    "modality": "T1w",
    "subject_id": "3630"
  },
  "cjv": 0.32482267469670406,
  "cnr": 4.096636823726685,
  "efc": 0.6326739612829975,
  "fber": 15121.191484001009,
  "fwhm_avg": 4.050142919688764,
  "fwhm_x": 3.5055487590662917,
  "fwhm_y": 4.70078,
  "fwhm_z": 3.9441,
  "icvs_csf": 0.24512172580139008,
  "icvs_gm": 0.41595886885291383,
  "icvs_wm": 0.33891940534569603,
  "inu_med": 0.5098249316215515,
  "inu_range": 0.19401444494724274,
  "provenance": {
    "md5sum": "e64a920be2fb409b97812f2bfad2151d",
    "settings": {
      "testing": false
    },
    "software": "mriqc",
    "version": "22.0.6",
    "warnings": {
      "large_rot_frame": true,
      "small_air_mask": false
    },
    "webapi_port": null,
    "webapi_url": "https://mriqc.nimh.nih.gov/api/v1"
  },
  "qi_1": 2.162167356558214e-05,
  "qi_2": 0.00543658957072212,
  "rpve_csf": 11.20316927579319,
  "rpve_gm": 6.540248910262744,
  "rpve_wm": 9.778008336463547,
  "size_x": 144,
  "size_y": 205,
  "size_z": 166,
  "snr_csf": 1.5418137346605223,
  "snr_gm": 8.328179551760115,
  "snr_total": 12.07158290950637,
  "snr_wm": 26.344755442098478,
  "snrd_csf": 20.449991047945634,
  "snrd_gm": 81.05966705548815,
  "snrd_total": 75.73220575166432,
  "snrd_wm": 125.68695915155921,
  "spacing_x": 1.3300000429153442,
  "spacing_y": 1.0,
  "spacing_z": 1.0,
  "summary_bg_k": 47.80190379775156,
  "summary_bg_mad": 5.21232610951036,
  "summary_bg_mean": 5.6340887824268915,
  "summary_bg_median": 3.515660535544157,
  "summary_bg_n": 1099755.0,
  "summary_bg_p05": 0.0,
  "summary_bg_p95": 22.37238522619009,
  "summary_bg_stdv": 8.643051887218974,
  "summary_csf_k": 0.8988590998439872,
  "summary_csf_mad": 94.36341034620054,
  "summary_csf_mean": 184.34412520375045,
  "summary_csf_median": 162.7020301092416,
  "summary_csf_n": 28255.0,
  "summary_csf_p05": 44.85206658560783,
  "summary_csf_p95": 392.01897867769003,
  "summary_csf_stdv": 105.52451781552503,
  "summary_gm_k": -0.07619627587896627,
  "summary_gm_mad": 78.70950888095027,
  "summary_gm_mean": 644.0243359454098,
  "summary_gm_median": 644.9182475917041,
  "summary_gm_n": 21586.0,
  "summary_gm_p05": 517.0475100935437,
  "summary_gm_p95": 771.4078327366151,
  "summary_gm_stdv": 77.436287854408,
  "summary_wm_k": 0.2971321500683981,
  "summary_wm_mad": 36.621667860326035,
  "summary_wm_mean": 999.4790775949555,
  "summary_wm_median": 999.9771327171475,
  "summary_wm_n": 144591.0,
  "summary_wm_p05": 936.3984665386379,
  "summary_wm_p95": 1061.2957314085215,
  "summary_wm_stdv": 37.957219870882234,
  "tpm_overlap_csf": 0.1688581259772097,
  "tpm_overlap_gm": 0.47400024050073924,
  "tpm_overlap_wm": 0.5086278705008231,
  "wm2max": 0.8186478726710008
}