{
  "bids_meta": {
    "BaseResolution": 256,
    "ConversionSoftware": "dcm2nii",
    "DeviceSerialNumber": "100875",
    "EchoTime": 0.00309,
    "FlipAngle": 10,
    "InstitutionAddress": "19 Xinjiekouwai Avenue, Haidian Beijing, China",
    "InstitutionName": "Beijing Normal University",
    "InstitutionalDepartmentName": "State Key Laboratory of Cognitive Neuroscience and Learning",
    "InversionTime": 0.8,
    "MRAcquisitionType": "2D",
    "MagneticFieldStrength": 3,
    "Manufacturer": "Siemens",
    "Modality": "MR",
    "ReconMatrixPE": 256,
    "RepetitionTime": 2.53,
    "SliceThickness": 1.33,
    "dataset": "ds002731",
    "modality": "T1w",
    "subject_id": "5031"
  },
  "cjv": 0.34588090356934065,
  "cnr": 3.862418453619903,
  "efc": 0.6412599903570191,
  "fber": 11710.057210881972,
  "fwhm_avg": 4.009803333333333,
  "fwhm_x": 4.12074,
  "fwhm_y": 4.05791,
  "fwhm_z": 3.85076,
  "icvs_csf": 0.2194754712667206,
  "icvs_gm": 0.4251509507484479,
  "icvs_wm": 0.3553735779848315,
  "inu_med": 0.5735962986946106,
  "inu_range": 0.2901723206043242,
  "provenance": {
    "md5sum": "031c263b0092a58bfcec769237d93e07",
    "settings": {
      "testing": false
    },
    "software": "mriqc",
    "version": "22.0.6",
    "warnings": {
      "large_rot_frame": true,
      "small_air_mask": false
    },
    "webapi_port": null,
    "webapi_url": "https://mriqc.nimh.nih.gov/api/v1"
  },
  "qi_1": 0.0,
  "qi_2": 0.005499366668235379,
  "rpve_csf": 13.674093729817763,
  "rpve_gm": 7.252870821086974,
  "rpve_wm": 10.08317687000691,
  "size_x": 208,
  "size_y": 202,
  "size_z": 176,
  "snr_csf": 2.2094695661420185,
  "snr_gm": 10.824566974061254,
  "snr_total": 11.631422754968481,
  "snr_wm": 21.860231724702167,
  "snrd_csf": 14.664531118372595,
  "snrd_gm": 38.61652975445236,
  "snrd_total": 36.34079724066068,
  "snrd_wm": 55.74133084915707,
  "spacing_x": 1.0,
  "spacing_y": 1.0,
  "spacing_z": 1.0,
  "summary_bg_k": 5.7883533058596015,
  "summary_bg_mad": 0.0,
  "summary_bg_mean": 7.693808625488936,
  "summary_bg_median": 0.0,
  "summary_bg_n": 1703909.0,
  "summary_bg_p05": 0.0,
  "summary_bg_p95": 32.13015117868781,
  "summary_bg_stdv": 11.753153173249746,
  "summary_csf_k": 1.1806346001469015,
  "summary_csf_mad": 112.3599738647241,
  "summary_csf_mean": 268.1528797159731,
  "summary_csf_median": 263.0818260870874,
  "summary_csf_n": 40390.0,
  "summary_csf_p05": 84.75392819568515,
  "summary_csf_p95": 472.98399018868804,
  "summary_csf_stdv": 119.06865490660202,
  "summary_gm_k": 0.20983381856059147,
  "summary_gm_mad": 62.19632783123114,
  "summary_gm_mean": 692.5181755843334,
  "summary_gm_median": 692.7809067294002,
  "summary_gm_n": 28826.0,
  "summary_gm_p05": 585.9027567878366,
  "summary_gm_p95": 795.9902158789337,
  "summary_gm_stdv": 63.999686240315526,
  "summary_wm_k": 0.36870244164794874,
  "summary_wm_mad": 44.06488950587224,
  "summary_wm_mean": 1001.2805209858687,
  "summary_wm_median": 999.9999993145466,
  "summary_wm_n": 221683.0,
  "summary_wm_p05": 928.2908383794129,
  "summary_wm_p95": 1078.231543879956,
  "summary_wm_stdv": 45.74506603738775,
  "tpm_overlap_csf": 0.17132516885451304,
  "tpm_overlap_gm": 0.46350548591344104,
  "tpm_overlap_wm": 0.5147962201854055,
  "wm2max": 0.532562987997295
}