{
  "bids_meta": {
    "BaseResolution": 256,
    "ConversionSoftware": "dcm2nii",
    "DeviceSerialNumber": "100875",
    "EchoTime": 0.00339,
    "FlipAngle": 7,
    "InstitutionAddress": "19 Xinjiekouwai Avenue, Haidian Beijing, China",
    "InstitutionName": "Beijing Normal University",
    "InstitutionalDepartmentName": "State Key Laboratory of Cognitive Neuroscience and Learning",
    "InversionTime": 1.1,
    "MRAcquisitionType": "2D",
    "MagneticFieldStrength": 3,
    "Manufacturer": "Siemens",
    "Modality": "MR",
    "ReconMatrixPE": 256,
    "RepetitionTime": 2.53,
    "SliceThickness": 1.33,
    "dataset": "ds002731",
    "modality": "T1w",
    "subject_id": "3368"
  },
  "cjv": 0.3317580185530867,
  "cnr": 3.9362314657004194,
  "efc": 0.6245156006708523,
  "fber": 4586.342878144943,
  "fwhm_avg": 4.039131415185118,
  "fwhm_x": 3.5747442455553533,
  "fwhm_y": 4.67694,
  "fwhm_z": 3.86571,
  "icvs_csf": 0.24746984700918995,
  "icvs_gm": 0.40785083507136016,
  "icvs_wm": 0.3446793179194499,
  "inu_med": 0.5571511089801788,
  "inu_range": 0.20619969815015793,
  "provenance": {
    "md5sum": "360bd73355f8b1d06b80e100c66c9e56",
    "settings": {
      "testing": false
    },
    "software": "mriqc",
    "version": "22.0.6",
    "warnings": {
      "large_rot_frame": true,
      "small_air_mask": false
    },
    "webapi_port": null,
    "webapi_url": "https://mriqc.nimh.nih.gov/api/v1"
  },
  "qi_1": 1.849620785702095e-05,
  "qi_2": 0.004941137494873275,
  "rpve_csf": 14.186975667972566,
  "rpve_gm": 8.312696937056124,
  "rpve_wm": 12.012472427076665,
  "size_x": 144,
  "size_y": 198,
  "size_z": 200,
  "snr_csf": 1.3985453426082257,
  "snr_gm": 8.055838632202358,
  "snr_total": 12.006992414276366,
  "snr_wm": 26.56659326801851,
  "snrd_csf": 17.439640651598214,
  "snrd_gm": 74.30861627148276,
  "snrd_total": 68.76856662550516,
  "snrd_wm": 114.55744295343447,
  "spacing_x": 1.3300000429153442,
  "spacing_y": 1.0,
  "spacing_z": 1.0,
  "summary_bg_k": 159.79247548936704,
  "summary_bg_mad": 5.718846359521861,
  "summary_bg_mean": 5.3992897259721335,
  "summary_bg_median": 3.8573032524436712,
  "summary_bg_n": 1045509.0,
  "summary_bg_p05": 0.0,
  "summary_bg_p95": 19.567047407850623,
  "summary_bg_stdv": 8.193491645403153,
  "summary_csf_k": 0.48079722303497796,
  "summary_csf_mad": 102.97389414629968,
  "summary_csf_mean": 175.325305458371,
  "summary_csf_median": 152.23490169644356,
  "summary_csf_n": 29209.0,
  "summary_csf_p05": 35.8565559308976,
  "summary_csf_p95": 384.0190852560102,
  "summary_csf_stdv": 108.85045416648653,
  "summary_gm_k": 0.07526889515711765,
  "summary_gm_mad": 81.13829895539804,
  "summary_gm_mean": 648.2571387801358,
  "summary_gm_median": 648.6581414882094,
  "summary_gm_n": 15115.0,
  "summary_gm_p05": 517.7436068598181,
  "summary_gm_p95": 778.1676826288923,
  "summary_gm_stdv": 80.51758647564768,
  "summary_wm_k": 0.5715974233567067,
  "summary_wm_mad": 35.42218775412935,
  "summary_wm_mean": 1000.3378893507557,
  "summary_wm_median": 1000.0000237971544,
  "summary_wm_n": 138612.0,
  "summary_wm_p05": 939.4181540180929,
  "summary_wm_p95": 1062.0441621728241,
  "summary_wm_stdv": 37.64112344065904,
  "tpm_overlap_csf": 0.15932692054787623,
  "tpm_overlap_gm": 0.47316643591392094,
  "tpm_overlap_wm": 0.5302652799700965,
  "wm2max": 0.782769410946621
}