{
  "bids_meta": {
    "BaseResolution": 256,
    "ConversionSoftware": "dcm2nii",
    "DeviceSerialNumber": "100875",
    "EchoTime": 0.00339,
    "FlipAngle": 7,
    "InstitutionAddress": "19 Xinjiekouwai Avenue, Haidian Beijing, China",
    "InstitutionName": "Beijing Normal University",
    "InstitutionalDepartmentName": "State Key Laboratory of Cognitive Neuroscience and Learning",
    "InversionTime": 1.1,
    "MRAcquisitionType": "2D",
    "MagneticFieldStrength": 3,
    "Manufacturer": "Siemens",
    "Modality": "MR",
    "ReconMatrixPE": 256,
    "RepetitionTime": 2.53,
    "SliceThickness": 1.33,
    "dataset": "ds002731",
    "modality": "T1w",
    "subject_id": "3913"
  },
  "cjv": 0.29668961810916555,
  "cnr": 4.424861387394168,
  "efc": 0.6206008500300733,
  "fber": 11760.447260329136,
  "fwhm_avg": 4.11124163960601,
  "fwhm_x": 3.681014918818028,
  "fwhm_y": 4.7244,
  "fwhm_z": 3.92831,
  "icvs_csf": 0.19777595346060506,
  "icvs_gm": 0.46274627604608015,
  "icvs_wm": 0.3394777704933148,
  "inu_med": 0.5524289608001709,
  "inu_range": 0.2702520355582237,
  "provenance": {
    "md5sum": "3239995223cbcbafcdee8e291d17bc76",
    "settings": {
      "testing": false
    },
    "software": "mriqc",
    "version": "22.0.6",
    "warnings": {
      "large_rot_frame": true,
      "small_air_mask": false
    },
    "webapi_port": null,
    "webapi_url": "https://mriqc.nimh.nih.gov/api/v1"
  },
  "qi_1": 5.683863511490877e-05,
  "qi_2": 0.007015036450806952,
  "rpve_csf": 16.25482702389742,
  "rpve_gm": 7.5962788405840715,
  "rpve_wm": 11.906762311003373,
  "size_x": 144,
  "size_y": 215,
  "size_z": 200,
  "snr_csf": 1.317268836758609,
  "snr_gm": 8.84660312240286,
  "snr_total": 12.254114016402388,
  "snr_wm": 26.598470090045694,
  "snrd_csf": 10.419455165464608,
  "snrd_gm": 47.16907776225075,
  "snrd_total": 43.84034909242656,
  "snrd_wm": 73.93251434956431,
  "spacing_x": 1.3300000429153442,
  "spacing_y": 1.0,
  "spacing_z": 1.0,
  "summary_bg_k": 733.6255179100483,
  "summary_bg_mad": 0.0,
  "summary_bg_mean": 4.854685711825908,
  "summary_bg_median": 0.0,
  "summary_bg_n": 1318081.0,
  "summary_bg_p05": 0.0,
  "summary_bg_p95": 20.96295277774334,
  "summary_bg_stdv": 8.861275533176602,
  "summary_csf_k": 6.184254730226401,
  "summary_csf_mad": 83.21097527179866,
  "summary_csf_mean": 166.72598278302502,
  "summary_csf_median": 140.9319694750011,
  "summary_csf_n": 22595.0,
  "summary_csf_p05": 39.62824201211333,
  "summary_csf_p95": 380.4646846938878,
  "summary_csf_stdv": 106.98564093672977,
  "summary_gm_k": 0.05514917137096509,
  "summary_gm_mad": 71.65176895529305,
  "summary_gm_mean": 639.1871295591021,
  "summary_gm_median": 638.0017881728709,
  "summary_gm_n": 36317.0,
  "summary_gm_p05": 521.8794216774404,
  "summary_gm_p95": 759.2358106411994,
  "summary_gm_stdv": 72.11728564006366,
  "summary_wm_k": 0.5926260853261356,
  "summary_wm_mad": 35.74933344243788,
  "summary_wm_mean": 999.903642062216,
  "summary_wm_median": 999.999970253557,
  "summary_wm_n": 154573.0,
  "summary_wm_p05": 938.3761176913977,
  "summary_wm_p95": 1060.8338396199047,
  "summary_wm_stdv": 37.59602458883855,
  "tpm_overlap_csf": 0.1703927925747701,
  "tpm_overlap_gm": 0.47923564479317854,
  "tpm_overlap_wm": 0.510740229022326,
  "wm2max": 0.7583202670649885
}