{
  "bids_meta": {
    "BaseResolution": 256,
    "ConversionSoftware": "dcm2nii",
    "DeviceSerialNumber": "100875",
    "EchoTime": 0.00339,
    "FlipAngle": 7,
    "InstitutionAddress": "19 Xinjiekouwai Avenue, Haidian Beijing, China",
    "InstitutionName": "Beijing Normal University",
    "InstitutionalDepartmentName": "State Key Laboratory of Cognitive Neuroscience and Learning",
    "InversionTime": 1.1,
    "MRAcquisitionType": "2D",
    "MagneticFieldStrength": 3,
    "Manufacturer": "Siemens",
    "Modality": "MR",
    "ReconMatrixPE": 256,
    "RepetitionTime": 2.53,
    "SliceThickness": 1.33,
    "dataset": "ds002731",
    "modality": "T1w",
    "subject_id": "3592"
  },
  "cjv": 0.32191332712769677,
  "cnr": 4.0871113505707255,
  "efc": 0.6140008647665185,
  "fber": 13113.866038781163,
  "fwhm_avg": 4.045068483290099,
  "fwhm_x": 3.5342254498702994,
  "fwhm_y": 4.68317,
  "fwhm_z": 3.91781,
  "icvs_csf": 0.25276929900230893,
  "icvs_gm": 0.4214559619882145,
  "icvs_wm": 0.32577473900947657,
  "inu_med": 0.5450268387794495,
  "inu_range": 0.18237254917621615,
  "provenance": {
    "md5sum": "63d5c6d93e05e94cfc6dde28eb1d1f96",
    "settings": {
      "testing": false
    },
    "software": "mriqc",
    "version": "22.0.6",
    "warnings": {
      "large_rot_frame": true,
      "small_air_mask": false
    },
    "webapi_port": null,
    "webapi_url": "https://mriqc.nimh.nih.gov/api/v1"
  },
  "qi_1": 0.0,
  "qi_2": 0.004958102891474385,
  "rpve_csf": 15.32467901303134,
  "rpve_gm": 9.051646218029893,
  "rpve_wm": 13.732914345333132,
  "size_x": 144,
  "size_y": 213,
  "size_z": 200,
  "snr_csf": 1.34695587059051,
  "snr_gm": 7.90043320301392,
  "snr_total": 11.26737730241407,
  "snr_wm": 24.554742833637782,
  "snrd_csf": 10.121149665181544,
  "snrd_gm": 50.603956654874764,
  "snrd_total": 46.942975510863256,
  "snrd_wm": 80.10382021253348,
  "spacing_x": 1.3300000429153442,
  "spacing_y": 1.0,
  "spacing_z": 1.0,
  "summary_bg_k": 45.431952536455064,
  "summary_bg_mad": 0.0,
  "summary_bg_mean": 5.327669159120671,
  "summary_bg_median": 0.0,
  "summary_bg_n": 1413261.0,
  "summary_bg_p05": 0.0,
  "summary_bg_p95": 21.56165388971567,
  "summary_bg_stdv": 8.178591073707125,
  "summary_csf_k": 2.096835168684538,
  "summary_csf_mad": 71.0311995017467,
  "summary_csf_mean": 149.30866210024033,
  "summary_csf_median": 126.35039711929858,
  "summary_csf_n": 32955.0,
  "summary_csf_p05": 37.19608964584768,
  "summary_csf_p95": 344.4407108299434,
  "summary_csf_stdv": 93.80298408387917,
  "summary_gm_k": 0.024166691315894884,
  "summary_gm_mad": 80.21684014693055,
  "summary_gm_mean": 634.3472624810669,
  "summary_gm_median": 631.7296187356114,
  "summary_gm_n": 22118.0,
  "summary_gm_p05": 506.9985823441297,
  "summary_gm_p95": 770.2095645109191,
  "summary_gm_stdv": 79.95958214536708,
  "summary_wm_k": 0.5875636285683359,
  "summary_wm_mad": 38.334298143799806,
  "summary_wm_mean": 999.4915216223337,
  "summary_wm_median": 999.9999831486493,
  "summary_wm_n": 129644.0,
  "summary_wm_p05": 932.1870159852318,
  "summary_wm_p95": 1065.2441163398325,
  "summary_wm_stdv": 40.72517204521728,
  "tpm_overlap_csf": 0.16152634387571996,
  "tpm_overlap_gm": 0.4639588760900532,
  "tpm_overlap_wm": 0.49779989802986413,
  "wm2max": 0.811238931630135
}